{
  "aor": 0.002986410256410256,
  "aqi": 0.007403555512820512,
  "bids_meta": {
    "AcquisitionMatrixPE": 64,
    "AcquisitionNumber": 1,
    "AcquisitionTime": "11:15:35",
    "BandwidthPerPixelPhaseEncode": 31.25,
    "BaseResolution": 64,
    "BodyPartExamined": "BRAIN",
    "ConsistencyInfo": "N4_VE11C_LATEST_20160120",
    "ConversionSoftware": "mcverter",
    "ConversionSoftwareVersion": "version 2.1.0 build 440",
    "DelayTime": 5,
    "DerivedVendorReportedEchoSpacing": 0.0005,
    "DeviceSerialNumber": "Scanner1",
    "DwellTime": 3.4e-06,
    "EchoTime": 0.027,
    "EchoTrainLength": 64,
    "EffectiveEchoSpacing": 0.0005,
    "FlipAngle": 90,
    "ImageOrientationPatientDICOM": [
      0.99998,
      -0.00622828,
      -0.000908448,
      0.00628308,
      0.996334,
      0.0853116
    ],
    "ImageType": [
      "ORIGINAL",
      "PRIMARY",
      "M",
      "ND",
      "NORM",
      "MOSAIC"
    ],
    "InPlanePhaseEncodingDirectionDICOM": "COL",
    "InstitutionAddress": "Franklin Blvd 1440, Eugene, Oregon, 97403, USA",
    "InstitutionName": "Lewis Center for Neuroimaging, University of Oregon",
    "InstitutionalDepartmentName": "Department of Geography",
    "Instructions": "Listen to the map and remember the general spatial distribution - where features are located and patterns that they make; After listening to the map you will be shown two squares and asked to decide:Does the area inside the black rectangle have higher density (louder) than the area inside the red dotted rectangle?",
    "MRAcquisitionType": "2D",
    "MagneticFieldStrength": 3,
    "Manufacturer": "Siemens",
    "ManufacturersModelName": "Skyra",
    "Modality": "MR",
    "Orientation": "tra",
    "PartialFourier": 1,
    "ParticipantLabel": "19",
    "PatientPosition": "HFS",
    "PercentPhaseFOV": 100,
    "PhaseEncodingDirection": "j-",
    "PhaseEncodingSteps": 64,
    "PhaseResolution": 1,
    "PixelBandwidth": 2300,
    "ProtocolName": "Audio Cartography",
    "PulseSequenceDetails": "%CustomerSeq%_cmrr_mbep2d_bold",
    "ReceiveCoilActiveElements": "HE1-4",
    "ReceiveCoilName": "HeadNeck_20",
    "ReconMatrixPE": 64,
    "RepetitionTime": 7,
    "ResponseInputDevice": "button box",
    "SAR": 0.0202581,
    "ScanOptions": "FS",
    "ScanningSequence": "EP",
    "SequenceName": "epfid2d1_64",
    "SequenceVariant": "SK_SS",
    "SeriesDescription": "functional_run-1",
    "SeriesNumber": 5,
    "ShimSetting": [
      -5096,
      7704,
      9074,
      577,
      -137,
      44,
      248,
      -500
    ],
    "SliceThickness": 4,
    "SliceTiming": [
      1.92,
      1.86,
      1.8,
      1.74,
      1.68,
      1.62,
      1.56,
      1.5,
      1.44,
      1.38,
      1.32,
      1.26,
      1.2,
      1.14,
      1.08,
      1.02,
      0.96,
      0.9,
      0.84,
      0.78,
      0.72,
      0.66,
      0.6,
      0.54,
      0.48,
      0.42,
      0.36,
      0.3,
      0.24,
      0.18,
      0.12,
      0.06,
      0
    ],
    "SoftwareVersions": "syngo_MR_E11",
    "SpacingBetweenSlices": 3.999999943604,
    "TaskDescription": "Listen to an auditory map (sonification of geospatial data), and based on information gleaned from the map make a relative value judgement about the data contained in the map.",
    "TaskName": "map listening",
    "TotalReadoutTime": 0.0315,
    "TxRefAmp": 366.544,
    "dataset": "ds001415",
    "modality": "bold",
    "run_id": 1,
    "subject_id": "19",
    "task_id": "maplistening"
  },
  "dummy_trs": 0,
  "dvars_nstd": 20.861833485454543,
  "dvars_std": 1.2460602351948051,
  "dvars_vstd": 0.9796942406493505,
  "efc": 0.5349615512239843,
  "fber": 1999.4610595703125,
  "fd_mean": 0.1919401065043844,
  "fd_num": 22,
  "fd_perc": 28.205128205128204,
  "fwhm_avg": 1.640267071040718,
  "fwhm_x": 1.6011907692307692,
  "fwhm_y": 1.8205384615384617,
  "fwhm_z": 1.4990719823529224,
  "gcor": 0.0512144,
  "gsr_x": -0.020667048171162605,
  "gsr_y": 0.06382022798061371,
  "provenance": {
    "md5sum": "1aa77e304a91bd0467cc13792a4fb97a",
    "settings": {
      "fd_thres": 0.2,
      "testing": false
    },
    "software": "mriqc",
    "version": "23.0.1",
    "webapi_port": null,
    "webapi_url": "https://mriqc.nimh.nih.gov/api/v1"
  },
  "size_t": 78,
  "size_x": 64,
  "size_y": 64,
  "size_z": 33,
  "snr": 4.237507442892371,
  "spacing_tr": 7.0,
  "spacing_x": 3.25,
  "spacing_y": 3.25,
  "spacing_z": 3.999934673309326,
  "summary_bg_k": 46.30041966291031,
  "summary_bg_mad": 246.23245684944092,
  "summary_bg_mean": 930.2145385742188,
  "summary_bg_median": 347.9570617675781,
  "summary_bg_n": 77095.0,
  "summary_bg_p05": 137.53273162841796,
  "summary_bg_p95": 3421.10466308594,
  "summary_bg_stdv": 1807.8265380859375,
  "summary_fg_k": 5.027864806398071,
  "summary_fg_mad": 3208.090587174901,
  "summary_fg_mean": 16594.013671875,
  "summary_fg_median": 15905.1796875,
  "summary_fg_n": 26722.0,
  "summary_fg_p05": 12025.27470703125,
  "summary_fg_p95": 22803.02089843749,
  "summary_fg_stdv": 3753.35791015625,
  "tsnr": 81.15210723876953
}