{
  "aor": 0.0019075581395348838,
  "aqi": 0.00396385011627907,
  "bids_meta": {
    "AcquisitionMatrixPE": 64,
    "AcquisitionNumber": 1,
    "AcquisitionTime": "17:36:35",
    "BandwidthPerPixelPhaseEncode": 31.25,
    "BaseResolution": 64,
    "BodyPartExamined": "BRAIN",
    "ConsistencyInfo": "N4_VE11C_LATEST_20160120",
    "ConversionSoftware": "mcverter",
    "ConversionSoftwareVersion": "version 2.1.0 build 440",
    "DelayTime": 5,
    "DerivedVendorReportedEchoSpacing": 0.0005,
    "DeviceSerialNumber": "Scanner1",
    "DwellTime": 3.4e-06,
    "EchoTime": 0.027,
    "EchoTrainLength": 64,
    "EffectiveEchoSpacing": 0.0005,
    "FlipAngle": 90,
    "ImageOrientationPatientDICOM": [
      0.998741,
      0.0498378,
      0.00574257,
      -0.0500698,
      0.997386,
      0.0520918
    ],
    "ImageType": [
      "ORIGINAL",
      "PRIMARY",
      "M",
      "ND",
      "NORM",
      "MOSAIC"
    ],
    "InPlanePhaseEncodingDirectionDICOM": "COL",
    "InstitutionAddress": "Franklin Blvd 1440, Eugene, Oregon, 97403, USA",
    "InstitutionName": "Lewis Center for Neuroimaging, University of Oregon",
    "InstitutionalDepartmentName": "Department of Geography",
    "Instructions": "Listen to the map and remember the general spatial distribution - where features are located and patterns that they make; After listening to the map you will be shown two squares and asked to decide:Does the area inside the black rectangle have higher density (louder) than the area inside the red dotted rectangle?",
    "MRAcquisitionType": "2D",
    "MagneticFieldStrength": 3,
    "Manufacturer": "Siemens",
    "ManufacturersModelName": "Skyra",
    "Modality": "MR",
    "Orientation": "tra",
    "PartialFourier": 1,
    "ParticipantLabel": "15",
    "PatientPosition": "HFS",
    "PercentPhaseFOV": 100,
    "PhaseEncodingDirection": "j-",
    "PhaseEncodingSteps": 64,
    "PhaseResolution": 1,
    "PixelBandwidth": 2300,
    "ProtocolName": "Audio Cartography",
    "PulseSequenceDetails": "%CustomerSeq%_cmrr_mbep2d_bold",
    "ReceiveCoilActiveElements": "HE1-4",
    "ReceiveCoilName": "HeadNeck_20",
    "ReconMatrixPE": 64,
    "RepetitionTime": 7,
    "ResponseInputDevice": "button box",
    "SAR": 0.0195634,
    "ScanOptions": "FS",
    "ScanningSequence": "EP",
    "SequenceName": "epfid2d1_64",
    "SequenceVariant": "SK_SS",
    "SeriesDescription": "functional_run-1",
    "SeriesNumber": 5,
    "ShimSetting": [
      -5075,
      7663,
      9057,
      483,
      -107,
      -22,
      401,
      -389
    ],
    "SliceThickness": 4,
    "SliceTiming": [
      1.92,
      1.86,
      1.8,
      1.74,
      1.68,
      1.62,
      1.56,
      1.5,
      1.44,
      1.38,
      1.32,
      1.26,
      1.2,
      1.14,
      1.08,
      1.02,
      0.96,
      0.9,
      0.84,
      0.78,
      0.72,
      0.66,
      0.6,
      0.54,
      0.48,
      0.42,
      0.36,
      0.3,
      0.24,
      0.18,
      0.12,
      0.06,
      0
    ],
    "SoftwareVersions": "syngo_MR_E11",
    "SpacingBetweenSlices": 4.0000001069228,
    "TaskDescription": "Listen to an auditory map (sonification of geospatial data), and based on information gleaned from the map make a relative value judgement about the data contained in the map.",
    "TaskName": "map listening",
    "TotalReadoutTime": 0.0315,
    "TxRefAmp": 380.237,
    "dataset": "ds001415",
    "modality": "bold",
    "run_id": 1,
    "subject_id": "15",
    "task_id": "maplistening"
  },
  "dummy_trs": 0,
  "dvars_nstd": 22.88062612917647,
  "dvars_std": 1.5262042223529417,
  "dvars_vstd": 0.9919496970588235,
  "efc": 0.5066207122866923,
  "fber": 2348.876708984375,
  "fd_mean": 0.09784985826702863,
  "fd_num": 3,
  "fd_perc": 3.488372093023256,
  "fwhm_avg": 1.6993366203119207,
  "fwhm_x": 1.6280553846153845,
  "fwhm_y": 1.8313015384615385,
  "fwhm_z": 1.638652937858839,
  "gcor": 0.0482019,
  "gsr_x": -0.009619521908462048,
  "gsr_y": 0.03921737149357796,
  "provenance": {
    "md5sum": "420b933cf62ed2c583c9b438d9219ae1",
    "settings": {
      "fd_thres": 0.2,
      "testing": false
    },
    "software": "mriqc",
    "version": "23.0.1",
    "webapi_port": null,
    "webapi_url": "https://mriqc.nimh.nih.gov/api/v1"
  },
  "size_t": 86,
  "size_x": 64,
  "size_y": 64,
  "size_z": 33,
  "snr": 5.20748054931928,
  "spacing_tr": 7.0,
  "spacing_x": 3.25,
  "spacing_y": 3.25,
  "spacing_z": 3.999870777130127,
  "summary_bg_k": 29.37665927390602,
  "summary_bg_mad": 265.00996595625224,
  "summary_bg_mean": 845.585693359375,
  "summary_bg_median": 356.3812561035156,
  "summary_bg_n": 81653.0,
  "summary_bg_p05": 139.72396850585938,
  "summary_bg_p95": 3294.228271484373,
  "summary_bg_stdv": 1352.0546875,
  "summary_fg_k": 2.5441373431082432,
  "summary_fg_mad": 2795.985084579504,
  "summary_fg_mean": 17763.72265625,
  "summary_fg_median": 17263.34765625,
  "summary_fg_n": 23630.0,
  "summary_fg_p05": 13314.37392578125,
  "summary_fg_p95": 23573.608496093748,
  "summary_fg_stdv": 3315.035400390625,
  "tsnr": 91.97067260742188
}