{
  "aor": 0.011088142857142857,
  "aqi": 0.012537710428571427,
  "bids_meta": {
    "AcquisitionMatrixPE": 64,
    "AcquisitionNumber": 1,
    "AcquisitionTime": "11:05:20",
    "BandwidthPerPixelPhaseEncode": 31.25,
    "BaseResolution": 64,
    "BodyPartExamined": "BRAIN",
    "ConsistencyInfo": "N4_VE11C_LATEST_20160120",
    "ConversionSoftware": "mcverter",
    "ConversionSoftwareVersion": "version 2.1.0 build 440",
    "DelayTime": 5,
    "DerivedVendorReportedEchoSpacing": 0.0005,
    "DeviceSerialNumber": "Scanner1",
    "DwellTime": 3.4e-06,
    "EchoTime": 0.027,
    "EchoTrainLength": 64,
    "EffectiveEchoSpacing": 0.0005,
    "FlipAngle": 90,
    "ImageOrientationPatientDICOM": [
      0.99616,
      0.087225,
      -0.00759485,
      -0.0841751,
      0.977964,
      0.191054
    ],
    "ImageType": [
      "ORIGINAL",
      "PRIMARY",
      "M",
      "ND",
      "NORM",
      "MOSAIC"
    ],
    "InPlanePhaseEncodingDirectionDICOM": "COL",
    "InstitutionAddress": "Franklin Blvd 1440, Eugene, Oregon, 97403, USA",
    "InstitutionName": "Lewis Center for Neuroimaging, University of Oregon",
    "InstitutionalDepartmentName": "Department of Geography",
    "Instructions": "Listen to the map and remember the general spatial distribution - where features are located and patterns that they make; After listening to the map you will be shown two squares and asked to decide:Does the area inside the black rectangle have higher density (louder) than the area inside the red dotted rectangle?",
    "MRAcquisitionType": "2D",
    "MagneticFieldStrength": 3,
    "Manufacturer": "Siemens",
    "ManufacturersModelName": "Skyra",
    "Modality": "MR",
    "Orientation": "tra",
    "PartialFourier": 1,
    "ParticipantLabel": "04",
    "PatientPosition": "HFS",
    "PercentPhaseFOV": 100,
    "PhaseEncodingDirection": "j-",
    "PhaseEncodingSteps": 64,
    "PhaseResolution": 1,
    "PixelBandwidth": 2300,
    "ProtocolName": "Audio Cartography",
    "PulseSequenceDetails": "%CustomerSeq%_cmrr_mbep2d_bold",
    "ReceiveCoilActiveElements": "HE1-4",
    "ReceiveCoilName": "HeadNeck_20",
    "ReconMatrixPE": 64,
    "RepetitionTime": 7,
    "ResponseInputDevice": "button box",
    "SAR": 0.0226569,
    "ScanOptions": "FS",
    "ScanningSequence": "EP",
    "SequenceName": "epfid2d1_64",
    "SequenceVariant": "SK_SS",
    "SeriesDescription": "functional_run-2",
    "SeriesNumber": 12,
    "ShimSetting": [
      -5085,
      7608,
      8960,
      202,
      -10,
      -218,
      -164,
      -522
    ],
    "SliceThickness": 4,
    "SliceTiming": [
      1.92,
      1.86,
      1.8,
      1.74,
      1.68,
      1.62,
      1.56,
      1.5,
      1.44,
      1.38,
      1.32,
      1.26,
      1.2,
      1.14,
      1.08,
      1.02,
      0.96,
      0.9,
      0.84,
      0.78,
      0.72,
      0.66,
      0.6,
      0.54,
      0.48,
      0.42,
      0.36,
      0.3,
      0.24,
      0.18,
      0.12,
      0.06,
      0
    ],
    "SoftwareVersions": "syngo_MR_E11",
    "SpacingBetweenSlices": 3.9999999814408,
    "TaskDescription": "Listen to an auditory map (sonification of geospatial data), and based on information gleaned from the map make a relative value judgement about the data contained in the map.",
    "TaskName": "map listening",
    "TotalReadoutTime": 0.0315,
    "TxRefAmp": 356,
    "dataset": "ds001415",
    "modality": "bold",
    "run_id": 2,
    "subject_id": "04",
    "task_id": "maplistening"
  },
  "dummy_trs": 0,
  "dvars_nstd": 28.048901308840577,
  "dvars_std": 1.2600848971014493,
  "dvars_vstd": 0.9379080613043481,
  "efc": 0.5281664296061735,
  "fber": 1789.119384765625,
  "fd_mean": 0.3627796371607218,
  "fd_num": 27,
  "fd_perc": 38.57142857142857,
  "fwhm_avg": 1.6972644707784859,
  "fwhm_x": 1.6725753846153848,
  "fwhm_y": 1.8334923076923078,
  "fwhm_z": 1.5857257200277641,
  "gcor": 0.00948552,
  "gsr_x": -0.001426204340532422,
  "gsr_y": 0.03976549580693245,
  "provenance": {
    "md5sum": "9f490bb816db13480c87a236ca3accf3",
    "settings": {
      "fd_thres": 0.2,
      "testing": false
    },
    "software": "mriqc",
    "version": "23.0.1",
    "webapi_port": null,
    "webapi_url": "https://mriqc.nimh.nih.gov/api/v1"
  },
  "size_t": 70,
  "size_x": 64,
  "size_y": 64,
  "size_z": 33,
  "snr": 4.767816115616082,
  "spacing_tr": 7.0,
  "spacing_x": 3.25,
  "spacing_y": 3.25,
  "spacing_z": 4.000300884246826,
  "summary_bg_k": 36.56206788302017,
  "summary_bg_mad": 315.8900344922385,
  "summary_bg_mean": 998.8963012695312,
  "summary_bg_median": 401.57080078125,
  "summary_bg_n": 79347.0,
  "summary_bg_p05": 147.0171890258789,
  "summary_bg_p95": 3771.718847656248,
  "summary_bg_stdv": 1841.145263671875,
  "summary_fg_k": 3.005097763446199,
  "summary_fg_mad": 3305.092443457342,
  "summary_fg_mean": 17518.46484375,
  "summary_fg_median": 16948.6328125,
  "summary_fg_n": 25290.0,
  "summary_fg_p05": 12770.553125,
  "summary_fg_p95": 23457.70390625,
  "summary_fg_stdv": 3554.729736328125,
  "tsnr": 51.870941162109375
}