{
  "aor": 0.0067624999999999985,
  "aqi": 0.005751242941176469,
  "bids_meta": {
    "AcquisitionMatrixPE": 64,
    "AcquisitionNumber": 1,
    "AcquisitionTime": "16:38:57",
    "BandwidthPerPixelPhaseEncode": 31.25,
    "BaseResolution": 64,
    "BodyPartExamined": "BRAIN",
    "ConsistencyInfo": "N4_VE11C_LATEST_20160120",
    "ConversionSoftware": "mcverter",
    "ConversionSoftwareVersion": "version 2.1.0 build 440",
    "DelayTime": 5,
    "DerivedVendorReportedEchoSpacing": 0.0005,
    "DeviceSerialNumber": "Scanner1",
    "DwellTime": 3.4e-06,
    "EchoTime": 0.027,
    "EchoTrainLength": 64,
    "EffectiveEchoSpacing": 0.0005,
    "FlipAngle": 90,
    "ImageOrientationPatientDICOM": [
      0.995404,
      -0.00449393,
      0.0956634,
      0.00660186,
      0.999742,
      -0.0217298
    ],
    "ImageType": [
      "ORIGINAL",
      "PRIMARY",
      "M",
      "ND",
      "NORM",
      "MOSAIC"
    ],
    "InPlanePhaseEncodingDirectionDICOM": "COL",
    "InstitutionAddress": "Franklin Blvd 1440, Eugene, Oregon, 97403, USA",
    "InstitutionName": "Lewis Center for Neuroimaging, University of Oregon",
    "InstitutionalDepartmentName": "Department of Geography",
    "Instructions": "Listen to the map and remember the general spatial distribution - where features are located and patterns that they make; After listening to the map you will be shown two squares and asked to decide:Does the area inside the black rectangle have higher density (louder) than the area inside the red dotted rectangle?",
    "MRAcquisitionType": "2D",
    "MagneticFieldStrength": 3,
    "Manufacturer": "Siemens",
    "ManufacturersModelName": "Skyra",
    "Modality": "MR",
    "Orientation": "tra",
    "PartialFourier": 1,
    "ParticipantLabel": "16",
    "PatientPosition": "HFS",
    "PercentPhaseFOV": 100,
    "PhaseEncodingDirection": "j-",
    "PhaseEncodingSteps": 64,
    "PhaseResolution": 1,
    "PixelBandwidth": 2300,
    "ProtocolName": "Audio Cartography",
    "PulseSequenceDetails": "%CustomerSeq%_cmrr_mbep2d_bold",
    "ReceiveCoilActiveElements": "HE1-4",
    "ReceiveCoilName": "HeadNeck_20",
    "ReconMatrixPE": 64,
    "RepetitionTime": 7,
    "ResponseInputDevice": "button box",
    "SAR": 0.0189582,
    "ScanOptions": "FS",
    "ScanningSequence": "EP",
    "SequenceName": "epfid2d1_64",
    "SequenceVariant": "SK_SS",
    "SeriesDescription": "functional_run-1",
    "SeriesNumber": 5,
    "ShimSetting": [
      -5093,
      7763,
      9044,
      322,
      -324,
      -212,
      450,
      -547
    ],
    "SliceThickness": 4,
    "SliceTiming": [
      1.92,
      1.86,
      1.8,
      1.74,
      1.68,
      1.62,
      1.56,
      1.5,
      1.44,
      1.38,
      1.32,
      1.26,
      1.2,
      1.14,
      1.08,
      1.02,
      0.96,
      0.9,
      0.84,
      0.78,
      0.72,
      0.66,
      0.6,
      0.54,
      0.48,
      0.42,
      0.36,
      0.3,
      0.24,
      0.18,
      0.12,
      0.06,
      0
    ],
    "SoftwareVersions": "syngo_MR_E11",
    "SpacingBetweenSlices": 4.0000000973898,
    "TaskDescription": "Listen to an auditory map (sonification of geospatial data), and based on information gleaned from the map make a relative value judgement about the data contained in the map.",
    "TaskName": "map listening",
    "TotalReadoutTime": 0.0315,
    "TxRefAmp": 378.855,
    "dataset": "ds001415",
    "modality": "bold",
    "run_id": 1,
    "subject_id": "16",
    "task_id": "maplistening"
  },
  "dummy_trs": 0,
  "dvars_nstd": 32.54593775134329,
  "dvars_std": 1.4768716935820891,
  "dvars_vstd": 1.007587065671642,
  "efc": 0.5275478634906499,
  "fber": 1982.6083984375,
  "fd_mean": 0.2591881697365442,
  "fd_num": 44,
  "fd_perc": 64.70588235294117,
  "fwhm_avg": 1.659970805680329,
  "fwhm_x": 1.5951446153846154,
  "fwhm_y": 1.8157415384615385,
  "fwhm_z": 1.5690262631948326,
  "gcor": 0.0320158,
  "gsr_x": -0.02479718253016472,
  "gsr_y": 0.05800826475024223,
  "provenance": {
    "md5sum": "5ac9422fe2e680564dc51013360da547",
    "settings": {
      "fd_thres": 0.2,
      "testing": false
    },
    "software": "mriqc",
    "version": "23.0.1",
    "webapi_port": null,
    "webapi_url": "https://mriqc.nimh.nih.gov/api/v1"
  },
  "size_t": 68,
  "size_x": 64,
  "size_y": 64,
  "size_z": 33,
  "snr": 3.6841986089608634,
  "spacing_tr": 7.0,
  "spacing_x": 3.25,
  "spacing_y": 3.25,
  "spacing_z": 3.9998183250427246,
  "summary_bg_k": 35.933661828480915,
  "summary_bg_mad": 265.79676134439626,
  "summary_bg_mean": 934.8397216796875,
  "summary_bg_median": 369.57354736328125,
  "summary_bg_n": 78125.0,
  "summary_bg_p05": 145.30494384765626,
  "summary_bg_p95": 3536.150195312501,
  "summary_bg_stdv": 1648.130859375,
  "summary_fg_k": 3.779408333078673,
  "summary_fg_mad": 3662.3098111859936,
  "summary_fg_mean": 17686.03515625,
  "summary_fg_median": 16697.66015625,
  "summary_fg_n": 26863.0,
  "summary_fg_p05": 12575.23896484375,
  "summary_fg_p95": 25892.435156249994,
  "summary_fg_stdv": 4532.15234375,
  "tsnr": 65.35579681396484
}