{
  "aor": 0.006533294117647057,
  "aqi": 0.007775467529411764,
  "bids_meta": {
    "AcquisitionMatrixPE": 64,
    "AcquisitionNumber": 1,
    "AcquisitionTime": "11:32:41",
    "BandwidthPerPixelPhaseEncode": 31.25,
    "BaseResolution": 64,
    "BodyPartExamined": "BRAIN",
    "ConsistencyInfo": "N4_VE11C_LATEST_20160120",
    "ConversionSoftware": "mcverter",
    "ConversionSoftwareVersion": "version 2.1.0 build 440",
    "DelayTime": 5,
    "DerivedVendorReportedEchoSpacing": 0.0005,
    "DeviceSerialNumber": "Scanner1",
    "DwellTime": 3.4e-06,
    "EchoTime": 0.027,
    "EchoTrainLength": 64,
    "EffectiveEchoSpacing": 0.0005,
    "FlipAngle": 90,
    "ImageOrientationPatientDICOM": [
      0.99998,
      -0.00622828,
      -0.000908448,
      0.00628308,
      0.996334,
      0.0853116
    ],
    "ImageType": [
      "ORIGINAL",
      "PRIMARY",
      "M",
      "ND",
      "NORM",
      "MOSAIC"
    ],
    "InPlanePhaseEncodingDirectionDICOM": "COL",
    "InstitutionAddress": "Franklin Blvd 1440, Eugene, Oregon, 97403, USA",
    "InstitutionName": "Lewis Center for Neuroimaging, University of Oregon",
    "InstitutionalDepartmentName": "Department of Geography",
    "Instructions": "Listen to the map and remember the general spatial distribution - where features are located and patterns that they make; After listening to the map you will be shown two squares and asked to decide:Does the area inside the black rectangle have higher density (louder) than the area inside the red dotted rectangle?",
    "MRAcquisitionType": "2D",
    "MagneticFieldStrength": 3,
    "Manufacturer": "Siemens",
    "ManufacturersModelName": "Skyra",
    "Modality": "MR",
    "Orientation": "tra",
    "PartialFourier": 1,
    "ParticipantLabel": "19",
    "PatientPosition": "HFS",
    "PercentPhaseFOV": 100,
    "PhaseEncodingDirection": "j-",
    "PhaseEncodingSteps": 64,
    "PhaseResolution": 1,
    "PixelBandwidth": 2300,
    "ProtocolName": "Audio Cartography",
    "PulseSequenceDetails": "%CustomerSeq%_cmrr_mbep2d_bold",
    "ReceiveCoilActiveElements": "HE1-4",
    "ReceiveCoilName": "HeadNeck_20",
    "ReconMatrixPE": 64,
    "RepetitionTime": 7,
    "ResponseInputDevice": "button box",
    "SAR": 0.0202581,
    "ScanOptions": "FS",
    "ScanningSequence": "EP",
    "SequenceName": "epfid2d1_64",
    "SequenceVariant": "SK_SS",
    "SeriesDescription": "functional_run-2",
    "SeriesNumber": 8,
    "ShimSetting": [
      -5096,
      7704,
      9074,
      577,
      -137,
      44,
      248,
      -500
    ],
    "SliceThickness": 4,
    "SliceTiming": [
      1.92,
      1.86,
      1.8,
      1.74,
      1.68,
      1.62,
      1.56,
      1.5,
      1.44,
      1.38,
      1.32,
      1.26,
      1.2,
      1.14,
      1.08,
      1.02,
      0.96,
      0.9,
      0.84,
      0.78,
      0.72,
      0.66,
      0.6,
      0.54,
      0.48,
      0.42,
      0.36,
      0.3,
      0.24,
      0.18,
      0.12,
      0.06,
      0
    ],
    "SoftwareVersions": "syngo_MR_E11",
    "SpacingBetweenSlices": 3.999999943604,
    "TaskDescription": "Listen to an auditory map (sonification of geospatial data), and based on information gleaned from the map make a relative value judgement about the data contained in the map.",
    "TaskName": "map listening",
    "TotalReadoutTime": 0.0315,
    "TxRefAmp": 366.544,
    "dataset": "ds001415",
    "modality": "bold",
    "run_id": 2,
    "subject_id": "19",
    "task_id": "maplistening"
  },
  "dummy_trs": 0,
  "dvars_nstd": 18.40706743488095,
  "dvars_std": 1.2902452216666664,
  "dvars_vstd": 1.0304140717857142,
  "efc": 0.5276215518302638,
  "fber": 2239.315673828125,
  "fd_mean": 0.1032145680809793,
  "fd_num": 4,
  "fd_perc": 4.705882352941177,
  "fwhm_avg": 1.6304725385400989,
  "fwhm_x": 1.595643076923077,
  "fwhm_y": 1.8050276923076924,
  "fwhm_z": 1.4907468463895268,
  "gcor": 0.0320103,
  "gsr_x": -0.014661867171525955,
  "gsr_y": 0.06784015148878098,
  "provenance": {
    "md5sum": "74154c738ab7f857411cb8ff9dec9702",
    "settings": {
      "fd_thres": 0.2,
      "testing": false
    },
    "software": "mriqc",
    "version": "23.0.1",
    "webapi_port": null,
    "webapi_url": "https://mriqc.nimh.nih.gov/api/v1"
  },
  "size_t": 85,
  "size_x": 64,
  "size_y": 64,
  "size_z": 33,
  "snr": 4.19001827433871,
  "spacing_tr": 7.0,
  "spacing_x": 3.25,
  "spacing_y": 3.25,
  "spacing_z": 3.999934673309326,
  "summary_bg_k": 54.590504510043765,
  "summary_bg_mad": 231.67761314328544,
  "summary_bg_mean": 886.7261352539062,
  "summary_bg_median": 331.52685546875,
  "summary_bg_n": 77779.0,
  "summary_bg_p05": 134.70452270507812,
  "summary_bg_p95": 3210.1038574218746,
  "summary_bg_stdv": 1781.146728515625,
  "summary_fg_k": 5.693514184402794,
  "summary_fg_mad": 3216.742961059461,
  "summary_fg_mean": 16716.201171875,
  "summary_fg_median": 15976.9794921875,
  "summary_fg_n": 26299.0,
  "summary_fg_p05": 12184.35849609375,
  "summary_fg_p95": 23013.959374999995,
  "summary_fg_stdv": 3813.032470703125,
  "tsnr": 93.65790557861328
}