{
  "aor": 0.0016858823529411766,
  "aqi": 0.0031309716176470583,
  "bids_meta": {
    "AcquisitionMatrixPE": 64,
    "AcquisitionNumber": 1,
    "AcquisitionTime": "17:44:40",
    "BandwidthPerPixelPhaseEncode": 31.25,
    "BaseResolution": 64,
    "BodyPartExamined": "BRAIN",
    "ConsistencyInfo": "N4_VE11C_LATEST_20160120",
    "ConversionSoftware": "mcverter",
    "ConversionSoftwareVersion": "version 2.1.0 build 440",
    "DelayTime": 5,
    "DerivedVendorReportedEchoSpacing": 0.0005,
    "DeviceSerialNumber": "Scanner1",
    "DwellTime": 3.4e-06,
    "EchoTime": 0.027,
    "EchoTrainLength": 64,
    "EffectiveEchoSpacing": 0.0005,
    "FlipAngle": 90,
    "ImageOrientationPatientDICOM": [
      0.996497,
      0.0732312,
      0.0403742,
      -0.0719543,
      0.996887,
      -0.0322232
    ],
    "ImageType": [
      "ORIGINAL",
      "PRIMARY",
      "M",
      "ND",
      "NORM",
      "MOSAIC"
    ],
    "InPlanePhaseEncodingDirectionDICOM": "COL",
    "InstitutionAddress": "Franklin Blvd 1440, Eugene, Oregon, 97403, USA",
    "InstitutionName": "Lewis Center for Neuroimaging, University of Oregon",
    "InstitutionalDepartmentName": "Department of Geography",
    "Instructions": "Listen to the map and remember the general spatial distribution - where features are located and patterns that they make; After listening to the map you will be shown two squares and asked to decide:Does the area inside the black rectangle have higher density (louder) than the area inside the red dotted rectangle?",
    "MRAcquisitionType": "2D",
    "MagneticFieldStrength": 3,
    "Manufacturer": "Siemens",
    "ManufacturersModelName": "Skyra",
    "Modality": "MR",
    "Orientation": "tra",
    "PartialFourier": 1,
    "ParticipantLabel": "20",
    "PatientPosition": "HFS",
    "PercentPhaseFOV": 100,
    "PhaseEncodingDirection": "j-",
    "PhaseEncodingSteps": 64,
    "PhaseResolution": 1,
    "PixelBandwidth": 2300,
    "ProtocolName": "Audio Cartography",
    "PulseSequenceDetails": "%CustomerSeq%_cmrr_mbep2d_bold",
    "ReceiveCoilActiveElements": "HE1-4;NE1,2",
    "ReceiveCoilName": "HeadNeck_20",
    "ReconMatrixPE": 64,
    "RepetitionTime": 7,
    "ResponseInputDevice": "button box",
    "SAR": 0.0212546,
    "ScanOptions": "FS",
    "ScanningSequence": "EP",
    "SequenceName": "epfid2d1_64",
    "SequenceVariant": "SK_SS",
    "SeriesDescription": "functional_run-1",
    "SeriesNumber": 6,
    "ShimSetting": [
      -5138,
      7599,
      9005,
      496,
      -138,
      -93,
      541,
      -766
    ],
    "SliceThickness": 4,
    "SliceTiming": [
      1.92,
      1.86,
      1.8,
      1.74,
      1.68,
      1.62,
      1.56,
      1.5,
      1.44,
      1.38,
      1.32,
      1.26,
      1.2,
      1.14,
      1.08,
      1.02,
      0.96,
      0.9,
      0.84,
      0.78,
      0.72,
      0.66,
      0.6,
      0.54,
      0.48,
      0.42,
      0.36,
      0.3,
      0.24,
      0.18,
      0.12,
      0.06,
      0
    ],
    "SoftwareVersions": "syngo_MR_E11",
    "SpacingBetweenSlices": 4.0000000498961,
    "TaskDescription": "Listen to an auditory map (sonification of geospatial data), and based on information gleaned from the map make a relative value judgement about the data contained in the map.",
    "TaskName": "map listening",
    "TotalReadoutTime": 0.0315,
    "TxRefAmp": 392.256,
    "dataset": "ds001415",
    "modality": "bold",
    "run_id": 1,
    "subject_id": "20",
    "task_id": "maplistening"
  },
  "dummy_trs": 0,
  "dvars_nstd": 22.8879701419403,
  "dvars_std": 1.2416858605970151,
  "dvars_vstd": 0.9610115529850742,
  "efc": 0.44520027275217444,
  "fber": 2622.424560546875,
  "fd_mean": 0.2534298738294903,
  "fd_num": 41,
  "fd_perc": 60.294117647058826,
  "fwhm_avg": 1.7022941026395095,
  "fwhm_x": 1.645156923076923,
  "fwhm_y": 1.8801999999999999,
  "fwhm_z": 1.5815253848416058,
  "gcor": 0.018962,
  "gsr_x": -0.013665884733200073,
  "gsr_y": 0.03914610669016838,
  "provenance": {
    "md5sum": "3bee30b007b52d19d8f953cec470b432",
    "settings": {
      "fd_thres": 0.2,
      "testing": false
    },
    "software": "mriqc",
    "version": "23.0.1",
    "webapi_port": null,
    "webapi_url": "https://mriqc.nimh.nih.gov/api/v1"
  },
  "size_t": 68,
  "size_x": 64,
  "size_y": 64,
  "size_z": 33,
  "snr": 3.6188383079797455,
  "spacing_tr": 7.0,
  "spacing_x": 3.25,
  "spacing_y": 3.25,
  "spacing_z": 4.000024318695068,
  "summary_bg_k": 67.37511768034851,
  "summary_bg_mad": 161.75614153566144,
  "summary_bg_mean": 657.9530639648438,
  "summary_bg_median": 297.4512023925781,
  "summary_bg_n": 89237.0,
  "summary_bg_p05": 153.3924102783203,
  "summary_bg_p95": 2246.361474609374,
  "summary_bg_stdv": 1173.5137939453125,
  "summary_fg_k": 1.4707112886914127,
  "summary_fg_mad": 3339.308846708156,
  "summary_fg_mean": 16027.7197265625,
  "summary_fg_median": 15069.4775390625,
  "summary_fg_n": 17822.0,
  "summary_fg_p05": 11213.010302734376,
  "summary_fg_p95": 24539.24560546875,
  "summary_fg_stdv": 4164.05859375,
  "tsnr": 88.12551879882812
}