{
  "bids_meta": {
    "AcquisitionMatrixPE": 256,
    "AcquisitionNumber": 1,
    "AcquisitionTime": "11:25:42",
    "BaseResolution": 256,
    "BodyPartExamined": "BRAIN",
    "ConsistencyInfo": "N4_VE11C_LATEST_20160120",
    "ConversionSoftware": "mcverter",
    "ConversionSoftwareVersion": "version 2.1.0 build 440",
    "DeIdentificationSoftware": "mri_deface-v1.22",
    "DeviceSerialNumber": "Scanner1",
    "DwellTime": 1.03e-05,
    "EchoTime": 0.00343,
    "FlipAngle": 7,
    "ImageOrientationPatientDICOM": [
      0,
      1,
      0,
      0,
      0,
      -1
    ],
    "ImageType": [
      "ORIGINAL",
      "PRIMARY",
      "M",
      "ND",
      "NORM"
    ],
    "InPlanePhaseEncodingDirectionDICOM": "ROW",
    "InstitutionAddress": "Franklin Blvd 1440, Eugene, Oregon, 97403, USA",
    "InstitutionName": "Lewis Center for Neuroimaging, University of Oregon",
    "InstitutionalDepartmentName": "Department of Geography",
    "InversionTime": 1.1,
    "MRAcquisitionType": "3D",
    "MagneticFieldStrength": 3,
    "Manufacturer": "Siemens",
    "ManufacturersModelName": "Skyra",
    "Modality": "MR",
    "Orientation": "sag",
    "ParallelReductionFactorInPlane": 2,
    "PartialFourier": 1,
    "ParticipantLabel": "19",
    "PatientPosition": "HFS",
    "PercentPhaseFOV": 100,
    "PhaseEncodingSteps": 255,
    "PhaseResolution": 1,
    "PixelBandwidth": 190,
    "ProtocolName": "mprage_p2",
    "PulseSequenceDetails": "%SiemensSeq%_tfl",
    "PulseSequenceType": "MPRAGE",
    "ReceiveCoilActiveElements": "HE1-4",
    "ReceiveCoilName": "HeadNeck_20",
    "ReconMatrixPE": 256,
    "RepetitionTime": 2.5,
    "SAR": 0.0577877,
    "ScanOptions": "IR",
    "ScanningSequence": "GR_IR",
    "SequenceName": "_tfl3d1_16ns",
    "SequenceVariant": "SK_SP_MP",
    "SeriesDescription": "mprage_p2_ND",
    "SeriesNumber": 6,
    "ShimSetting": [
      -5094,
      7682,
      8951,
      351,
      -110,
      -573,
      294,
      -483
    ],
    "SliceThickness": 1,
    "SoftwareVersions": "syngo_MR_E11",
    "TaskInstruction": "Please rest and remain still while a reference scan runs.",
    "TaskName": "anatomical",
    "TxRefAmp": 366.544,
    "dataset": "ds001415",
    "modality": "T1w",
    "subject_id": "19"
  },
  "cjv": 0.3999832692879113,
  "cnr": 3.269251522365997,
  "efc": 0.5546604840368262,
  "fber": 38535.99944636678,
  "fwhm_avg": 3.409083968525282,
  "fwhm_x": 3.5184719055758453,
  "fwhm_y": 3.54016,
  "fwhm_z": 3.16862,
  "icvs_csf": 0.21649469592208354,
  "icvs_gm": 0.4133035158824289,
  "icvs_wm": 0.37020178819548755,
  "inu_med": 0.29725760221481323,
  "inu_range": 0.03356287777423861,
  "provenance": {
    "md5sum": "48d7e048593621125532e1b5c69ae4a5",
    "settings": {
      "testing": false
    },
    "software": "mriqc",
    "version": "23.0.1",
    "warnings": {
      "large_rot_frame": true,
      "small_air_mask": false
    },
    "webapi_port": null,
    "webapi_url": "https://mriqc.nimh.nih.gov/api/v1"
  },
  "qi_1": 0.0,
  "qi_2": 0.0031849261400379294,
  "rpve_csf": 14.804479340337853,
  "rpve_gm": 7.924179021371372,
  "rpve_wm": 10.529050072609472,
  "size_x": 176,
  "size_y": 256,
  "size_z": 169,
  "snr_csf": 1.7553620701517463,
  "snr_gm": 8.740106219988522,
  "snr_total": 11.546652295435754,
  "snr_wm": 24.14448859616699,
  "snrd_csf": 34.24591597547792,
  "snrd_gm": 116.42400793890491,
  "snrd_total": 105.42536378027596,
  "snrd_wm": 165.606167426445,
  "spacing_x": 0.9998999834060669,
  "spacing_y": 1.0,
  "spacing_z": 1.0,
  "summary_bg_k": 13.340663933964262,
  "summary_bg_mad": 3.9559902061554775,
  "summary_bg_mean": 5.380836974409879,
  "summary_bg_median": 2.6682748459279537,
  "summary_bg_n": 1865672.0,
  "summary_bg_p05": 0.0,
  "summary_bg_p95": 21.51068146340549,
  "summary_bg_stdv": 8.189173067239507,
  "summary_csf_k": 1.2931652889579226,
  "summary_csf_mad": 99.00813844720626,
  "summary_csf_mean": 229.81310633912136,
  "summary_csf_median": 206.7913005594164,
  "summary_csf_n": 37317.0,
  "summary_csf_p05": 73.66997194476426,
  "summary_csf_p95": 458.0367910861968,
  "summary_csf_stdv": 117.803918244874,
  "summary_gm_k": 0.04701018762721754,
  "summary_gm_mad": 77.5482463699793,
  "summary_gm_mean": 701.7523018691078,
  "summary_gm_median": 703.0173184815794,
  "summary_gm_n": 26244.0,
  "summary_gm_p05": 565.1863020053133,
  "summary_gm_p95": 834.1072858008556,
  "summary_gm_stdv": 80.43425409163832,
  "summary_wm_k": 0.018240035556118972,
  "summary_wm_mad": 41.23984310800436,
  "summary_wm_mean": 1000.1173850332051,
  "summary_wm_median": 999.9999640043825,
  "summary_wm_n": 238973.0,
  "summary_wm_p05": 931.7944727372378,
  "summary_wm_p95": 1068.2785586919636,
  "summary_wm_stdv": 41.4172314204429,
  "tpm_overlap_csf": 0.16211221214416494,
  "tpm_overlap_gm": 0.45751052711106377,
  "tpm_overlap_wm": 0.5211529109624147,
  "wm2max": 0.8800482509047045
}