{
  "bids_meta": {
    "AcquisitionMatrixPE": 256,
    "AcquisitionNumber": 1,
    "AcquisitionTime": "17:55:22",
    "BaseResolution": 256,
    "BodyPartExamined": "BRAIN",
    "ConsistencyInfo": "N4_VE11C_LATEST_20160120",
    "ConversionSoftware": "mcverter",
    "ConversionSoftwareVersion": "version 2.1.0 build 440",
    "DeIdentificationSoftware": "mri_deface-v1.22",
    "DeviceSerialNumber": "Scanner1",
    "DwellTime": 1.03e-05,
    "EchoTime": 0.00343,
    "FlipAngle": 7,
    "ImageOrientationPatientDICOM": [
      -0.012663,
      0.99992,
      3.64057e-09,
      -0.0435585,
      -0.000551622,
      -0.999051
    ],
    "ImageType": [
      "ORIGINAL",
      "PRIMARY",
      "M",
      "ND",
      "NORM"
    ],
    "InPlanePhaseEncodingDirectionDICOM": "ROW",
    "InstitutionAddress": "Franklin Blvd 1440, Eugene, Oregon, 97403, USA",
    "InstitutionName": "Lewis Center for Neuroimaging, University of Oregon",
    "InstitutionalDepartmentName": "Department of Geography",
    "InversionTime": 1.1,
    "MRAcquisitionType": "3D",
    "MagneticFieldStrength": 3,
    "Manufacturer": "Siemens",
    "ManufacturersModelName": "Skyra",
    "Modality": "MR",
    "Orientation": "sag",
    "ParallelReductionFactorInPlane": 2,
    "PartialFourier": 1,
    "ParticipantLabel": "05",
    "PatientPosition": "HFS",
    "PercentPhaseFOV": 100,
    "PhaseEncodingSteps": 255,
    "PhaseResolution": 1,
    "PixelBandwidth": 190,
    "ProtocolName": "mprage_p2",
    "PulseSequenceDetails": "%SiemensSeq%_tfl",
    "PulseSequenceType": "MPRAGE",
    "ReceiveCoilActiveElements": "HE1-4",
    "ReceiveCoilName": "HeadNeck_20",
    "ReconMatrixPE": 256,
    "RepetitionTime": 2.5,
    "SAR": 0.0595046,
    "ScanOptions": "IR",
    "ScanningSequence": "GR_IR",
    "SequenceName": "_tfl3d1_16ns",
    "SequenceVariant": "SK_SP_MP",
    "SeriesDescription": "mprage_p2_ND",
    "SeriesNumber": 6,
    "ShimSetting": [
      -5114,
      7657,
      8968,
      243,
      -166,
      -387,
      -70,
      -155
    ],
    "SliceThickness": 1,
    "SoftwareVersions": "syngo_MR_E11",
    "TaskInstruction": "Please rest and remain still while a reference scan runs.",
    "TaskName": "anatomical",
    "TxRefAmp": 361.679,
    "dataset": "ds001415",
    "modality": "T1w",
    "subject_id": "05"
  },
  "cjv": 0.38222230789284883,
  "cnr": 3.555779812056409,
  "efc": 0.5382500403943167,
  "fber": 53481.73986411227,
  "fwhm_avg": 3.488228810317235,
  "fwhm_x": 3.5817064309517046,
  "fwhm_y": 3.57255,
  "fwhm_z": 3.31043,
  "icvs_csf": 0.23701597629430451,
  "icvs_gm": 0.401831471453509,
  "icvs_wm": 0.36115255225218645,
  "inu_med": 0.25040167570114136,
  "inu_range": 0.025171619653701793,
  "provenance": {
    "md5sum": "b28259753c508e96738e661a003e5946",
    "settings": {
      "testing": false
    },
    "software": "mriqc",
    "version": "23.0.1",
    "warnings": {
      "large_rot_frame": true,
      "small_air_mask": false
    },
    "webapi_port": null,
    "webapi_url": "https://mriqc.nimh.nih.gov/api/v1"
  },
  "qi_1": 0.0,
  "qi_2": 0.0037424807831892702,
  "rpve_csf": 14.9060325927802,
  "rpve_gm": 8.59703412136983,
  "rpve_wm": 11.534044046477703,
  "size_x": 176,
  "size_y": 256,
  "size_z": 169,
  "snr_csf": 1.6954696557560325,
  "snr_gm": 8.633195413031416,
  "snr_total": 12.21271653386872,
  "snr_wm": 26.309484532818708,
  "snrd_csf": 41.28730022010805,
  "snrd_gm": 139.57747993488258,
  "snrd_total": 128.10229889335736,
  "snrd_wm": 203.44211652508147,
  "spacing_x": 0.9999256134033203,
  "spacing_y": 1.0,
  "spacing_z": 1.0,
  "summary_bg_k": 8.695790153016778,
  "summary_bg_mad": 3.220202629659516,
  "summary_bg_mean": 4.008426450351518,
  "summary_bg_median": 2.1719936672598124,
  "summary_bg_n": 1991355.0,
  "summary_bg_p05": 0.0,
  "summary_bg_p95": 15.92795355990529,
  "summary_bg_stdv": 5.855662152215369,
  "summary_csf_k": -0.027396942282158054,
  "summary_csf_mad": 113.95066622433369,
  "summary_csf_mean": 226.01103501986717,
  "summary_csf_median": 202.94014000799507,
  "summary_csf_n": 45284.0,
  "summary_csf_p05": 61.080699959769845,
  "summary_csf_p95": 448.9113594311289,
  "summary_csf_stdv": 119.69420895138462,
  "summary_gm_k": -0.09420535550409381,
  "summary_gm_mad": 80.45270472311945,
  "summary_gm_mean": 686.1885106643618,
  "summary_gm_median": 686.0674630925059,
  "summary_gm_n": 22147.0,
  "summary_gm_p05": 555.3611222332344,
  "summary_gm_p95": 817.7732742084191,
  "summary_gm_stdv": 79.46674911749207,
  "summary_wm_k": 0.012222918902939472,
  "summary_wm_mad": 39.5325688681778,
  "summary_wm_mean": 997.5931975479588,
  "summary_wm_median": 999.9823527093977,
  "summary_wm_n": 204502.0,
  "summary_wm_p05": 931.4497720375657,
  "summary_wm_p95": 1053.628830442205,
  "summary_wm_stdv": 38.008342829305825,
  "tpm_overlap_csf": 0.17169055688221396,
  "tpm_overlap_gm": 0.4715120712928657,
  "tpm_overlap_wm": 0.5199999802321125,
  "wm2max": 0.9244947268749796
}