{
  "bids_meta": {
    "AcquisitionMatrixPE": 256,
    "AcquisitionNumber": 1,
    "AcquisitionTime": "09:25:22",
    "BaseResolution": 256,
    "BodyPartExamined": "BRAIN",
    "ConsistencyInfo": "N4_VE11C_LATEST_20160120",
    "ConversionSoftware": "mcverter",
    "ConversionSoftwareVersion": "version 2.1.0 build 440",
    "DeIdentificationSoftware": "mri_deface-v1.22",
    "DeviceSerialNumber": "Scanner1",
    "DwellTime": 1.03e-05,
    "EchoTime": 0.00343,
    "FlipAngle": 7,
    "ImageOrientationPatientDICOM": [
      0,
      1,
      0,
      0,
      0,
      -1
    ],
    "ImageType": [
      "ORIGINAL",
      "PRIMARY",
      "M",
      "ND",
      "NORM"
    ],
    "InPlanePhaseEncodingDirectionDICOM": "ROW",
    "InstitutionAddress": "Franklin Blvd 1440, Eugene, Oregon, 97403, USA",
    "InstitutionName": "Lewis Center for Neuroimaging, University of Oregon",
    "InstitutionalDepartmentName": "Department of Geography",
    "InversionTime": 1.1,
    "MRAcquisitionType": "3D",
    "MagneticFieldStrength": 3,
    "Manufacturer": "Siemens",
    "ManufacturersModelName": "Skyra",
    "Modality": "MR",
    "Orientation": "sag",
    "ParallelReductionFactorInPlane": 2,
    "PartialFourier": 1,
    "ParticipantLabel": "03",
    "PatientPosition": "HFS",
    "PercentPhaseFOV": 100,
    "PhaseEncodingSteps": 255,
    "PhaseResolution": 1,
    "PixelBandwidth": 190,
    "ProtocolName": "mprage_p2",
    "PulseSequenceDetails": "%SiemensSeq%_tfl",
    "PulseSequenceType": "MPRAGE",
    "ReceiveCoilActiveElements": "HE1-4",
    "ReceiveCoilName": "HeadNeck_20",
    "ReconMatrixPE": 256,
    "RepetitionTime": 2.5,
    "SAR": 0.0617686,
    "ScanOptions": "IR",
    "ScanningSequence": "GR_IR",
    "SequenceName": "_tfl3d1_16ns",
    "SequenceVariant": "SK_SP_MP",
    "SeriesDescription": "mprage_p2_ND",
    "SeriesNumber": 6,
    "ShimSetting": [
      -5088,
      7671,
      8931,
      461,
      -56,
      -804,
      148,
      -359
    ],
    "SliceThickness": 1,
    "SoftwareVersions": "syngo_MR_E11",
    "TaskInstruction": "Please rest and remain still while a reference scan runs.",
    "TaskName": "anatomical",
    "TxRefAmp": 363.263,
    "dataset": "ds001415",
    "modality": "T1w",
    "subject_id": "03"
  },
  "cjv": 0.40296423273278126,
  "cnr": 3.325175564538152,
  "efc": 0.5231455746803878,
  "fber": 39049.07643405546,
  "fwhm_avg": 3.7056363415957208,
  "fwhm_x": 3.789619024787163,
  "fwhm_y": 3.84433,
  "fwhm_z": 3.48296,
  "icvs_csf": 0.2425927451455589,
  "icvs_gm": 0.3977633582941636,
  "icvs_wm": 0.3596438965602775,
  "inu_med": 0.32466669380664825,
  "inu_range": 0.04429008811712265,
  "provenance": {
    "md5sum": "edffdc0d21c63def79f085ed5852abb5",
    "settings": {
      "testing": false
    },
    "software": "mriqc",
    "version": "23.0.1",
    "warnings": {
      "large_rot_frame": true,
      "small_air_mask": false
    },
    "webapi_port": null,
    "webapi_url": "https://mriqc.nimh.nih.gov/api/v1"
  },
  "qi_1": 0.0,
  "qi_2": 0.003171067615241747,
  "rpve_csf": 16.784576567840997,
  "rpve_gm": 9.895752293359637,
  "rpve_wm": 12.955071043858279,
  "size_x": 176,
  "size_y": 256,
  "size_z": 169,
  "snr_csf": 1.800950072290319,
  "snr_gm": 8.988207288665867,
  "snr_total": 11.414821391047367,
  "snr_wm": 23.45530681218591,
  "snrd_csf": 26.28352806753181,
  "snrd_gm": 110.5216831704878,
  "snrd_total": 98.02489805050323,
  "snrd_wm": 157.26948291349007,
  "spacing_x": 0.9998999834060669,
  "spacing_y": 1.0,
  "spacing_z": 1.0,
  "summary_bg_k": 9.745104595948698,
  "summary_bg_mad": 4.165693187097127,
  "summary_bg_mean": 5.11530465794433,
  "summary_bg_median": 2.809717357158661,
  "summary_bg_n": 1913064.0,
  "summary_bg_p05": 0.0,
  "summary_bg_p95": 20.921587705612183,
  "summary_bg_stdv": 7.787003344658205,
  "summary_csf_k": 2.227848409337639,
  "summary_csf_mad": 77.20952103315791,
  "summary_csf_mean": 185.0598540506228,
  "summary_csf_median": 167.12414972484112,
  "summary_csf_n": 54982.0,
  "summary_csf_p05": 67.8665614411235,
  "summary_csf_p95": 367.20520338863116,
  "summary_csf_stdv": 92.79692562356952,
  "summary_gm_k": -0.09073823149138027,
  "summary_gm_mad": 78.635469854895,
  "summary_gm_mean": 701.9846717351116,
  "summary_gm_median": 702.7535374462605,
  "summary_gm_n": 18605.0,
  "summary_gm_p05": 573.376859754324,
  "summary_gm_p95": 830.1634129881859,
  "summary_gm_stdv": 78.18407258268518,
  "summary_wm_k": 0.3320666552033309,
  "summary_wm_mad": 41.144231171020856,
  "summary_wm_mean": 1000.1451964030442,
  "summary_wm_median": 1000.0000206232071,
  "summary_wm_n": 182059.0,
  "summary_wm_p05": 930.8355858951807,
  "summary_wm_p95": 1070.1781149208546,
  "summary_wm_stdv": 42.63415875410336,
  "tpm_overlap_csf": 0.15988068656639573,
  "tpm_overlap_gm": 0.44614241651126263,
  "tpm_overlap_wm": 0.5064604091668204,
  "wm2max": 0.7413793103448276
}