{
  "aor": 0.005869756097560974,
  "aqi": 0.0053507913414634145,
  "bids_meta": {
    "AcquisitionMatrixPE": 64,
    "AcquisitionNumber": 1,
    "AcquisitionTime": "11:29:11",
    "BandwidthPerPixelPhaseEncode": 31.25,
    "BaseResolution": 64,
    "BodyPartExamined": "BRAIN",
    "ConsistencyInfo": "N4_VE11C_LATEST_20160120",
    "ConversionSoftware": "mcverter",
    "ConversionSoftwareVersion": "version 2.1.0 build 440",
    "DelayTime": 5,
    "DerivedVendorReportedEchoSpacing": 0.0005,
    "DeviceSerialNumber": "Scanner1",
    "DwellTime": 3.4e-06,
    "EchoTime": 0.027,
    "EchoTrainLength": 64,
    "EffectiveEchoSpacing": 0.0005,
    "FlipAngle": 90,
    "ImageOrientationPatientDICOM": [
      0.998866,
      -0.0467024,
      0.00928626,
      0.0474547,
      0.992425,
      -0.113315
    ],
    "ImageType": [
      "ORIGINAL",
      "PRIMARY",
      "M",
      "ND",
      "NORM",
      "MOSAIC"
    ],
    "InPlanePhaseEncodingDirectionDICOM": "COL",
    "InstitutionAddress": "Franklin Blvd 1440, Eugene, Oregon, 97403, USA",
    "InstitutionName": "Lewis Center for Neuroimaging, University of Oregon",
    "InstitutionalDepartmentName": "Department of Geography",
    "Instructions": "Listen to the map and remember the general spatial distribution - where features are located and patterns that they make; After listening to the map you will be shown two squares and asked to decide:Does the area inside the black rectangle have higher density (louder) than the area inside the red dotted rectangle?",
    "MRAcquisitionType": "2D",
    "MagneticFieldStrength": 3,
    "Manufacturer": "Siemens",
    "ManufacturersModelName": "Skyra",
    "Modality": "MR",
    "Orientation": "tra",
    "PartialFourier": 1,
    "ParticipantLabel": "09",
    "PatientPosition": "HFS",
    "PercentPhaseFOV": 100,
    "PhaseEncodingDirection": "j-",
    "PhaseEncodingSteps": 64,
    "PhaseResolution": 1,
    "PixelBandwidth": 2300,
    "ProtocolName": "Audio Cartography",
    "PulseSequenceDetails": "%CustomerSeq%_cmrr_mbep2d_bold",
    "ReceiveCoilActiveElements": "HE1-4",
    "ReceiveCoilName": "HeadNeck_20",
    "ReconMatrixPE": 64,
    "RepetitionTime": 7,
    "ResponseInputDevice": "button box",
    "SAR": 0.0192354,
    "ScanOptions": "FS",
    "ScanningSequence": "EP",
    "SequenceName": "epfid2d1_64",
    "SequenceVariant": "SK_SS",
    "SeriesDescription": "functional_run-1",
    "SeriesNumber": 5,
    "ShimSetting": [
      -5084,
      7811,
      9028,
      353,
      -66,
      -308,
      35,
      -454
    ],
    "SliceThickness": 4,
    "SliceTiming": [
      1.92,
      1.86,
      1.8,
      1.74,
      1.68,
      1.62,
      1.56,
      1.5,
      1.44,
      1.38,
      1.32,
      1.26,
      1.2,
      1.14,
      1.08,
      1.02,
      0.96,
      0.9,
      0.84,
      0.78,
      0.72,
      0.66,
      0.6,
      0.54,
      0.48,
      0.42,
      0.36,
      0.3,
      0.24,
      0.18,
      0.12,
      0.06,
      0
    ],
    "SoftwareVersions": "syngo_MR_E11",
    "SpacingBetweenSlices": 4.0000001236692,
    "TaskDescription": "Listen to an auditory map (sonification of geospatial data), and based on information gleaned from the map make a relative value judgement about the data contained in the map.",
    "TaskName": "map listening",
    "TotalReadoutTime": 0.0315,
    "TxRefAmp": 371.007,
    "dataset": "ds001415",
    "modality": "bold",
    "run_id": 1,
    "subject_id": "09",
    "task_id": "maplistening"
  },
  "dummy_trs": 0,
  "dvars_nstd": 26.197678012345683,
  "dvars_std": 1.4187898123456788,
  "dvars_vstd": 0.9930675444444441,
  "efc": 0.5456445618205114,
  "fber": 1718.66796875,
  "fd_mean": 0.14449052471143445,
  "fd_num": 11,
  "fd_perc": 13.414634146341463,
  "fwhm_avg": 1.708273469204561,
  "fwhm_x": 1.6827784615384616,
  "fwhm_y": 1.8712646153846155,
  "fwhm_z": 1.5707773306906059,
  "gcor": 0.0282739,
  "gsr_x": -0.011421982198953629,
  "gsr_y": 0.049727194011211395,
  "provenance": {
    "md5sum": "bd0247ccfaafce9c8011a7f433562c53",
    "settings": {
      "fd_thres": 0.2,
      "testing": false
    },
    "software": "mriqc",
    "version": "23.0.1",
    "webapi_port": null,
    "webapi_url": "https://mriqc.nimh.nih.gov/api/v1"
  },
  "size_t": 82,
  "size_x": 64,
  "size_y": 64,
  "size_z": 33,
  "snr": 3.905913422160179,
  "spacing_tr": 7.0,
  "spacing_x": 3.25,
  "spacing_y": 3.25,
  "spacing_z": 3.9999749660491943,
  "summary_bg_k": 39.89296488273474,
  "summary_bg_mad": 311.53638357453633,
  "summary_bg_mean": 894.5951538085938,
  "summary_bg_median": 390.96331787109375,
  "summary_bg_n": 74461.0,
  "summary_bg_p05": 139.2963409423828,
  "summary_bg_p95": 3196.29736328125,
  "summary_bg_stdv": 1512.91162109375,
  "summary_fg_k": 5.256860619414237,
  "summary_fg_mad": 3407.1719227674193,
  "summary_fg_mean": 17223.783203125,
  "summary_fg_median": 16368.9951171875,
  "summary_fg_n": 29752.0,
  "summary_fg_p05": 12438.37880859375,
  "summary_fg_p95": 24660.631152343743,
  "summary_fg_stdv": 4190.75341796875,
  "tsnr": 72.6019287109375
}