{
  "bids_meta": {
    "AcquisitionMatrixPE": 256,
    "AcquisitionNumber": 1,
    "AcquisitionTime": "09:31:20",
    "BaseResolution": 256,
    "BodyPartExamined": "BRAIN",
    "ConsistencyInfo": "N4_VE11C_LATEST_20160120",
    "ConversionSoftware": "mcverter",
    "ConversionSoftwareVersion": "version 2.1.0 build 440",
    "DeIdentificationSoftware": "mri_deface-v1.22",
    "DeviceSerialNumber": "Scanner1",
    "DwellTime": 1.03e-05,
    "EchoTime": 0.00343,
    "FlipAngle": 7,
    "ImageOrientationPatientDICOM": [
      0.0266782,
      0.999644,
      -5.96837e-09,
      0.0021948,
      -5.85801e-05,
      -0.999998
    ],
    "ImageType": [
      "ORIGINAL",
      "PRIMARY",
      "M",
      "ND",
      "NORM"
    ],
    "InPlanePhaseEncodingDirectionDICOM": "ROW",
    "InstitutionAddress": "Franklin Blvd 1440, Eugene, Oregon, 97403, USA",
    "InstitutionName": "Lewis Center for Neuroimaging, University of Oregon",
    "InstitutionalDepartmentName": "Department of Geography",
    "InversionTime": 1.1,
    "MRAcquisitionType": "3D",
    "MagneticFieldStrength": 3,
    "Manufacturer": "Siemens",
    "ManufacturersModelName": "Skyra",
    "Modality": "MR",
    "Orientation": "sag",
    "ParallelReductionFactorInPlane": 2,
    "PartialFourier": 1,
    "ParticipantLabel": "12",
    "PatientPosition": "HFS",
    "PercentPhaseFOV": 100,
    "PhaseEncodingSteps": 255,
    "PhaseResolution": 1,
    "PixelBandwidth": 190,
    "ProtocolName": "mprage_p2",
    "PulseSequenceDetails": "%SiemensSeq%_tfl",
    "PulseSequenceType": "MPRAGE",
    "ReceiveCoilActiveElements": "HE1-4",
    "ReceiveCoilName": "HeadNeck_20",
    "ReconMatrixPE": 256,
    "RepetitionTime": 2.5,
    "SAR": 0.0640091,
    "ScanOptions": "IR",
    "ScanningSequence": "GR_IR",
    "SequenceName": "_tfl3d1_16ns",
    "SequenceVariant": "SK_SP_MP",
    "SeriesDescription": "mprage_p2_ND",
    "SeriesNumber": 6,
    "ShimSetting": [
      -5091,
      7669,
      9002,
      133,
      -177,
      -324,
      382,
      -310
    ],
    "SliceThickness": 1,
    "SoftwareVersions": "syngo_MR_E11",
    "TaskInstruction": "Please rest and remain still while a reference scan runs.",
    "TaskName": "anatomical",
    "TxRefAmp": 393.793,
    "dataset": "ds001415",
    "modality": "T1w",
    "subject_id": "12"
  },
  "cjv": 0.37757860237642665,
  "cnr": 3.5697896632393937,
  "efc": 0.589240982642581,
  "fber": 36422.99775676975,
  "fwhm_avg": 3.2816732399216293,
  "fwhm_x": 3.320939719764888,
  "fwhm_y": 3.41101,
  "fwhm_z": 3.11307,
  "icvs_csf": 0.19433126794477326,
  "icvs_gm": 0.44243030846847053,
  "icvs_wm": 0.36323842358675623,
  "inu_med": 0.3865990936756134,
  "inu_range": 0.0664283856749534,
  "provenance": {
    "md5sum": "018dcc77b5b6641f67b47ebbf4d817af",
    "settings": {
      "testing": false
    },
    "software": "mriqc",
    "version": "23.0.1",
    "warnings": {
      "large_rot_frame": true,
      "small_air_mask": false
    },
    "webapi_port": null,
    "webapi_url": "https://mriqc.nimh.nih.gov/api/v1"
  },
  "qi_1": 0.0,
  "qi_2": 0.002572520741445757,
  "rpve_csf": 15.903675585496167,
  "rpve_gm": 7.433987708383034,
  "rpve_wm": 10.35760386476088,
  "size_x": 176,
  "size_y": 256,
  "size_z": 169,
  "snr_csf": 1.872310136210884,
  "snr_gm": 9.805205325431496,
  "snr_total": 10.59503948160314,
  "snr_wm": 20.10760298316704,
  "snrd_csf": 33.01741914981904,
  "snrd_gm": 104.58206012515886,
  "snrd_total": 96.37588936498601,
  "snrd_wm": 151.52818881998013,
  "spacing_x": 0.999858558177948,
  "spacing_y": 1.0,
  "spacing_z": 1.0,
  "summary_bg_k": 12.409581728639541,
  "summary_bg_mad": 4.323707145364612,
  "summary_bg_mean": 6.384685335048997,
  "summary_bg_median": 2.9162961523979902,
  "summary_bg_n": 1877896.0,
  "summary_bg_p05": 0.0,
  "summary_bg_p95": 26.82578801177442,
  "summary_bg_stdv": 10.22310752357518,
  "summary_csf_k": 1.436008444055462,
  "summary_csf_mad": 103.30900264349913,
  "summary_csf_mean": 234.80272841727816,
  "summary_csf_median": 217.90523484814912,
  "summary_csf_n": 30088.0,
  "summary_csf_p05": 70.77705981209874,
  "summary_csf_p95": 452.90803150041023,
  "summary_csf_stdv": 116.38115367313844,
  "summary_gm_k": 0.1243424223725711,
  "summary_gm_mad": 68.16738286628036,
  "summary_gm_mean": 689.1725454066767,
  "summary_gm_median": 690.2107723522931,
  "summary_gm_n": 28702.0,
  "summary_gm_p05": 570.76776196016,
  "summary_gm_p95": 803.8418733910656,
  "summary_gm_stdv": 70.39105511818178,
  "summary_wm_k": 0.24968037135933407,
  "summary_wm_mad": 48.81802677603164,
  "summary_wm_mean": 1000.3845796118725,
  "summary_wm_median": 1000.0413848552853,
  "summary_wm_n": 217245.0,
  "summary_wm_p05": 919.1710447426885,
  "summary_wm_p95": 1080.4773829877377,
  "summary_wm_stdv": 49.73437580031899,
  "tpm_overlap_csf": 0.15894396284309578,
  "tpm_overlap_gm": 0.4725436705008322,
  "tpm_overlap_wm": 0.5183731344023343,
  "wm2max": 0.8340117983923828
}