{
  "aor": 0.0026717948717948714,
  "aqi": 0.0031045701282051284,
  "bids_meta": {
    "AcquisitionMatrixPE": 64,
    "AcquisitionNumber": 1,
    "AcquisitionTime": "17:42:53",
    "BandwidthPerPixelPhaseEncode": 31.25,
    "BaseResolution": 64,
    "BodyPartExamined": "BRAIN",
    "ConsistencyInfo": "N4_VE11C_LATEST_20160120",
    "ConversionSoftware": "mcverter",
    "ConversionSoftwareVersion": "version 2.1.0 build 440",
    "DelayTime": 5,
    "DerivedVendorReportedEchoSpacing": 0.0005,
    "DeviceSerialNumber": "Scanner1",
    "DwellTime": 3.4e-06,
    "EchoTime": 0.027,
    "EchoTrainLength": 64,
    "EffectiveEchoSpacing": 0.0005,
    "FlipAngle": 90,
    "ImageOrientationPatientDICOM": [
      0.99799,
      -0.0016687,
      -0.0633447,
      -0.00330949,
      0.996916,
      -0.0784026
    ],
    "ImageType": [
      "ORIGINAL",
      "PRIMARY",
      "M",
      "ND",
      "NORM",
      "MOSAIC"
    ],
    "InPlanePhaseEncodingDirectionDICOM": "COL",
    "InstitutionAddress": "Franklin Blvd 1440, Eugene, Oregon, 97403, USA",
    "InstitutionName": "Lewis Center for Neuroimaging, University of Oregon",
    "InstitutionalDepartmentName": "Department of Geography",
    "Instructions": "Listen to the map and remember the general spatial distribution - where features are located and patterns that they make; After listening to the map you will be shown two squares and asked to decide:Does the area inside the black rectangle have higher density (louder) than the area inside the red dotted rectangle?",
    "MRAcquisitionType": "2D",
    "MagneticFieldStrength": 3,
    "Manufacturer": "Siemens",
    "ManufacturersModelName": "Skyra",
    "Modality": "MR",
    "Orientation": "tra",
    "PartialFourier": 1,
    "ParticipantLabel": "13",
    "PatientPosition": "HFS",
    "PercentPhaseFOV": 100,
    "PhaseEncodingDirection": "j-",
    "PhaseEncodingSteps": 64,
    "PhaseResolution": 1,
    "PixelBandwidth": 2300,
    "ProtocolName": "Audio Cartography",
    "PulseSequenceDetails": "%CustomerSeq%_cmrr_mbep2d_bold",
    "ReceiveCoilActiveElements": "HE1-4",
    "ReceiveCoilName": "HeadNeck_20",
    "ReconMatrixPE": 64,
    "RepetitionTime": 7,
    "ResponseInputDevice": "button box",
    "SAR": 0.0161747,
    "ScanOptions": "FS",
    "ScanningSequence": "EP",
    "SequenceName": "epfid2d1_64",
    "SequenceVariant": "SK_SS",
    "SeriesDescription": "functional_run-1",
    "SeriesNumber": 5,
    "ShimSetting": [
      -5136,
      7718,
      9139,
      360,
      -189,
      -258,
      281,
      -398
    ],
    "SliceThickness": 4,
    "SliceTiming": [
      1.92,
      1.86,
      1.8,
      1.74,
      1.68,
      1.62,
      1.56,
      1.5,
      1.44,
      1.38,
      1.32,
      1.26,
      1.2,
      1.14,
      1.08,
      1.02,
      0.96,
      0.9,
      0.84,
      0.78,
      0.72,
      0.66,
      0.6,
      0.54,
      0.48,
      0.42,
      0.36,
      0.3,
      0.24,
      0.18,
      0.12,
      0.06,
      0
    ],
    "SoftwareVersions": "syngo_MR_E11",
    "SpacingBetweenSlices": 3.9999999530625,
    "TaskDescription": "Listen to an auditory map (sonification of geospatial data), and based on information gleaned from the map make a relative value judgement about the data contained in the map.",
    "TaskName": "map listening",
    "TotalReadoutTime": 0.0315,
    "TxRefAmp": 414.09,
    "dataset": "ds001415",
    "modality": "bold",
    "run_id": 1,
    "subject_id": "13",
    "task_id": "maplistening"
  },
  "dummy_trs": 0,
  "dvars_nstd": 29.658741294415574,
  "dvars_std": 1.7597724138961037,
  "dvars_vstd": 1.030399655194805,
  "efc": 0.5349394615844204,
  "fber": 1521.296875,
  "fd_mean": 0.08965731274284429,
  "fd_num": 0,
  "fd_perc": 0.0,
  "fwhm_avg": 1.7487085081458547,
  "fwhm_x": 1.6511784615384615,
  "fwhm_y": 1.940316923076923,
  "fwhm_z": 1.6546301398221794,
  "gcor": 0.0197706,
  "gsr_x": -0.01531283464282751,
  "gsr_y": 0.05486804246902466,
  "provenance": {
    "md5sum": "5ea5a4977c6167f9c46b00c27c647b4d",
    "settings": {
      "fd_thres": 0.2,
      "testing": false
    },
    "software": "mriqc",
    "version": "23.0.1",
    "webapi_port": null,
    "webapi_url": "https://mriqc.nimh.nih.gov/api/v1"
  },
  "size_t": 78,
  "size_x": 64,
  "size_y": 64,
  "size_z": 33,
  "snr": 4.175944756865956,
  "spacing_tr": 7.0,
  "spacing_x": 3.25,
  "spacing_y": 3.25,
  "spacing_z": 3.9999029636383057,
  "summary_bg_k": 43.586292427246356,
  "summary_bg_mad": 347.99142885161586,
  "summary_bg_mean": 1014.7474365234375,
  "summary_bg_median": 428.98797607421875,
  "summary_bg_n": 78158.0,
  "summary_bg_p05": 157.0747085571289,
  "summary_bg_p95": 3723.1299072265597,
  "summary_bg_stdv": 1604.9534912109375,
  "summary_fg_k": 5.25302960995443,
  "summary_fg_mad": 3375.4118033678697,
  "summary_fg_mean": 17873.681640625,
  "summary_fg_median": 17131.30078125,
  "summary_fg_n": 26155.0,
  "summary_fg_p05": 12882.301171875,
  "summary_fg_p95": 24839.8802734375,
  "summary_fg_stdv": 4102.298828125,
  "tsnr": 96.44410705566406
}