{
  "aor": 0.0033000000000000004,
  "aqi": 0.002960522631578947,
  "bids_meta": {
    "AcquisitionMatrixPE": 64,
    "AcquisitionNumber": 1,
    "AcquisitionTime": "17:59:14",
    "BandwidthPerPixelPhaseEncode": 31.25,
    "BaseResolution": 64,
    "BodyPartExamined": "BRAIN",
    "ConsistencyInfo": "N4_VE11C_LATEST_20160120",
    "ConversionSoftware": "mcverter",
    "ConversionSoftwareVersion": "version 2.1.0 build 440",
    "DelayTime": 5,
    "DerivedVendorReportedEchoSpacing": 0.0005,
    "DeviceSerialNumber": "Scanner1",
    "DwellTime": 3.4e-06,
    "EchoTime": 0.027,
    "EchoTrainLength": 64,
    "EffectiveEchoSpacing": 0.0005,
    "FlipAngle": 90,
    "ImageOrientationPatientDICOM": [
      0.99799,
      -0.0016687,
      -0.0633447,
      -0.00330949,
      0.996916,
      -0.0784026
    ],
    "ImageType": [
      "ORIGINAL",
      "PRIMARY",
      "M",
      "ND",
      "NORM",
      "MOSAIC"
    ],
    "InPlanePhaseEncodingDirectionDICOM": "COL",
    "InstitutionAddress": "Franklin Blvd 1440, Eugene, Oregon, 97403, USA",
    "InstitutionName": "Lewis Center for Neuroimaging, University of Oregon",
    "InstitutionalDepartmentName": "Department of Geography",
    "Instructions": "Listen to the map and remember the general spatial distribution - where features are located and patterns that they make; After listening to the map you will be shown two squares and asked to decide:Does the area inside the black rectangle have higher density (louder) than the area inside the red dotted rectangle?",
    "MRAcquisitionType": "2D",
    "MagneticFieldStrength": 3,
    "Manufacturer": "Siemens",
    "ManufacturersModelName": "Skyra",
    "Modality": "MR",
    "Orientation": "tra",
    "PartialFourier": 1,
    "ParticipantLabel": "13",
    "PatientPosition": "HFS",
    "PercentPhaseFOV": 100,
    "PhaseEncodingDirection": "j-",
    "PhaseEncodingSteps": 64,
    "PhaseResolution": 1,
    "PixelBandwidth": 2300,
    "ProtocolName": "Audio Cartography",
    "PulseSequenceDetails": "%CustomerSeq%_cmrr_mbep2d_bold",
    "ReceiveCoilActiveElements": "HE1-4",
    "ReceiveCoilName": "HeadNeck_20",
    "ReconMatrixPE": 64,
    "RepetitionTime": 7,
    "ResponseInputDevice": "button box",
    "SAR": 0.0161747,
    "ScanOptions": "FS",
    "ScanningSequence": "EP",
    "SequenceName": "epfid2d1_64",
    "SequenceVariant": "SK_SS",
    "SeriesDescription": "functional_run-2",
    "SeriesNumber": 8,
    "ShimSetting": [
      -5136,
      7718,
      9139,
      360,
      -189,
      -258,
      281,
      -398
    ],
    "SliceThickness": 4,
    "SliceTiming": [
      1.92,
      1.86,
      1.8,
      1.74,
      1.68,
      1.62,
      1.56,
      1.5,
      1.44,
      1.38,
      1.32,
      1.26,
      1.2,
      1.14,
      1.08,
      1.02,
      0.96,
      0.9,
      0.84,
      0.78,
      0.72,
      0.66,
      0.6,
      0.54,
      0.48,
      0.42,
      0.36,
      0.3,
      0.24,
      0.18,
      0.12,
      0.06,
      0
    ],
    "SoftwareVersions": "syngo_MR_E11",
    "SpacingBetweenSlices": 3.9999999530625,
    "TaskDescription": "Listen to an auditory map (sonification of geospatial data), and based on information gleaned from the map make a relative value judgement about the data contained in the map.",
    "TaskName": "map listening",
    "TotalReadoutTime": 0.0315,
    "TxRefAmp": 414.09,
    "dataset": "ds001415",
    "modality": "bold",
    "run_id": 2,
    "subject_id": "13",
    "task_id": "maplistening"
  },
  "dummy_trs": 0,
  "dvars_nstd": 28.494649441999996,
  "dvars_std": 1.5767242893333338,
  "dvars_vstd": 1.0090347921333331,
  "efc": 0.5361483775328696,
  "fber": 1464.7789306640625,
  "fd_mean": 0.11001711285823793,
  "fd_num": 4,
  "fd_perc": 5.2631578947368425,
  "fwhm_avg": 1.7357407424085631,
  "fwhm_x": 1.6394615384615383,
  "fwhm_y": 1.9301384615384616,
  "fwhm_z": 1.63762222722569,
  "gcor": 0.0144062,
  "gsr_x": -0.015386940911412239,
  "gsr_y": 0.055889662355184555,
  "provenance": {
    "md5sum": "95c688d2df68d3e27896a6c9af0d9d64",
    "settings": {
      "fd_thres": 0.2,
      "testing": false
    },
    "software": "mriqc",
    "version": "23.0.1",
    "webapi_port": null,
    "webapi_url": "https://mriqc.nimh.nih.gov/api/v1"
  },
  "size_t": 76,
  "size_x": 64,
  "size_y": 64,
  "size_z": 33,
  "snr": 4.166862040669845,
  "spacing_tr": 7.0,
  "spacing_x": 3.25,
  "spacing_y": 3.25,
  "spacing_z": 3.9999029636383057,
  "summary_bg_k": 43.16668352966416,
  "summary_bg_mad": 356.93143923988663,
  "summary_bg_mean": 1027.6171875,
  "summary_bg_median": 435.07354736328125,
  "summary_bg_n": 78159.0,
  "summary_bg_p05": 157.43993682861327,
  "summary_bg_p95": 3780.970434570302,
  "summary_bg_stdv": 1616.777099609375,
  "summary_fg_k": 5.515780125097844,
  "summary_fg_mad": 3357.941276346778,
  "summary_fg_mean": 17819.38671875,
  "summary_fg_median": 17075.265625,
  "summary_fg_n": 26220.0,
  "summary_fg_p05": 12872.6916015625,
  "summary_fg_p95": 24722.82783203125,
  "summary_fg_stdv": 4097.79345703125,
  "tsnr": 105.46429443359375
}