{
  "aor": 0.0016813513513513514,
  "aqi": 0.0045398793243243245,
  "bids_meta": {
    "AcquisitionMatrixPE": 64,
    "AcquisitionNumber": 1,
    "AcquisitionTime": "18:06:03",
    "BandwidthPerPixelPhaseEncode": 31.25,
    "BaseResolution": 64,
    "BodyPartExamined": "BRAIN",
    "ConsistencyInfo": "N4_VE11C_LATEST_20160120",
    "ConversionSoftware": "mcverter",
    "ConversionSoftwareVersion": "version 2.1.0 build 440",
    "DelayTime": 5,
    "DerivedVendorReportedEchoSpacing": 0.0005,
    "DeviceSerialNumber": "Scanner1",
    "DwellTime": 3.4e-06,
    "EchoTime": 0.027,
    "EchoTrainLength": 64,
    "EffectiveEchoSpacing": 0.0005,
    "FlipAngle": 90,
    "ImageOrientationPatientDICOM": [
      0.999896,
      -0.00617093,
      -0.0129986,
      0.00383933,
      0.985037,
      -0.172301
    ],
    "ImageType": [
      "ORIGINAL",
      "PRIMARY",
      "M",
      "ND",
      "NORM",
      "MOSAIC"
    ],
    "InPlanePhaseEncodingDirectionDICOM": "COL",
    "InstitutionAddress": "Franklin Blvd 1440, Eugene, Oregon, 97403, USA",
    "InstitutionName": "Lewis Center for Neuroimaging, University of Oregon",
    "InstitutionalDepartmentName": "Department of Geography",
    "Instructions": "Listen to the map and remember the general spatial distribution - where features are located and patterns that they make; After listening to the map you will be shown two squares and asked to decide:Does the area inside the black rectangle have higher density (louder) than the area inside the red dotted rectangle?",
    "MRAcquisitionType": "2D",
    "MagneticFieldStrength": 3,
    "Manufacturer": "Siemens",
    "ManufacturersModelName": "Skyra",
    "Modality": "MR",
    "Orientation": "tra",
    "PartialFourier": 1,
    "ParticipantLabel": "17",
    "PatientPosition": "HFS",
    "PercentPhaseFOV": 100,
    "PhaseEncodingDirection": "j-",
    "PhaseEncodingSteps": 64,
    "PhaseResolution": 1,
    "PixelBandwidth": 2300,
    "ProtocolName": "Audio Cartography",
    "PulseSequenceDetails": "%CustomerSeq%_cmrr_mbep2d_bold",
    "ReceiveCoilActiveElements": "HE1-4",
    "ReceiveCoilName": "HeadNeck_20",
    "ReconMatrixPE": 64,
    "RepetitionTime": 7,
    "ResponseInputDevice": "button box",
    "SAR": 0.0215281,
    "ScanOptions": "FS",
    "ScanningSequence": "EP",
    "SequenceName": "epfid2d1_64",
    "SequenceVariant": "SK_SS",
    "SeriesDescription": "functional_run-2",
    "SeriesNumber": 8,
    "ShimSetting": [
      -5100,
      7759,
      8996,
      468,
      -194,
      -178,
      23,
      -455
    ],
    "SliceThickness": 4,
    "SliceTiming": [
      1.92,
      1.86,
      1.8,
      1.74,
      1.68,
      1.62,
      1.56,
      1.5,
      1.44,
      1.38,
      1.32,
      1.26,
      1.2,
      1.14,
      1.08,
      1.02,
      0.96,
      0.9,
      0.84,
      0.78,
      0.72,
      0.66,
      0.6,
      0.54,
      0.48,
      0.42,
      0.36,
      0.3,
      0.24,
      0.18,
      0.12,
      0.06,
      0
    ],
    "SoftwareVersions": "syngo_MR_E11",
    "SpacingBetweenSlices": 4.0000000727262,
    "TaskDescription": "Listen to an auditory map (sonification of geospatial data), and based on information gleaned from the map make a relative value judgement about the data contained in the map.",
    "TaskName": "map listening",
    "TotalReadoutTime": 0.0315,
    "TxRefAmp": 362.345,
    "dataset": "ds001415",
    "modality": "bold",
    "run_id": 2,
    "subject_id": "17",
    "task_id": "maplistening"
  },
  "dummy_trs": 0,
  "dvars_nstd": 22.01379120150685,
  "dvars_std": 1.2866040552054794,
  "dvars_vstd": 0.9615855068493147,
  "efc": 0.5004018885682423,
  "fber": 2611.04931640625,
  "fd_mean": 0.1754377784210844,
  "fd_num": 22,
  "fd_perc": 29.72972972972973,
  "fwhm_avg": 1.6745193150523987,
  "fwhm_x": 1.6352246153846153,
  "fwhm_y": 1.8460430769230771,
  "fwhm_z": 1.5422902528495037,
  "gcor": 0.0259769,
  "gsr_x": -0.012061906047165394,
  "gsr_y": 0.03888470306992531,
  "provenance": {
    "md5sum": "7cf8859d36a8afa60b353853763df515",
    "settings": {
      "fd_thres": 0.2,
      "testing": false
    },
    "software": "mriqc",
    "version": "23.0.1",
    "webapi_port": null,
    "webapi_url": "https://mriqc.nimh.nih.gov/api/v1"
  },
  "size_t": 74,
  "size_x": 64,
  "size_y": 64,
  "size_z": 33,
  "snr": 5.26561239771399,
  "spacing_tr": 7.0,
  "spacing_x": 3.25,
  "spacing_y": 3.25,
  "spacing_z": 3.9997918605804443,
  "summary_bg_k": 50.6846851892146,
  "summary_bg_mad": 228.38801029147535,
  "summary_bg_mean": 822.5468139648438,
  "summary_bg_median": 328.95220947265625,
  "summary_bg_n": 82462.0,
  "summary_bg_p05": 132.3709602355957,
  "summary_bg_p95": 2977.0975830078114,
  "summary_bg_stdv": 1536.7640380859375,
  "summary_fg_k": 3.1587360560555524,
  "summary_fg_mad": 3140.8450207310607,
  "summary_fg_mean": 17302.455078125,
  "summary_fg_median": 17000.44921875,
  "summary_fg_n": 22234.0,
  "summary_fg_p05": 12956.847363281251,
  "summary_fg_p95": 22391.213671874997,
  "summary_fg_stdv": 3228.507080078125,
  "tsnr": 83.9227294921875
}