{
  "aor": 0.0036117948717948713,
  "aqi": 0.0037906910256410263,
  "bids_meta": {
    "AcquisitionMatrixPE": 64,
    "AcquisitionNumber": 1,
    "AcquisitionTime": "17:49:48",
    "BandwidthPerPixelPhaseEncode": 31.25,
    "BaseResolution": 64,
    "BodyPartExamined": "BRAIN",
    "ConsistencyInfo": "N4_VE11C_LATEST_20160120",
    "ConversionSoftware": "mcverter",
    "ConversionSoftwareVersion": "version 2.1.0 build 440",
    "DelayTime": 5,
    "DerivedVendorReportedEchoSpacing": 0.0005,
    "DeviceSerialNumber": "Scanner1",
    "DwellTime": 3.4e-06,
    "EchoTime": 0.027,
    "EchoTrainLength": 64,
    "EffectiveEchoSpacing": 0.0005,
    "FlipAngle": 90,
    "ImageOrientationPatientDICOM": [
      0.999896,
      -0.00617093,
      -0.0129986,
      0.00383933,
      0.985037,
      -0.172301
    ],
    "ImageType": [
      "ORIGINAL",
      "PRIMARY",
      "M",
      "ND",
      "NORM",
      "MOSAIC"
    ],
    "InPlanePhaseEncodingDirectionDICOM": "COL",
    "InstitutionAddress": "Franklin Blvd 1440, Eugene, Oregon, 97403, USA",
    "InstitutionName": "Lewis Center for Neuroimaging, University of Oregon",
    "InstitutionalDepartmentName": "Department of Geography",
    "Instructions": "Listen to the map and remember the general spatial distribution - where features are located and patterns that they make; After listening to the map you will be shown two squares and asked to decide:Does the area inside the black rectangle have higher density (louder) than the area inside the red dotted rectangle?",
    "MRAcquisitionType": "2D",
    "MagneticFieldStrength": 3,
    "Manufacturer": "Siemens",
    "ManufacturersModelName": "Skyra",
    "Modality": "MR",
    "Orientation": "tra",
    "PartialFourier": 1,
    "ParticipantLabel": "17",
    "PatientPosition": "HFS",
    "PercentPhaseFOV": 100,
    "PhaseEncodingDirection": "j-",
    "PhaseEncodingSteps": 64,
    "PhaseResolution": 1,
    "PixelBandwidth": 2300,
    "ProtocolName": "Audio Cartography",
    "PulseSequenceDetails": "%CustomerSeq%_cmrr_mbep2d_bold",
    "ReceiveCoilActiveElements": "HE1-4",
    "ReceiveCoilName": "HeadNeck_20",
    "ReconMatrixPE": 64,
    "RepetitionTime": 7,
    "ResponseInputDevice": "button box",
    "SAR": 0.0215281,
    "ScanOptions": "FS",
    "ScanningSequence": "EP",
    "SequenceName": "epfid2d1_64",
    "SequenceVariant": "SK_SS",
    "SeriesDescription": "functional_run-1",
    "SeriesNumber": 5,
    "ShimSetting": [
      -5100,
      7759,
      8996,
      468,
      -194,
      -178,
      23,
      -455
    ],
    "SliceThickness": 4,
    "SliceTiming": [
      1.92,
      1.86,
      1.8,
      1.74,
      1.68,
      1.62,
      1.56,
      1.5,
      1.44,
      1.38,
      1.32,
      1.26,
      1.2,
      1.14,
      1.08,
      1.02,
      0.96,
      0.9,
      0.84,
      0.78,
      0.72,
      0.66,
      0.6,
      0.54,
      0.48,
      0.42,
      0.36,
      0.3,
      0.24,
      0.18,
      0.12,
      0.06,
      0
    ],
    "SoftwareVersions": "syngo_MR_E11",
    "SpacingBetweenSlices": 4.0000000727262,
    "TaskDescription": "Listen to an auditory map (sonification of geospatial data), and based on information gleaned from the map make a relative value judgement about the data contained in the map.",
    "TaskName": "map listening",
    "TotalReadoutTime": 0.0315,
    "TxRefAmp": 362.345,
    "dataset": "ds001415",
    "modality": "bold",
    "run_id": 1,
    "subject_id": "17",
    "task_id": "maplistening"
  },
  "dummy_trs": 0,
  "dvars_nstd": 20.248353834675324,
  "dvars_std": 1.367218045974026,
  "dvars_vstd": 1.0236612507792207,
  "efc": 0.4987131834001556,
  "fber": 2704.1904296875,
  "fd_mean": 0.1278765935242547,
  "fd_num": 11,
  "fd_perc": 14.102564102564102,
  "fwhm_avg": 1.6638428582416351,
  "fwhm_x": 1.6248799999999999,
  "fwhm_y": 1.834433846153846,
  "fwhm_z": 1.53221472857106,
  "gcor": 0.0248213,
  "gsr_x": -0.011192710138857365,
  "gsr_y": 0.03855547308921814,
  "provenance": {
    "md5sum": "ef5c095e6d68b93c194e68530017d7c2",
    "settings": {
      "fd_thres": 0.2,
      "testing": false
    },
    "software": "mriqc",
    "version": "23.0.1",
    "webapi_port": null,
    "webapi_url": "https://mriqc.nimh.nih.gov/api/v1"
  },
  "size_t": 78,
  "size_x": 64,
  "size_y": 64,
  "size_z": 33,
  "snr": 5.232014151665944,
  "spacing_tr": 7.0,
  "spacing_x": 3.25,
  "spacing_y": 3.25,
  "spacing_z": 3.9997918605804443,
  "summary_bg_k": 53.7377714567726,
  "summary_bg_mad": 218.1257248624722,
  "summary_bg_mean": 805.8726806640625,
  "summary_bg_median": 322.8569641113281,
  "summary_bg_n": 82455.0,
  "summary_bg_p05": 133.5913070678711,
  "summary_bg_p95": 2896.7703125000003,
  "summary_bg_stdv": 1532.595458984375,
  "summary_fg_k": 3.2112113361545678,
  "summary_fg_mad": 3175.3024916277545,
  "summary_fg_mean": 17356.46875,
  "summary_fg_median": 17039.189453125,
  "summary_fg_n": 22244.0,
  "summary_fg_p05": 12998.699462890625,
  "summary_fg_p95": 22515.31533203125,
  "summary_fg_stdv": 3256.643798828125,
  "tsnr": 90.4238052368164
}