{
  "bids_meta": {
    "AcquisitionMatrixPE": 256,
    "AcquisitionNumber": 1,
    "AcquisitionTime": "11:11:02",
    "BaseResolution": 256,
    "BodyPartExamined": "BRAIN",
    "ConsistencyInfo": "N4_VE11C_LATEST_20160120",
    "ConversionSoftware": "mcverter",
    "ConversionSoftwareVersion": "version 2.1.0 build 440",
    "DeIdentificationSoftware": "mri_deface-v1.22",
    "DeviceSerialNumber": "Scanner1",
    "DwellTime": 1.03e-05,
    "EchoTime": 0.00343,
    "FlipAngle": 7,
    "ImageOrientationPatientDICOM": [
      -0.0473416,
      0.998879,
      3.93037e-08,
      -0.0638395,
      -0.00302562,
      -0.997956
    ],
    "ImageType": [
      "ORIGINAL",
      "PRIMARY",
      "M",
      "ND",
      "NORM"
    ],
    "InPlanePhaseEncodingDirectionDICOM": "ROW",
    "InstitutionAddress": "Franklin Blvd 1440, Eugene, Oregon, 97403, USA",
    "InstitutionName": "Lewis Center for Neuroimaging, University of Oregon",
    "InstitutionalDepartmentName": "Department of Geography",
    "InversionTime": 1.1,
    "MRAcquisitionType": "3D",
    "MagneticFieldStrength": 3,
    "Manufacturer": "Siemens",
    "ManufacturersModelName": "Skyra",
    "Modality": "MR",
    "Orientation": "sag",
    "ParallelReductionFactorInPlane": 2,
    "PartialFourier": 1,
    "ParticipantLabel": "21",
    "PatientPosition": "HFS",
    "PercentPhaseFOV": 100,
    "PhaseEncodingSteps": 255,
    "PhaseResolution": 1,
    "PixelBandwidth": 190,
    "ProtocolName": "mprage_p2",
    "PulseSequenceDetails": "%SiemensSeq%_tfl",
    "PulseSequenceType": "MPRAGE",
    "ReceiveCoilActiveElements": "HE1-4",
    "ReceiveCoilName": "HeadNeck_20",
    "ReconMatrixPE": 256,
    "RepetitionTime": 2.5,
    "SAR": 0.0650933,
    "ScanOptions": "IR",
    "ScanningSequence": "GR_IR",
    "SequenceName": "_tfl3d1_16ns",
    "SequenceVariant": "SK_SP_MP",
    "SeriesDescription": "mprage_p2_ND",
    "SeriesNumber": 6,
    "ShimSetting": [
      -5097,
      7658,
      9033,
      276,
      -95,
      -431,
      324,
      -179
    ],
    "SliceThickness": 1,
    "SoftwareVersions": "syngo_MR_E11",
    "TaskInstruction": "Please rest and remain still while a reference scan runs.",
    "TaskName": "anatomical",
    "TxRefAmp": 356.376,
    "dataset": "ds001415",
    "modality": "T1w",
    "subject_id": "21"
  },
  "cjv": 0.379055154263238,
  "cnr": 3.5021396159756084,
  "efc": 0.5441355110080803,
  "fber": 24791.010405827263,
  "fwhm_avg": 3.288386556557914,
  "fwhm_x": 3.375539669673742,
  "fwhm_y": 3.42882,
  "fwhm_z": 3.0608,
  "icvs_csf": 0.1951490651777997,
  "icvs_gm": 0.4542705877294916,
  "icvs_wm": 0.3505803470927087,
  "inu_med": 0.3665551543235779,
  "inu_range": 0.06076972186565399,
  "provenance": {
    "md5sum": "80d10af620f3f3521b0d1f4f66b26992",
    "settings": {
      "testing": false
    },
    "software": "mriqc",
    "version": "23.0.1",
    "warnings": {
      "large_rot_frame": true,
      "small_air_mask": false
    },
    "webapi_port": null,
    "webapi_url": "https://mriqc.nimh.nih.gov/api/v1"
  },
  "qi_1": 0.0,
  "qi_2": 0.003817061825708486,
  "rpve_csf": 18.575562372439872,
  "rpve_gm": 8.602549590712698,
  "rpve_wm": 12.534484992334638,
  "size_x": 176,
  "size_y": 256,
  "size_z": 169,
  "snr_csf": 1.6341706795724267,
  "snr_gm": 9.618259594905535,
  "snr_total": 10.7756356898159,
  "snr_wm": 21.074476794969733,
  "snrd_csf": 25.6710366899975,
  "snrd_gm": 86.11223491020345,
  "snrd_total": 78.53398869510438,
  "snrd_wm": 123.81869448511219,
  "spacing_x": 0.9999467730522156,
  "spacing_y": 1.0,
  "spacing_z": 1.0,
  "summary_bg_k": 8.431348360102957,
  "summary_bg_mad": 5.291206088557858,
  "summary_bg_mean": 6.546050641022048,
  "summary_bg_median": 3.5688642729073763,
  "summary_bg_n": 1827175.0,
  "summary_bg_p05": 0.0,
  "summary_bg_p95": 24.66528680920601,
  "summary_bg_stdv": 9.02784441760457,
  "summary_csf_k": 0.7242467034275206,
  "summary_csf_mad": 111.725851639164,
  "summary_csf_mean": 232.6015124558913,
  "summary_csf_median": 207.33200846984982,
  "summary_csf_n": 23586.0,
  "summary_csf_p05": 66.34603153495118,
  "summary_csf_p95": 481.60133959678933,
  "summary_csf_stdv": 126.87023196552956,
  "summary_gm_k": 0.04889069146814595,
  "summary_gm_mad": 70.44505147488273,
  "summary_gm_mean": 696.401422924993,
  "summary_gm_median": 695.4850648753345,
  "summary_gm_n": 28788.0,
  "summary_gm_p05": 578.9236347927712,
  "summary_gm_p95": 819.3246551452204,
  "summary_gm_stdv": 72.30757066613377,
  "summary_wm_k": 0.40305360895719655,
  "summary_wm_mad": 44.9909062086251,
  "summary_wm_mean": 1000.2932606097172,
  "summary_wm_median": 1000.0211103167385,
  "summary_wm_n": 180390.0,
  "summary_wm_p05": 923.068794278428,
  "summary_wm_p95": 1078.6417120210826,
  "summary_wm_stdv": 47.4516329971621,
  "tpm_overlap_csf": 0.15907730213080798,
  "tpm_overlap_gm": 0.4720614530447346,
  "tpm_overlap_wm": 0.5083192208714132,
  "wm2max": 0.7558445856161239
}