{
  "aor": 0.0019135294117647056,
  "aqi": 0.0031592144117647057,
  "bids_meta": {
    "AcquisitionMatrixPE": 64,
    "AcquisitionNumber": 1,
    "AcquisitionTime": "17:59:53",
    "BandwidthPerPixelPhaseEncode": 31.25,
    "BaseResolution": 64,
    "BodyPartExamined": "BRAIN",
    "ConsistencyInfo": "N4_VE11C_LATEST_20160120",
    "ConversionSoftware": "mcverter",
    "ConversionSoftwareVersion": "version 2.1.0 build 440",
    "DelayTime": 5,
    "DerivedVendorReportedEchoSpacing": 0.0005,
    "DeviceSerialNumber": "Scanner1",
    "DwellTime": 3.4e-06,
    "EchoTime": 0.027,
    "EchoTrainLength": 64,
    "EffectiveEchoSpacing": 0.0005,
    "FlipAngle": 90,
    "ImageOrientationPatientDICOM": [
      0.996497,
      0.0732312,
      0.0403742,
      -0.0719543,
      0.996887,
      -0.0322232
    ],
    "ImageType": [
      "ORIGINAL",
      "PRIMARY",
      "M",
      "ND",
      "NORM",
      "MOSAIC"
    ],
    "InPlanePhaseEncodingDirectionDICOM": "COL",
    "InstitutionAddress": "Franklin Blvd 1440, Eugene, Oregon, 97403, USA",
    "InstitutionName": "Lewis Center for Neuroimaging, University of Oregon",
    "InstitutionalDepartmentName": "Department of Geography",
    "Instructions": "Listen to the map and remember the general spatial distribution - where features are located and patterns that they make; After listening to the map you will be shown two squares and asked to decide:Does the area inside the black rectangle have higher density (louder) than the area inside the red dotted rectangle?",
    "MRAcquisitionType": "2D",
    "MagneticFieldStrength": 3,
    "Manufacturer": "Siemens",
    "ManufacturersModelName": "Skyra",
    "Modality": "MR",
    "Orientation": "tra",
    "PartialFourier": 1,
    "ParticipantLabel": "20",
    "PatientPosition": "HFS",
    "PercentPhaseFOV": 100,
    "PhaseEncodingDirection": "j-",
    "PhaseEncodingSteps": 64,
    "PhaseResolution": 1,
    "PixelBandwidth": 2300,
    "ProtocolName": "Audio Cartography",
    "PulseSequenceDetails": "%CustomerSeq%_cmrr_mbep2d_bold",
    "ReceiveCoilActiveElements": "HE1-4;NE1,2",
    "ReceiveCoilName": "HeadNeck_20",
    "ReconMatrixPE": 64,
    "RepetitionTime": 7,
    "ResponseInputDevice": "button box",
    "SAR": 0.0212546,
    "ScanOptions": "FS",
    "ScanningSequence": "EP",
    "SequenceName": "epfid2d1_64",
    "SequenceVariant": "SK_SS",
    "SeriesDescription": "functional_run-2",
    "SeriesNumber": 9,
    "ShimSetting": [
      -5138,
      7599,
      9005,
      496,
      -138,
      -93,
      541,
      -766
    ],
    "SliceThickness": 4,
    "SliceTiming": [
      1.92,
      1.86,
      1.8,
      1.74,
      1.68,
      1.62,
      1.56,
      1.5,
      1.44,
      1.38,
      1.32,
      1.26,
      1.2,
      1.14,
      1.08,
      1.02,
      0.96,
      0.9,
      0.84,
      0.78,
      0.72,
      0.66,
      0.6,
      0.54,
      0.48,
      0.42,
      0.36,
      0.3,
      0.24,
      0.18,
      0.12,
      0.06,
      0
    ],
    "SoftwareVersions": "syngo_MR_E11",
    "SpacingBetweenSlices": 4.0000000498961,
    "TaskDescription": "Listen to an auditory map (sonification of geospatial data), and based on information gleaned from the map make a relative value judgement about the data contained in the map.",
    "TaskName": "map listening",
    "TotalReadoutTime": 0.0315,
    "TxRefAmp": 392.256,
    "dataset": "ds001415",
    "modality": "bold",
    "run_id": 2,
    "subject_id": "20",
    "task_id": "maplistening"
  },
  "dummy_trs": 0,
  "dvars_nstd": 23.83694987492538,
  "dvars_std": 1.2994674453731345,
  "dvars_vstd": 0.984609193880597,
  "efc": 0.44652635372268723,
  "fber": 2512.680419921875,
  "fd_mean": 0.2144705005430424,
  "fd_num": 34,
  "fd_perc": 50.0,
  "fwhm_avg": 1.702332358287357,
  "fwhm_x": 1.6394276923076925,
  "fwhm_y": 1.8793415384615384,
  "fwhm_z": 1.5882278440928401,
  "gcor": 0.0202843,
  "gsr_x": -0.01398083008825779,
  "gsr_y": 0.03944326564669609,
  "provenance": {
    "md5sum": "fc2127f4b04c5e6a45dcd3a8bc608f92",
    "settings": {
      "fd_thres": 0.2,
      "testing": false
    },
    "software": "mriqc",
    "version": "23.0.1",
    "webapi_port": null,
    "webapi_url": "https://mriqc.nimh.nih.gov/api/v1"
  },
  "size_t": 68,
  "size_x": 64,
  "size_y": 64,
  "size_z": 33,
  "snr": 3.6157989641178707,
  "spacing_tr": 7.0,
  "spacing_x": 3.25,
  "spacing_y": 3.25,
  "spacing_z": 4.000024318695068,
  "summary_bg_k": 68.65888838565049,
  "summary_bg_mad": 167.82092933390751,
  "summary_bg_mean": 672.6170654296875,
  "summary_bg_median": 303.70355224609375,
  "summary_bg_n": 89233.0,
  "summary_bg_p05": 155.46085510253906,
  "summary_bg_p95": 2327.3603027343693,
  "summary_bg_stdv": 1192.0089111328125,
  "summary_fg_k": 1.366521947840555,
  "summary_fg_mad": 3345.5614030368833,
  "summary_fg_mean": 16015.80859375,
  "summary_fg_median": 15051.3525390625,
  "summary_fg_n": 17775.0,
  "summary_fg_p05": 11206.65654296875,
  "summary_fg_p95": 24579.371874999997,
  "summary_fg_stdv": 4162.5458984375,
  "tsnr": 105.38673400878906
}