{
  "aor": 0.00859409090909091,
  "aqi": 0.01168152090909091,
  "bids_meta": {
    "AcquisitionMatrixPE": 64,
    "AcquisitionNumber": 1,
    "AcquisitionTime": "13:05:54",
    "BandwidthPerPixelPhaseEncode": 31.25,
    "BaseResolution": 64,
    "BodyPartExamined": "BRAIN",
    "ConsistencyInfo": "N4_VE11C_LATEST_20160120",
    "ConversionSoftware": "mcverter",
    "ConversionSoftwareVersion": "version 2.1.0 build 440",
    "DelayTime": 5,
    "DerivedVendorReportedEchoSpacing": 0.0005,
    "DeviceSerialNumber": "Scanner1",
    "DwellTime": 3.4e-06,
    "EchoTime": 0.027,
    "EchoTrainLength": 64,
    "EffectiveEchoSpacing": 0.0005,
    "FlipAngle": 90,
    "ImageOrientationPatientDICOM": [
      0.999392,
      0.00927353,
      -0.0336113,
      -0.0118615,
      0.996911,
      -0.0776358
    ],
    "ImageType": [
      "ORIGINAL",
      "PRIMARY",
      "M",
      "ND",
      "NORM",
      "MOSAIC"
    ],
    "InPlanePhaseEncodingDirectionDICOM": "COL",
    "InstitutionAddress": "Franklin Blvd 1440, Eugene, Oregon, 97403, USA",
    "InstitutionName": "Lewis Center for Neuroimaging, University of Oregon",
    "InstitutionalDepartmentName": "Department of Geography",
    "Instructions": "Listen to the map and remember the general spatial distribution - where features are located and patterns that they make; After listening to the map you will be shown two squares and asked to decide:Does the area inside the black rectangle have higher density (louder) than the area inside the red dotted rectangle?",
    "MRAcquisitionType": "2D",
    "MagneticFieldStrength": 3,
    "Manufacturer": "Siemens",
    "ManufacturersModelName": "Skyra",
    "Modality": "MR",
    "Orientation": "tra",
    "PartialFourier": 1,
    "ParticipantLabel": "06",
    "PatientPosition": "HFS",
    "PercentPhaseFOV": 100,
    "PhaseEncodingDirection": "j-",
    "PhaseEncodingSteps": 64,
    "PhaseResolution": 1,
    "PixelBandwidth": 2300,
    "ProtocolName": "Audio Cartography",
    "PulseSequenceDetails": "%CustomerSeq%_cmrr_mbep2d_bold",
    "ReceiveCoilActiveElements": "HE1-4",
    "ReceiveCoilName": "HeadNeck_20",
    "ReconMatrixPE": 64,
    "RepetitionTime": 7,
    "ResponseInputDevice": "button box",
    "SAR": 0.0181717,
    "ScanOptions": "FS",
    "ScanningSequence": "EP",
    "SequenceName": "epfid2d1_64",
    "SequenceVariant": "SK_SS",
    "SeriesDescription": "functional_run-1",
    "SeriesNumber": 5,
    "ShimSetting": [
      -5066,
      7704,
      8903,
      583,
      -166,
      -422,
      366,
      -305
    ],
    "SliceThickness": 4,
    "SliceTiming": [
      1.92,
      1.86,
      1.8,
      1.74,
      1.68,
      1.62,
      1.56,
      1.5,
      1.44,
      1.38,
      1.32,
      1.26,
      1.2,
      1.14,
      1.08,
      1.02,
      0.96,
      0.9,
      0.84,
      0.78,
      0.72,
      0.66,
      0.6,
      0.54,
      0.48,
      0.42,
      0.36,
      0.3,
      0.24,
      0.18,
      0.12,
      0.06,
      0
    ],
    "SoftwareVersions": "syngo_MR_E11",
    "SpacingBetweenSlices": 4.0000001083729,
    "TaskDescription": "Listen to an auditory map (sonification of geospatial data), and based on information gleaned from the map make a relative value judgement about the data contained in the map.",
    "TaskName": "map listening",
    "TotalReadoutTime": 0.0315,
    "TxRefAmp": 396.139,
    "dataset": "ds001415",
    "modality": "bold",
    "run_id": 1,
    "subject_id": "06",
    "task_id": "maplistening"
  },
  "dummy_trs": 0,
  "dvars_nstd": 54.12136972876923,
  "dvars_std": 1.2571125395384615,
  "dvars_vstd": 1.035101723846154,
  "efc": 0.4968774950069808,
  "fber": 2256.59716796875,
  "fd_mean": 1.2048340183310537,
  "fd_num": 64,
  "fd_perc": 96.96969696969697,
  "fwhm_avg": 1.663950343420141,
  "fwhm_x": 1.6117076923076925,
  "fwhm_y": 1.8435107692307693,
  "fwhm_z": 1.536632568721961,
  "gcor": 0.0251323,
  "gsr_x": -0.022422252222895622,
  "gsr_y": 0.05915486812591553,
  "provenance": {
    "md5sum": "40b509e8592d4a147919a40f6eaee754",
    "settings": {
      "fd_thres": 0.2,
      "testing": false
    },
    "software": "mriqc",
    "version": "23.0.1",
    "webapi_port": null,
    "webapi_url": "https://mriqc.nimh.nih.gov/api/v1"
  },
  "size_t": 66,
  "size_x": 64,
  "size_y": 64,
  "size_z": 33,
  "snr": 3.743503111295542,
  "spacing_tr": 7.0,
  "spacing_x": 3.25,
  "spacing_y": 3.25,
  "spacing_z": 3.9999282360076904,
  "summary_bg_k": 57.85261962564223,
  "summary_bg_mad": 212.55517550825218,
  "summary_bg_mean": 783.8565673828125,
  "summary_bg_median": 309.7842102050781,
  "summary_bg_n": 82598.0,
  "summary_bg_p05": 125.13329429626465,
  "summary_bg_p95": 2801.8534667968743,
  "summary_bg_stdv": 1439.2099609375,
  "summary_fg_k": 3.0134906523752942,
  "summary_fg_mad": 3179.253684454221,
  "summary_fg_mean": 15587.56640625,
  "summary_fg_median": 14763.1259765625,
  "summary_fg_n": 22689.0,
  "summary_fg_p05": 10854.16875,
  "summary_fg_p95": 23001.115234375,
  "summary_fg_stdv": 3943.5791015625,
  "tsnr": 41.36201477050781
}