{
  "bids_meta": {
    "AcquisitionMatrixPE": 256,
    "AcquisitionNumber": 1,
    "AcquisitionTime": "17:52:36",
    "BaseResolution": 256,
    "BodyPartExamined": "BRAIN",
    "ConsistencyInfo": "N4_VE11C_LATEST_20160120",
    "ConversionSoftware": "mcverter",
    "ConversionSoftwareVersion": "version 2.1.0 build 440",
    "DeIdentificationSoftware": "mri_deface-v1.22",
    "DeviceSerialNumber": "Scanner1",
    "DwellTime": 1.03e-05,
    "EchoTime": 0.00343,
    "FlipAngle": 7,
    "ImageOrientationPatientDICOM": [
      -0.0051974,
      0.999986,
      3.7571e-08,
      -0.0660683,
      -0.00034335,
      -0.997815
    ],
    "ImageType": [
      "ORIGINAL",
      "PRIMARY",
      "M",
      "ND",
      "NORM"
    ],
    "InPlanePhaseEncodingDirectionDICOM": "ROW",
    "InstitutionAddress": "Franklin Blvd 1440, Eugene, Oregon, 97403, USA",
    "InstitutionName": "Lewis Center for Neuroimaging, University of Oregon",
    "InstitutionalDepartmentName": "Department of Geography",
    "InversionTime": 1.1,
    "MRAcquisitionType": "3D",
    "MagneticFieldStrength": 3,
    "Manufacturer": "Siemens",
    "ManufacturersModelName": "Skyra",
    "Modality": "MR",
    "Orientation": "sag",
    "ParallelReductionFactorInPlane": 2,
    "PartialFourier": 1,
    "ParticipantLabel": "13",
    "PatientPosition": "HFS",
    "PercentPhaseFOV": 100,
    "PhaseEncodingSteps": 255,
    "PhaseResolution": 1,
    "PixelBandwidth": 190,
    "ProtocolName": "mprage_p2",
    "PulseSequenceDetails": "%SiemensSeq%_tfl",
    "PulseSequenceType": "MPRAGE",
    "ReceiveCoilActiveElements": "HE1-4",
    "ReceiveCoilName": "HeadNeck_20",
    "ReconMatrixPE": 256,
    "RepetitionTime": 2.5,
    "SAR": 0.0461397,
    "ScanOptions": "IR",
    "ScanningSequence": "GR_IR",
    "SequenceName": "_tfl3d1_16ns",
    "SequenceVariant": "SK_SP_MP",
    "SeriesDescription": "mprage_p2_ND",
    "SeriesNumber": 6,
    "ShimSetting": [
      -5136,
      7689,
      9008,
      72,
      -125,
      -769,
      590,
      -368
    ],
    "SliceThickness": 1,
    "SoftwareVersions": "syngo_MR_E11",
    "TaskInstruction": "Please rest and remain still while a reference scan runs.",
    "TaskName": "anatomical",
    "TxRefAmp": 414.09,
    "dataset": "ds001415",
    "modality": "T1w",
    "subject_id": "13"
  },
  "cjv": 0.37416179480176137,
  "cnr": 3.4919702964813815,
  "efc": 0.6015276628332629,
  "fber": 32635.207939508506,
  "fwhm_avg": 3.1774467573452405,
  "fwhm_x": 3.2216802720357207,
  "fwhm_y": 3.28861,
  "fwhm_z": 3.02205,
  "icvs_csf": 0.2110244806773997,
  "icvs_gm": 0.44128005969728934,
  "icvs_wm": 0.347695459625311,
  "inu_med": 0.4053909182548523,
  "inu_range": 0.05922562927007674,
  "provenance": {
    "md5sum": "37fbeb5f11209002081a5fbe9ef4dd3a",
    "settings": {
      "testing": false
    },
    "software": "mriqc",
    "version": "23.0.1",
    "warnings": {
      "large_rot_frame": true,
      "small_air_mask": false
    },
    "webapi_port": null,
    "webapi_url": "https://mriqc.nimh.nih.gov/api/v1"
  },
  "qi_1": 0.0,
  "qi_2": 0.0027299045595269664,
  "rpve_csf": 15.36830274274944,
  "rpve_gm": 7.656484391045389,
  "rpve_wm": 11.013187765776275,
  "size_x": 176,
  "size_y": 256,
  "size_z": 169,
  "snr_csf": 1.8205494180657014,
  "snr_gm": 9.484350370552434,
  "snr_total": 10.594015151295213,
  "snr_wm": 20.477145665267503,
  "snrd_csf": 31.504913726652376,
  "snrd_gm": 109.57364141365625,
  "snrd_total": 99.80072248648008,
  "snrd_wm": 158.32361231913163,
  "spacing_x": 0.999894380569458,
  "spacing_y": 1.0,
  "spacing_z": 1.0,
  "summary_bg_k": 9.736273785943249,
  "summary_bg_mad": 4.138044565366306,
  "summary_bg_mean": 5.1611199277483095,
  "summary_bg_median": 2.791068645194173,
  "summary_bg_n": 1615128.0,
  "summary_bg_p05": 0.0,
  "summary_bg_p95": 21.782926719635725,
  "summary_bg_stdv": 8.112339879734183,
  "summary_csf_k": 2.830605352171534,
  "summary_csf_mad": 88.89017536279349,
  "summary_csf_mean": 216.21745821234566,
  "summary_csf_median": 198.9948002109304,
  "summary_csf_n": 35068.0,
  "summary_csf_p05": 67.09057487733662,
  "summary_csf_p95": 425.7229595801795,
  "summary_csf_stdv": 109.30324711079764,
  "summary_gm_k": 0.18592975699081515,
  "summary_gm_mad": 69.22668539804533,
  "summary_gm_mean": 690.4659383615941,
  "summary_gm_median": 692.1010820940137,
  "summary_gm_n": 28040.0,
  "summary_gm_p05": 565.3907626979053,
  "summary_gm_p95": 810.3122826833278,
  "summary_gm_stdv": 72.97165473930352,
  "summary_wm_k": 0.49751368028928145,
  "summary_wm_mad": 45.9851869745218,
  "summary_wm_mean": 999.9869546412623,
  "summary_wm_median": 1000.0210086423904,
  "summary_wm_n": 190922.0,
  "summary_wm_p05": 920.0243644658476,
  "summary_wm_p95": 1079.7658270765096,
  "summary_wm_stdv": 48.83582927329559,
  "tpm_overlap_csf": 0.15770357501238544,
  "tpm_overlap_gm": 0.4529838397743763,
  "tpm_overlap_wm": 0.4825690364539448,
  "wm2max": 0.7775540907184645
}