{
  "aor": 0.01492642857142857,
  "aqi": 0.014326853857142855,
  "bids_meta": {
    "AcquisitionMatrixPE": 64,
    "AcquisitionNumber": 1,
    "AcquisitionTime": "14:06:46",
    "BandwidthPerPixelPhaseEncode": 31.25,
    "BaseResolution": 64,
    "BodyPartExamined": "BRAIN",
    "ConsistencyInfo": "N4_VE11C_LATEST_20160120",
    "ConversionSoftware": "mcverter",
    "ConversionSoftwareVersion": "version 2.1.0 build 440",
    "DelayTime": 5,
    "DerivedVendorReportedEchoSpacing": 0.0005,
    "DeviceSerialNumber": "Scanner1",
    "DwellTime": 3.4e-06,
    "EchoTime": 0.027,
    "EchoTrainLength": 64,
    "EffectiveEchoSpacing": 0.0005,
    "FlipAngle": 90,
    "ImageOrientationPatientDICOM": [
      0.999732,
      0.0171612,
      0.0155246,
      -0.019894,
      0.980053,
      0.197739
    ],
    "ImageType": [
      "ORIGINAL",
      "PRIMARY",
      "M",
      "ND",
      "NORM",
      "MOSAIC"
    ],
    "InPlanePhaseEncodingDirectionDICOM": "COL",
    "InstitutionAddress": "Franklin Blvd 1440, Eugene, Oregon, 97403, USA",
    "InstitutionName": "Lewis Center for Neuroimaging, University of Oregon",
    "InstitutionalDepartmentName": "Department of Geography",
    "Instructions": "Listen to the map and remember the general spatial distribution - where features are located and patterns that they make; After listening to the map you will be shown two squares and asked to decide:Does the area inside the black rectangle have higher density (louder) than the area inside the red dotted rectangle?",
    "MRAcquisitionType": "2D",
    "MagneticFieldStrength": 3,
    "Manufacturer": "Siemens",
    "ManufacturersModelName": "Skyra",
    "Modality": "MR",
    "Orientation": "tra",
    "PartialFourier": 1,
    "ParticipantLabel": "01",
    "PatientPosition": "HFS",
    "PercentPhaseFOV": 100,
    "PhaseEncodingDirection": "j-",
    "PhaseEncodingSteps": 64,
    "PhaseResolution": 1,
    "PixelBandwidth": 2300,
    "ProtocolName": "Audio Cartography",
    "PulseSequenceDetails": "%CustomerSeq%_cmrr_mbep2d_bold",
    "ReceiveCoilActiveElements": "HE1-4;NE1,2",
    "ReceiveCoilName": "HeadNeck_20",
    "ReconMatrixPE": 64,
    "RepetitionTime": 7,
    "ResponseInputDevice": "button box",
    "SAR": 0.0191127,
    "ScanOptions": "FS",
    "ScanningSequence": "EP",
    "SequenceName": "epfid2d1_64",
    "SequenceVariant": "SK_SS",
    "SeriesDescription": "functional_run-2",
    "SeriesNumber": 12,
    "ShimSetting": [
      -5128,
      7629,
      8943,
      377,
      -73,
      -397,
      -206,
      -455
    ],
    "SliceThickness": 4,
    "SliceTiming": [
      1.92,
      1.86,
      1.8,
      1.74,
      1.68,
      1.62,
      1.56,
      1.5,
      1.44,
      1.38,
      1.32,
      1.26,
      1.2,
      1.14,
      1.08,
      1.02,
      0.96,
      0.9,
      0.84,
      0.78,
      0.72,
      0.66,
      0.6,
      0.54,
      0.48,
      0.42,
      0.36,
      0.3,
      0.24,
      0.18,
      0.12,
      0.06,
      0
    ],
    "SoftwareVersions": "syngo_MR_E11",
    "SpacingBetweenSlices": 4.0000000375049,
    "TaskDescription": "Listen to an auditory map (sonification of geospatial data), and based on information gleaned from the map make a relative value judgement about the data contained in the map.",
    "TaskName": "map listening",
    "TotalReadoutTime": 0.0315,
    "TxRefAmp": 383.537,
    "dataset": "ds001415",
    "modality": "bold",
    "run_id": 2,
    "subject_id": "01",
    "task_id": "maplistening"
  },
  "dummy_trs": 0,
  "dvars_nstd": 28.240385414927534,
  "dvars_std": 1.1392616604347827,
  "dvars_vstd": 0.9260560007246376,
  "efc": 0.48340084760229746,
  "fber": 2339.580810546875,
  "fd_mean": 0.38338789178130883,
  "fd_num": 29,
  "fd_perc": 41.42857142857143,
  "fwhm_avg": 1.6507148269586989,
  "fwhm_x": 1.6083415384615383,
  "fwhm_y": 1.8637199999999998,
  "fwhm_z": 1.4800829424145583,
  "gcor": 0.0111581,
  "gsr_x": -0.018631523475050926,
  "gsr_y": 0.03899604454636574,
  "provenance": {
    "md5sum": "cf19217a2f19e87a1c7ee6273d20535f",
    "settings": {
      "fd_thres": 0.2,
      "testing": false
    },
    "software": "mriqc",
    "version": "23.0.1",
    "webapi_port": null,
    "webapi_url": "https://mriqc.nimh.nih.gov/api/v1"
  },
  "size_t": 70,
  "size_x": 64,
  "size_y": 64,
  "size_z": 33,
  "snr": 4.450295208174344,
  "spacing_tr": 7.0,
  "spacing_x": 3.25,
  "spacing_y": 3.25,
  "spacing_z": 4.000019073486328,
  "summary_bg_k": 37.03179109682047,
  "summary_bg_mad": 158.97956529228273,
  "summary_bg_mean": 654.1492309570312,
  "summary_bg_median": 296.84234619140625,
  "summary_bg_n": 84832.0,
  "summary_bg_p05": 154.63055191040038,
  "summary_bg_p95": 2265.8528564453104,
  "summary_bg_stdv": 1090.4501953125,
  "summary_fg_k": 3.5526973190998214,
  "summary_fg_mad": 3002.8783149668925,
  "summary_fg_mean": 14855.2548828125,
  "summary_fg_median": 14423.53125,
  "summary_fg_n": 21034.0,
  "summary_fg_p05": 10702.8326171875,
  "summary_fg_p95": 20248.64794921875,
  "summary_fg_stdv": 3240.950927734375,
  "tsnr": 43.584068298339844
}