{
  "aor": 0.009352647058823532,
  "aqi": 0.009584544264705883,
  "bids_meta": {
    "AcquisitionMatrixPE": 64,
    "AcquisitionNumber": 1,
    "AcquisitionTime": "10:47:41",
    "BandwidthPerPixelPhaseEncode": 31.25,
    "BaseResolution": 64,
    "BodyPartExamined": "BRAIN",
    "ConsistencyInfo": "N4_VE11C_LATEST_20160120",
    "ConversionSoftware": "mcverter",
    "ConversionSoftwareVersion": "version 2.1.0 build 440",
    "DelayTime": 5,
    "DerivedVendorReportedEchoSpacing": 0.0005,
    "DeviceSerialNumber": "Scanner1",
    "DwellTime": 3.4e-06,
    "EchoTime": 0.027,
    "EchoTrainLength": 64,
    "EffectiveEchoSpacing": 0.0005,
    "FlipAngle": 90,
    "ImageOrientationPatientDICOM": [
      0.994949,
      0.0972072,
      0.0250649,
      -0.0994844,
      0.988178,
      0.116653
    ],
    "ImageType": [
      "ORIGINAL",
      "PRIMARY",
      "M",
      "ND",
      "NORM",
      "MOSAIC"
    ],
    "InPlanePhaseEncodingDirectionDICOM": "COL",
    "InstitutionAddress": "Franklin Blvd 1440, Eugene, Oregon, 97403, USA",
    "InstitutionName": "Lewis Center for Neuroimaging, University of Oregon",
    "InstitutionalDepartmentName": "Department of Geography",
    "Instructions": "Listen to the map and remember the general spatial distribution - where features are located and patterns that they make; After listening to the map you will be shown two squares and asked to decide:Does the area inside the black rectangle have higher density (louder) than the area inside the red dotted rectangle?",
    "MRAcquisitionType": "2D",
    "MagneticFieldStrength": 3,
    "Manufacturer": "Siemens",
    "ManufacturersModelName": "Skyra",
    "Modality": "MR",
    "Orientation": "tra",
    "PartialFourier": 1,
    "ParticipantLabel": "04",
    "PatientPosition": "HFS",
    "PercentPhaseFOV": 100,
    "PhaseEncodingDirection": "j-",
    "PhaseEncodingSteps": 64,
    "PhaseResolution": 1,
    "PixelBandwidth": 2300,
    "ProtocolName": "Audio Cartography",
    "PulseSequenceDetails": "%CustomerSeq%_cmrr_mbep2d_bold",
    "ReceiveCoilActiveElements": "HE1-4",
    "ReceiveCoilName": "HeadNeck_20",
    "ReconMatrixPE": 64,
    "RepetitionTime": 7,
    "ResponseInputDevice": "button box",
    "SAR": 0.0226569,
    "ScanOptions": "FS",
    "ScanningSequence": "EP",
    "SequenceName": "epfid2d1_64",
    "SequenceVariant": "SK_SS",
    "SeriesDescription": "functional_run-1",
    "SeriesNumber": 5,
    "ShimSetting": [
      -5080,
      7605,
      8992,
      304,
      30,
      -170,
      -161,
      -523
    ],
    "SliceThickness": 4,
    "SliceTiming": [
      1.92,
      1.86,
      1.8,
      1.74,
      1.68,
      1.62,
      1.56,
      1.5,
      1.44,
      1.38,
      1.32,
      1.26,
      1.2,
      1.14,
      1.08,
      1.02,
      0.96,
      0.9,
      0.84,
      0.78,
      0.72,
      0.66,
      0.6,
      0.54,
      0.48,
      0.42,
      0.36,
      0.3,
      0.24,
      0.18,
      0.12,
      0.06,
      0
    ],
    "SoftwareVersions": "syngo_MR_E11",
    "SpacingBetweenSlices": 3.9999999487409,
    "TaskDescription": "Listen to an auditory map (sonification of geospatial data), and based on information gleaned from the map make a relative value judgement about the data contained in the map.",
    "TaskName": "map listening",
    "TotalReadoutTime": 0.0315,
    "TxRefAmp": 356,
    "dataset": "ds001415",
    "modality": "bold",
    "run_id": 1,
    "subject_id": "04",
    "task_id": "maplistening"
  },
  "dummy_trs": 0,
  "dvars_nstd": 21.633563539253732,
  "dvars_std": 1.296925344477612,
  "dvars_vstd": 0.9217146485074623,
  "efc": 0.5266168385803787,
  "fber": 2014.2747802734375,
  "fd_mean": 0.1470954322090936,
  "fd_num": 13,
  "fd_perc": 19.11764705882353,
  "fwhm_avg": 1.682189622965047,
  "fwhm_x": 1.6682523076923077,
  "fwhm_y": 1.824329230769231,
  "fwhm_z": 1.553987330433603,
  "gcor": 0.0206095,
  "gsr_x": -0.0005754281301051378,
  "gsr_y": 0.042485058307647705,
  "provenance": {
    "md5sum": "f1400a6939b56f0059d15b5aeb9e58ce",
    "settings": {
      "fd_thres": 0.2,
      "testing": false
    },
    "software": "mriqc",
    "version": "23.0.1",
    "webapi_port": null,
    "webapi_url": "https://mriqc.nimh.nih.gov/api/v1"
  },
  "size_t": 68,
  "size_x": 64,
  "size_y": 64,
  "size_z": 33,
  "snr": 4.769095153298396,
  "spacing_tr": 7.0,
  "spacing_x": 3.25,
  "spacing_y": 3.25,
  "spacing_z": 3.999884605407715,
  "summary_bg_k": 40.58749073738338,
  "summary_bg_mad": 289.2790598322663,
  "summary_bg_mean": 966.3490600585938,
  "summary_bg_median": 377.6570129394531,
  "summary_bg_n": 78994.0,
  "summary_bg_p05": 143.30323638916016,
  "summary_bg_p95": 3596.341601562495,
  "summary_bg_stdv": 1857.5501708984375,
  "summary_fg_k": 3.278964422376931,
  "summary_fg_mad": 3314.913235301213,
  "summary_fg_mean": 17473.107421875,
  "summary_fg_median": 16909.546875,
  "summary_fg_n": 25624.0,
  "summary_fg_p05": 12802.608935546876,
  "summary_fg_p95": 23401.62548828125,
  "summary_fg_stdv": 3545.581787109375,
  "tsnr": 63.9766960144043
}