{
  "bids_meta": {
    "AcquisitionMatrixPE": 256,
    "AcquisitionNumber": 1,
    "AcquisitionTime": "17:59:25",
    "BaseResolution": 256,
    "BodyPartExamined": "BRAIN",
    "ConsistencyInfo": "N4_VE11C_LATEST_20160120",
    "ConversionSoftware": "mcverter",
    "ConversionSoftwareVersion": "version 2.1.0 build 440",
    "DeIdentificationSoftware": "mri_deface-v1.22",
    "DeviceSerialNumber": "Scanner1",
    "DwellTime": 1.03e-05,
    "EchoTime": 0.00343,
    "FlipAngle": 7,
    "ImageOrientationPatientDICOM": [
      -0.00107468,
      0.999999,
      3.21161e-08,
      -0.0174189,
      -1.86877e-05,
      -0.999848
    ],
    "ImageType": [
      "ORIGINAL",
      "PRIMARY",
      "M",
      "ND",
      "NORM"
    ],
    "InPlanePhaseEncodingDirectionDICOM": "ROW",
    "InstitutionAddress": "Franklin Blvd 1440, Eugene, Oregon, 97403, USA",
    "InstitutionName": "Lewis Center for Neuroimaging, University of Oregon",
    "InstitutionalDepartmentName": "Department of Geography",
    "InversionTime": 1.1,
    "MRAcquisitionType": "3D",
    "MagneticFieldStrength": 3,
    "Manufacturer": "Siemens",
    "ManufacturersModelName": "Skyra",
    "Modality": "MR",
    "Orientation": "sag",
    "ParallelReductionFactorInPlane": 2,
    "PartialFourier": 1,
    "ParticipantLabel": "17",
    "PatientPosition": "HFS",
    "PercentPhaseFOV": 100,
    "PhaseEncodingSteps": 255,
    "PhaseResolution": 1,
    "PixelBandwidth": 190,
    "ProtocolName": "mprage_p2",
    "PulseSequenceDetails": "%SiemensSeq%_tfl",
    "PulseSequenceType": "MPRAGE",
    "ReceiveCoilActiveElements": "HE1-4",
    "ReceiveCoilName": "HeadNeck_20",
    "ReconMatrixPE": 256,
    "RepetitionTime": 2.5,
    "SAR": 0.0614106,
    "ScanOptions": "IR",
    "ScanningSequence": "GR_IR",
    "SequenceName": "_tfl3d1_16ns",
    "SequenceVariant": "SK_SP_MP",
    "SeriesDescription": "mprage_p2_ND",
    "SeriesNumber": 6,
    "ShimSetting": [
      -5095,
      7716,
      8890,
      408,
      -181,
      -737,
      191,
      -436
    ],
    "SliceThickness": 1,
    "SoftwareVersions": "syngo_MR_E11",
    "TaskInstruction": "Please rest and remain still while a reference scan runs.",
    "TaskName": "anatomical",
    "TxRefAmp": 362.345,
    "dataset": "ds001415",
    "modality": "T1w",
    "subject_id": "17"
  },
  "cjv": 0.3199950529827828,
  "cnr": 4.1257592728195975,
  "efc": 0.5437580593899952,
  "fber": 28310.89824517106,
  "fwhm_avg": 3.1758615936937638,
  "fwhm_x": 3.295374781081292,
  "fwhm_y": 3.31118,
  "fwhm_z": 2.92103,
  "icvs_csf": 0.1819051041977353,
  "icvs_gm": 0.474418061151671,
  "icvs_wm": 0.3436768346505937,
  "inu_med": 0.3506918251514435,
  "inu_range": 0.05437054485082621,
  "provenance": {
    "md5sum": "2d8569c474a4d9283897e7c08c12554c",
    "settings": {
      "testing": false
    },
    "software": "mriqc",
    "version": "23.0.1",
    "warnings": {
      "large_rot_frame": true,
      "small_air_mask": false
    },
    "webapi_port": null,
    "webapi_url": "https://mriqc.nimh.nih.gov/api/v1"
  },
  "qi_1": 0.0,
  "qi_2": 0.0043242844342443135,
  "rpve_csf": 19.42824104477804,
  "rpve_gm": 8.275049790156217,
  "rpve_wm": 12.759112372396345,
  "size_x": 176,
  "size_y": 256,
  "size_z": 169,
  "snr_csf": 1.7787516224428568,
  "snr_gm": 9.64351017159856,
  "snr_total": 11.29714826230689,
  "snr_wm": 22.469182992879254,
  "snrd_csf": 29.999250232393937,
  "snrd_gm": 93.26309232936396,
  "snrd_total": 88.11066251900507,
  "snrd_wm": 141.06964499525733,
  "spacing_x": 0.9998498558998108,
  "spacing_y": 1.0,
  "spacing_z": 1.0,
  "summary_bg_k": 8.31544843886724,
  "summary_bg_mad": 4.644063724460532,
  "summary_bg_mean": 5.841308609798705,
  "summary_bg_median": 3.132373381406069,
  "summary_bg_n": 1322448.0,
  "summary_bg_p05": 0.0,
  "summary_bg_p95": 22.45545592904091,
  "summary_bg_stdv": 8.150571867444588,
  "summary_csf_k": 1.3455364020161689,
  "summary_csf_mad": 102.68205832329942,
  "summary_csf_mean": 233.66615452089226,
  "summary_csf_median": 212.65560845844448,
  "summary_csf_n": 19123.0,
  "summary_csf_p05": 72.57749804891645,
  "summary_csf_p95": 465.29779373835765,
  "summary_csf_stdv": 119.55016400125538,
  "summary_gm_k": 0.2650892527674156,
  "summary_gm_mad": 65.01689214244745,
  "summary_gm_mean": 662.3826574741066,
  "summary_gm_median": 661.1138442587107,
  "summary_gm_n": 31561.0,
  "summary_gm_p05": 550.4434314779937,
  "summary_gm_p95": 777.8862831071019,
  "summary_gm_stdv": 68.55422546599559,
  "summary_wm_k": 0.266673177267033,
  "summary_wm_mad": 43.42501144950108,
  "summary_wm_mean": 999.1469201301844,
  "summary_wm_median": 1000.0000319704413,
  "summary_wm_n": 173943.0,
  "summary_wm_p05": 924.5789897739887,
  "summary_wm_p95": 1070.0492572186513,
  "summary_wm_stdv": 44.50527452548063,
  "tpm_overlap_csf": 0.16839459452122466,
  "tpm_overlap_gm": 0.4898598254342205,
  "tpm_overlap_wm": 0.5229839873017837,
  "wm2max": 0.8519476888107326
}