{
  "aor": 0.009605466666666668,
  "aqi": 0.012640953733333333,
  "bids_meta": {
    "AcquisitionMatrixPE": 64,
    "AcquisitionNumber": 1,
    "AcquisitionTime": "17:03:19",
    "BandwidthPerPixelPhaseEncode": 31.25,
    "BaseResolution": 64,
    "BodyPartExamined": "BRAIN",
    "ConsistencyInfo": "N4_VE11C_LATEST_20160120",
    "ConversionSoftware": "mcverter",
    "ConversionSoftwareVersion": "version 2.1.0 build 440",
    "DelayTime": 5,
    "DerivedVendorReportedEchoSpacing": 0.0005,
    "DeviceSerialNumber": "Scanner1",
    "DwellTime": 3.4e-06,
    "EchoTime": 0.027,
    "EchoTrainLength": 64,
    "EffectiveEchoSpacing": 0.0005,
    "FlipAngle": 90,
    "ImageOrientationPatientDICOM": [
      0.999652,
      -0.00843569,
      0.0249939,
      0.00645557,
      0.996911,
      0.0782719
    ],
    "ImageType": [
      "ORIGINAL",
      "PRIMARY",
      "M",
      "ND",
      "NORM",
      "MOSAIC"
    ],
    "InPlanePhaseEncodingDirectionDICOM": "COL",
    "InstitutionAddress": "Franklin Blvd 1440, Eugene, Oregon, 97403, USA",
    "InstitutionName": "Lewis Center for Neuroimaging, University of Oregon",
    "InstitutionalDepartmentName": "Department of Geography",
    "Instructions": "Listen to the map and remember the general spatial distribution - where features are located and patterns that they make; After listening to the map you will be shown two squares and asked to decide:Does the area inside the black rectangle have higher density (louder) than the area inside the red dotted rectangle?",
    "MRAcquisitionType": "2D",
    "MagneticFieldStrength": 3,
    "Manufacturer": "Siemens",
    "ManufacturersModelName": "Skyra",
    "Modality": "MR",
    "Orientation": "tra",
    "PartialFourier": 1,
    "ParticipantLabel": "18",
    "PatientPosition": "HFS",
    "PercentPhaseFOV": 100,
    "PhaseEncodingDirection": "j-",
    "PhaseEncodingSteps": 64,
    "PhaseResolution": 1,
    "PixelBandwidth": 2300,
    "ProtocolName": "Audio Cartography",
    "PulseSequenceDetails": "%CustomerSeq%_cmrr_mbep2d_bold",
    "ReceiveCoilActiveElements": "HE1-4",
    "ReceiveCoilName": "HeadNeck_20",
    "ReconMatrixPE": 64,
    "RepetitionTime": 7,
    "ResponseInputDevice": "button box",
    "SAR": 0.0253703,
    "ScanOptions": "FS",
    "ScanningSequence": "EP",
    "SequenceName": "epfid2d1_64",
    "SequenceVariant": "SK_SS",
    "SeriesDescription": "functional_run-1",
    "SeriesNumber": 5,
    "ShimSetting": [
      -5083,
      7607,
      9069,
      390,
      30,
      -448,
      38,
      -346
    ],
    "SliceThickness": 4,
    "SliceTiming": [
      1.92,
      1.86,
      1.8,
      1.74,
      1.68,
      1.62,
      1.56,
      1.5,
      1.44,
      1.38,
      1.32,
      1.26,
      1.2,
      1.14,
      1.08,
      1.02,
      0.96,
      0.9,
      0.84,
      0.78,
      0.72,
      0.66,
      0.6,
      0.54,
      0.48,
      0.42,
      0.36,
      0.3,
      0.24,
      0.18,
      0.12,
      0.06,
      0
    ],
    "SoftwareVersions": "syngo_MR_E11",
    "SpacingBetweenSlices": 4.0000001059499,
    "TaskDescription": "Listen to an auditory map (sonification of geospatial data), and based on information gleaned from the map make a relative value judgement about the data contained in the map.",
    "TaskName": "map listening",
    "TotalReadoutTime": 0.0315,
    "TxRefAmp": 372.239,
    "dataset": "ds001415",
    "modality": "bold",
    "run_id": 1,
    "subject_id": "18",
    "task_id": "maplistening"
  },
  "dummy_trs": 0,
  "dvars_nstd": 19.626074378783784,
  "dvars_std": 1.0733289913513515,
  "dvars_vstd": 0.8962581694594595,
  "efc": 0.4725847370910443,
  "fber": 2537.78515625,
  "fd_mean": 0.2275748931356556,
  "fd_num": 33,
  "fd_perc": 44.0,
  "fwhm_avg": 1.7340711551518122,
  "fwhm_x": 1.7032769230769231,
  "fwhm_y": 1.940953846153846,
  "fwhm_z": 1.5579826962246675,
  "gcor": 0.0111271,
  "gsr_x": -0.019453035667538643,
  "gsr_y": 0.03228664770722389,
  "provenance": {
    "md5sum": "85bba0c7cb9aa42fb1bc2c800522435e",
    "settings": {
      "fd_thres": 0.2,
      "testing": false
    },
    "software": "mriqc",
    "version": "23.0.1",
    "webapi_port": null,
    "webapi_url": "https://mriqc.nimh.nih.gov/api/v1"
  },
  "size_t": 75,
  "size_x": 64,
  "size_y": 64,
  "size_z": 33,
  "snr": 4.469675782267547,
  "spacing_tr": 7.0,
  "spacing_x": 3.25,
  "spacing_y": 3.25,
  "spacing_z": 4.000153541564941,
  "summary_bg_k": 31.661850524916545,
  "summary_bg_mad": 185.04181470031762,
  "summary_bg_mean": 643.3397216796875,
  "summary_bg_median": 279.58203125,
  "summary_bg_n": 86911.0,
  "summary_bg_p05": 129.52281951904297,
  "summary_bg_p95": 2374.9384765625,
  "summary_bg_stdv": 1015.435302734375,
  "summary_fg_k": 5.583909338125661,
  "summary_fg_mad": 2543.660375956395,
  "summary_fg_mean": 14670.033203125,
  "summary_fg_median": 14112.7724609375,
  "summary_fg_n": 19228.0,
  "summary_fg_p05": 10787.86044921875,
  "summary_fg_p95": 19862.285937499997,
  "summary_fg_stdv": 3157.36669921875,
  "tsnr": 47.8713493347168
}