{
  "aor": 0.0020531884057971013,
  "aqi": 0.0029143924637681155,
  "bids_meta": {
    "AcquisitionMatrixPE": 64,
    "AcquisitionNumber": 1,
    "AcquisitionTime": "17:19:28",
    "BandwidthPerPixelPhaseEncode": 31.25,
    "BaseResolution": 64,
    "BodyPartExamined": "BRAIN",
    "ConsistencyInfo": "N4_VE11C_LATEST_20160120",
    "ConversionSoftware": "mcverter",
    "ConversionSoftwareVersion": "version 2.1.0 build 440",
    "DelayTime": 5,
    "DerivedVendorReportedEchoSpacing": 0.0005,
    "DeviceSerialNumber": "Scanner1",
    "DwellTime": 3.4e-06,
    "EchoTime": 0.027,
    "EchoTrainLength": 64,
    "EffectiveEchoSpacing": 0.0005,
    "FlipAngle": 90,
    "ImageOrientationPatientDICOM": [
      0.999652,
      -0.00843569,
      0.0249939,
      0.00645557,
      0.996911,
      0.0782719
    ],
    "ImageType": [
      "ORIGINAL",
      "PRIMARY",
      "M",
      "ND",
      "NORM",
      "MOSAIC"
    ],
    "InPlanePhaseEncodingDirectionDICOM": "COL",
    "InstitutionAddress": "Franklin Blvd 1440, Eugene, Oregon, 97403, USA",
    "InstitutionName": "Lewis Center for Neuroimaging, University of Oregon",
    "InstitutionalDepartmentName": "Department of Geography",
    "Instructions": "Listen to the map and remember the general spatial distribution - where features are located and patterns that they make; After listening to the map you will be shown two squares and asked to decide:Does the area inside the black rectangle have higher density (louder) than the area inside the red dotted rectangle?",
    "MRAcquisitionType": "2D",
    "MagneticFieldStrength": 3,
    "Manufacturer": "Siemens",
    "ManufacturersModelName": "Skyra",
    "Modality": "MR",
    "Orientation": "tra",
    "PartialFourier": 1,
    "ParticipantLabel": "18",
    "PatientPosition": "HFS",
    "PercentPhaseFOV": 100,
    "PhaseEncodingDirection": "j-",
    "PhaseEncodingSteps": 64,
    "PhaseResolution": 1,
    "PixelBandwidth": 2300,
    "ProtocolName": "Audio Cartography",
    "PulseSequenceDetails": "%CustomerSeq%_cmrr_mbep2d_bold",
    "ReceiveCoilActiveElements": "HE1-4",
    "ReceiveCoilName": "HeadNeck_20",
    "ReconMatrixPE": 64,
    "RepetitionTime": 7,
    "ResponseInputDevice": "button box",
    "SAR": 0.0253703,
    "ScanOptions": "FS",
    "ScanningSequence": "EP",
    "SequenceName": "epfid2d1_64",
    "SequenceVariant": "SK_SS",
    "SeriesDescription": "functional_run-2",
    "SeriesNumber": 8,
    "ShimSetting": [
      -5083,
      7607,
      9069,
      390,
      30,
      -448,
      38,
      -346
    ],
    "SliceThickness": 4,
    "SliceTiming": [
      1.92,
      1.86,
      1.8,
      1.74,
      1.68,
      1.62,
      1.56,
      1.5,
      1.44,
      1.38,
      1.32,
      1.26,
      1.2,
      1.14,
      1.08,
      1.02,
      0.96,
      0.9,
      0.84,
      0.78,
      0.72,
      0.66,
      0.6,
      0.54,
      0.48,
      0.42,
      0.36,
      0.3,
      0.24,
      0.18,
      0.12,
      0.06,
      0
    ],
    "SoftwareVersions": "syngo_MR_E11",
    "SpacingBetweenSlices": 4.0000001059499,
    "TaskDescription": "Listen to an auditory map (sonification of geospatial data), and based on information gleaned from the map make a relative value judgement about the data contained in the map.",
    "TaskName": "map listening",
    "TotalReadoutTime": 0.0315,
    "TxRefAmp": 372.239,
    "dataset": "ds001415",
    "modality": "bold",
    "run_id": 2,
    "subject_id": "18",
    "task_id": "maplistening"
  },
  "dummy_trs": 0,
  "dvars_nstd": 16.284308798382355,
  "dvars_std": 1.1639739807352942,
  "dvars_vstd": 0.9853663938235293,
  "efc": 0.47643839555959683,
  "fber": 2285.559814453125,
  "fd_mean": 0.1689532756907679,
  "fd_num": 13,
  "fd_perc": 18.840579710144926,
  "fwhm_avg": 1.707276240428083,
  "fwhm_x": 1.658886153846154,
  "fwhm_y": 1.9116246153846155,
  "fwhm_z": 1.55131795205348,
  "gcor": 0.0124176,
  "gsr_x": -0.021553846076130867,
  "gsr_y": 0.036694347858428955,
  "provenance": {
    "md5sum": "bc4e8f38337b8a2b10594c7679ebbf6d",
    "settings": {
      "fd_thres": 0.2,
      "testing": false
    },
    "software": "mriqc",
    "version": "23.0.1",
    "webapi_port": null,
    "webapi_url": "https://mriqc.nimh.nih.gov/api/v1"
  },
  "size_t": 69,
  "size_x": 64,
  "size_y": 64,
  "size_z": 33,
  "snr": 4.504842607258679,
  "spacing_tr": 7.0,
  "spacing_x": 3.25,
  "spacing_y": 3.25,
  "spacing_z": 4.000153541564941,
  "summary_bg_k": 31.120961456203375,
  "summary_bg_mad": 187.60840690756095,
  "summary_bg_mean": 663.3304443359375,
  "summary_bg_median": 289.6684875488281,
  "summary_bg_n": 86843.0,
  "summary_bg_p05": 138.02073822021484,
  "summary_bg_p95": 2467.5493408203115,
  "summary_bg_stdv": 1041.7640380859375,
  "summary_fg_k": 5.445717721629411,
  "summary_fg_mad": 2503.486778537572,
  "summary_fg_mean": 14574.1044921875,
  "summary_fg_median": 14005.32421875,
  "summary_fg_n": 19262.0,
  "summary_fg_p05": 10787.62275390625,
  "summary_fg_p95": 19723.1552734375,
  "summary_fg_stdv": 3108.867919921875,
  "tsnr": 95.0416030883789
}