{
  "aor": 0.0021721428571428577,
  "aqi": 0.002283007023809524,
  "bids_meta": {
    "AcquisitionMatrixPE": 64,
    "AcquisitionNumber": 1,
    "AcquisitionTime": "17:54:08",
    "BandwidthPerPixelPhaseEncode": 31.25,
    "BaseResolution": 64,
    "BodyPartExamined": "BRAIN",
    "ConsistencyInfo": "N4_VE11C_LATEST_20160120",
    "ConversionSoftware": "mcverter",
    "ConversionSoftwareVersion": "version 2.1.0 build 440",
    "DelayTime": 5,
    "DerivedVendorReportedEchoSpacing": 0.0005,
    "DeviceSerialNumber": "Scanner1",
    "DwellTime": 3.4e-06,
    "EchoTime": 0.027,
    "EchoTrainLength": 64,
    "EffectiveEchoSpacing": 0.0005,
    "FlipAngle": 90,
    "ImageOrientationPatientDICOM": [
      0.998741,
      0.0498378,
      0.00574257,
      -0.0500698,
      0.997386,
      0.0520918
    ],
    "ImageType": [
      "ORIGINAL",
      "PRIMARY",
      "M",
      "ND",
      "NORM",
      "MOSAIC"
    ],
    "InPlanePhaseEncodingDirectionDICOM": "COL",
    "InstitutionAddress": "Franklin Blvd 1440, Eugene, Oregon, 97403, USA",
    "InstitutionName": "Lewis Center for Neuroimaging, University of Oregon",
    "InstitutionalDepartmentName": "Department of Geography",
    "Instructions": "Listen to the map and remember the general spatial distribution - where features are located and patterns that they make; After listening to the map you will be shown two squares and asked to decide:Does the area inside the black rectangle have higher density (louder) than the area inside the red dotted rectangle?",
    "MRAcquisitionType": "2D",
    "MagneticFieldStrength": 3,
    "Manufacturer": "Siemens",
    "ManufacturersModelName": "Skyra",
    "Modality": "MR",
    "Orientation": "tra",
    "PartialFourier": 1,
    "ParticipantLabel": "15",
    "PatientPosition": "HFS",
    "PercentPhaseFOV": 100,
    "PhaseEncodingDirection": "j-",
    "PhaseEncodingSteps": 64,
    "PhaseResolution": 1,
    "PixelBandwidth": 2300,
    "ProtocolName": "Audio Cartography",
    "PulseSequenceDetails": "%CustomerSeq%_cmrr_mbep2d_bold",
    "ReceiveCoilActiveElements": "HE1-4",
    "ReceiveCoilName": "HeadNeck_20",
    "ReconMatrixPE": 64,
    "RepetitionTime": 7,
    "ResponseInputDevice": "button box",
    "SAR": 0.0195634,
    "ScanOptions": "FS",
    "ScanningSequence": "EP",
    "SequenceName": "epfid2d1_64",
    "SequenceVariant": "SK_SS",
    "SeriesDescription": "functional_run-2",
    "SeriesNumber": 8,
    "ShimSetting": [
      -5075,
      7663,
      9057,
      483,
      -107,
      -22,
      401,
      -389
    ],
    "SliceThickness": 4,
    "SliceTiming": [
      1.92,
      1.86,
      1.8,
      1.74,
      1.68,
      1.62,
      1.56,
      1.5,
      1.44,
      1.38,
      1.32,
      1.26,
      1.2,
      1.14,
      1.08,
      1.02,
      0.96,
      0.9,
      0.84,
      0.78,
      0.72,
      0.66,
      0.6,
      0.54,
      0.48,
      0.42,
      0.36,
      0.3,
      0.24,
      0.18,
      0.12,
      0.06,
      0
    ],
    "SoftwareVersions": "syngo_MR_E11",
    "SpacingBetweenSlices": 4.0000001069228,
    "TaskDescription": "Listen to an auditory map (sonification of geospatial data), and based on information gleaned from the map make a relative value judgement about the data contained in the map.",
    "TaskName": "map listening",
    "TotalReadoutTime": 0.0315,
    "TxRefAmp": 380.237,
    "dataset": "ds001415",
    "modality": "bold",
    "run_id": 2,
    "subject_id": "15",
    "task_id": "maplistening"
  },
  "dummy_trs": 0,
  "dvars_nstd": 22.555486920602416,
  "dvars_std": 1.581663892289157,
  "dvars_vstd": 1.0022342446987953,
  "efc": 0.5092712442034243,
  "fber": 2186.75244140625,
  "fd_mean": 0.08376555236572826,
  "fd_num": 1,
  "fd_perc": 1.1904761904761905,
  "fwhm_avg": 1.6959078282186202,
  "fwhm_x": 1.6205692307692308,
  "fwhm_y": 1.8294338461538462,
  "fwhm_z": 1.6377204077327843,
  "gcor": 0.0210692,
  "gsr_x": -0.010695827193558216,
  "gsr_y": 0.039495859295129776,
  "provenance": {
    "md5sum": "c7b6df54cec5f8533ece979dd1e5ef2c",
    "settings": {
      "fd_thres": 0.2,
      "testing": false
    },
    "software": "mriqc",
    "version": "23.0.1",
    "webapi_port": null,
    "webapi_url": "https://mriqc.nimh.nih.gov/api/v1"
  },
  "size_t": 84,
  "size_x": 64,
  "size_y": 64,
  "size_z": 33,
  "snr": 5.224801501265924,
  "spacing_tr": 7.0,
  "spacing_x": 3.25,
  "spacing_y": 3.25,
  "spacing_z": 3.999870777130127,
  "summary_bg_k": 27.806430228702748,
  "summary_bg_mad": 272.15286183746196,
  "summary_bg_mean": 874.7958984375,
  "summary_bg_median": 365.51727294921875,
  "summary_bg_n": 81663.0,
  "summary_bg_p05": 143.55880432128907,
  "summary_bg_p95": 3419.796093749989,
  "summary_bg_stdv": 1394.0028076171875,
  "summary_fg_k": 2.8986588112063467,
  "summary_fg_mad": 2774.995549070055,
  "summary_fg_mean": 17683.724609375,
  "summary_fg_median": 17188.111328125,
  "summary_fg_n": 23611.0,
  "summary_fg_p05": 13268.7412109375,
  "summary_fg_p95": 23387.103515625,
  "summary_fg_stdv": 3289.64599609375,
  "tsnr": 122.351318359375
}