{
  "aor": 0.006855000000000002,
  "aqi": 0.025635799634146344,
  "bids_meta": {
    "AcquisitionMatrixPE": 64,
    "AcquisitionNumber": 1,
    "AcquisitionTime": "11:17:55",
    "BandwidthPerPixelPhaseEncode": 31.25,
    "BaseResolution": 64,
    "BodyPartExamined": "BRAIN",
    "ConsistencyInfo": "N4_VE11C_LATEST_20160120",
    "ConversionSoftware": "mcverter",
    "ConversionSoftwareVersion": "version 2.1.0 build 440",
    "DelayTime": 5,
    "DerivedVendorReportedEchoSpacing": 0.0005,
    "DeviceSerialNumber": "Scanner1",
    "DwellTime": 3.4e-06,
    "EchoTime": 0.027,
    "EchoTrainLength": 64,
    "EffectiveEchoSpacing": 0.0005,
    "FlipAngle": 90,
    "ImageOrientationPatientDICOM": [
      0.995828,
      0.0703486,
      -0.0581166,
      -0.0703337,
      0.997521,
      0.00230369
    ],
    "ImageType": [
      "ORIGINAL",
      "PRIMARY",
      "M",
      "ND",
      "NORM",
      "MOSAIC"
    ],
    "InPlanePhaseEncodingDirectionDICOM": "COL",
    "InstitutionAddress": "Franklin Blvd 1440, Eugene, Oregon, 97403, USA",
    "InstitutionName": "Lewis Center for Neuroimaging, University of Oregon",
    "InstitutionalDepartmentName": "Department of Geography",
    "Instructions": "Listen to the map and remember the general spatial distribution - where features are located and patterns that they make; After listening to the map you will be shown two squares and asked to decide:Does the area inside the black rectangle have higher density (louder) than the area inside the red dotted rectangle?",
    "MRAcquisitionType": "2D",
    "MagneticFieldStrength": 3,
    "Manufacturer": "Siemens",
    "ManufacturersModelName": "Skyra",
    "Modality": "MR",
    "Orientation": "tra",
    "PartialFourier": 1,
    "ParticipantLabel": "21",
    "PatientPosition": "HFS",
    "PercentPhaseFOV": 100,
    "PhaseEncodingDirection": "j-",
    "PhaseEncodingSteps": 64,
    "PhaseResolution": 1,
    "PixelBandwidth": 2300,
    "ProtocolName": "Audio Cartography",
    "PulseSequenceDetails": "%CustomerSeq%_cmrr_mbep2d_bold",
    "ReceiveCoilActiveElements": "HE1-4;NE1,2",
    "ReceiveCoilName": "HeadNeck_20",
    "ReconMatrixPE": 64,
    "RepetitionTime": 7,
    "ResponseInputDevice": "button box",
    "SAR": 0.0228191,
    "ScanOptions": "FS",
    "ScanningSequence": "EP",
    "SequenceName": "epfid2d1_64",
    "SequenceVariant": "SK_SS",
    "SeriesDescription": "functional_run-2",
    "SeriesNumber": 8,
    "ShimSetting": [
      -5083,
      7691,
      9113,
      451,
      -56,
      -134,
      206,
      -167
    ],
    "SliceThickness": 4,
    "SliceTiming": [
      1.92,
      1.86,
      1.8,
      1.74,
      1.68,
      1.62,
      1.56,
      1.5,
      1.44,
      1.38,
      1.32,
      1.26,
      1.2,
      1.14,
      1.08,
      1.02,
      0.96,
      0.9,
      0.84,
      0.78,
      0.72,
      0.66,
      0.6,
      0.54,
      0.48,
      0.42,
      0.36,
      0.3,
      0.24,
      0.18,
      0.12,
      0.06,
      0
    ],
    "SoftwareVersions": "syngo_MR_E11",
    "SpacingBetweenSlices": 3.9999999767112,
    "TaskDescription": "Listen to an auditory map (sonification of geospatial data), and based on information gleaned from the map make a relative value judgement about the data contained in the map.",
    "TaskName": "map listening",
    "TotalReadoutTime": 0.0315,
    "TxRefAmp": 356.376,
    "dataset": "ds001415",
    "modality": "bold",
    "run_id": 2,
    "subject_id": "21",
    "task_id": "maplistening"
  },
  "dummy_trs": 0,
  "dvars_nstd": 28.67370175716049,
  "dvars_std": 1.1143959018518514,
  "dvars_vstd": 0.8690221325925928,
  "efc": 0.507598895486007,
  "fber": 1955.841064453125,
  "fd_mean": 0.39594468183450643,
  "fd_num": 60,
  "fd_perc": 73.17073170731707,
  "fwhm_avg": 1.63500114907161,
  "fwhm_x": 1.5925569230769232,
  "fwhm_y": 1.844326153846154,
  "fwhm_z": 1.4681203702917531,
  "gcor": 0.00697818,
  "gsr_x": -0.026807261630892754,
  "gsr_y": 0.05558570846915245,
  "provenance": {
    "md5sum": "0e964b27307208337ea6cdcb6c025e64",
    "settings": {
      "fd_thres": 0.2,
      "testing": false
    },
    "software": "mriqc",
    "version": "23.0.1",
    "webapi_port": null,
    "webapi_url": "https://mriqc.nimh.nih.gov/api/v1"
  },
  "size_t": 82,
  "size_x": 64,
  "size_y": 64,
  "size_z": 33,
  "snr": 4.862794984452271,
  "spacing_tr": 7.0,
  "spacing_x": 3.25,
  "spacing_y": 3.25,
  "spacing_z": 3.9997265338897705,
  "summary_bg_k": 56.17946829033226,
  "summary_bg_mad": 242.211948025698,
  "summary_bg_mean": 842.7254028320312,
  "summary_bg_median": 350.49261474609375,
  "summary_bg_n": 81891.0,
  "summary_bg_p05": 140.21435546875,
  "summary_bg_p95": 2861.518310546875,
  "summary_bg_stdv": 1595.36376953125,
  "summary_fg_k": 4.090398613764303,
  "summary_fg_mad": 2810.2384806147365,
  "summary_fg_mean": 16101.2080078125,
  "summary_fg_median": 15635.21484375,
  "summary_fg_n": 22832.0,
  "summary_fg_p05": 11931.748291015625,
  "summary_fg_p95": 21421.46650390625,
  "summary_fg_stdv": 3215.202880859375,
  "tsnr": 34.691349029541016
}