{
  "aor": 0.005998965517241379,
  "aqi": 0.010590812068965517,
  "bids_meta": {
    "AcquisitionMatrixPE": 64,
    "AcquisitionNumber": 1,
    "AcquisitionTime": "10:58:55",
    "BandwidthPerPixelPhaseEncode": 31.25,
    "BaseResolution": 64,
    "BodyPartExamined": "BRAIN",
    "ConsistencyInfo": "N4_VE11C_LATEST_20160120",
    "ConversionSoftware": "mcverter",
    "ConversionSoftwareVersion": "version 2.1.0 build 440",
    "DelayTime": 5,
    "DerivedVendorReportedEchoSpacing": 0.0005,
    "DeviceSerialNumber": "Scanner1",
    "DwellTime": 3.4e-06,
    "EchoTime": 0.027,
    "EchoTrainLength": 64,
    "EffectiveEchoSpacing": 0.0005,
    "FlipAngle": 90,
    "ImageOrientationPatientDICOM": [
      0.995828,
      0.0703486,
      -0.0581166,
      -0.0703337,
      0.997521,
      0.00230369
    ],
    "ImageType": [
      "ORIGINAL",
      "PRIMARY",
      "M",
      "ND",
      "NORM",
      "MOSAIC"
    ],
    "InPlanePhaseEncodingDirectionDICOM": "COL",
    "InstitutionAddress": "Franklin Blvd 1440, Eugene, Oregon, 97403, USA",
    "InstitutionName": "Lewis Center for Neuroimaging, University of Oregon",
    "InstitutionalDepartmentName": "Department of Geography",
    "Instructions": "Listen to the map and remember the general spatial distribution - where features are located and patterns that they make; After listening to the map you will be shown two squares and asked to decide:Does the area inside the black rectangle have higher density (louder) than the area inside the red dotted rectangle?",
    "MRAcquisitionType": "2D",
    "MagneticFieldStrength": 3,
    "Manufacturer": "Siemens",
    "ManufacturersModelName": "Skyra",
    "Modality": "MR",
    "Orientation": "tra",
    "PartialFourier": 1,
    "ParticipantLabel": "21",
    "PatientPosition": "HFS",
    "PercentPhaseFOV": 100,
    "PhaseEncodingDirection": "j-",
    "PhaseEncodingSteps": 64,
    "PhaseResolution": 1,
    "PixelBandwidth": 2300,
    "ProtocolName": "Audio Cartography",
    "PulseSequenceDetails": "%CustomerSeq%_cmrr_mbep2d_bold",
    "ReceiveCoilActiveElements": "HE1-4;NE1,2",
    "ReceiveCoilName": "HeadNeck_20",
    "ReconMatrixPE": 64,
    "RepetitionTime": 7,
    "ResponseInputDevice": "button box",
    "SAR": 0.0228191,
    "ScanOptions": "FS",
    "ScanningSequence": "EP",
    "SequenceName": "epfid2d1_64",
    "SequenceVariant": "SK_SS",
    "SeriesDescription": "functional_run-1",
    "SeriesNumber": 5,
    "ShimSetting": [
      -5083,
      7691,
      9113,
      451,
      -56,
      -134,
      206,
      -167
    ],
    "SliceThickness": 4,
    "SliceTiming": [
      1.92,
      1.86,
      1.8,
      1.74,
      1.68,
      1.62,
      1.56,
      1.5,
      1.44,
      1.38,
      1.32,
      1.26,
      1.2,
      1.14,
      1.08,
      1.02,
      0.96,
      0.9,
      0.84,
      0.78,
      0.72,
      0.66,
      0.6,
      0.54,
      0.48,
      0.42,
      0.36,
      0.3,
      0.24,
      0.18,
      0.12,
      0.06,
      0
    ],
    "SoftwareVersions": "syngo_MR_E11",
    "SpacingBetweenSlices": 3.9999999767112,
    "TaskDescription": "Listen to an auditory map (sonification of geospatial data), and based on information gleaned from the map make a relative value judgement about the data contained in the map.",
    "TaskName": "map listening",
    "TotalReadoutTime": 0.0315,
    "TxRefAmp": 356.376,
    "dataset": "ds001415",
    "modality": "bold",
    "run_id": 1,
    "subject_id": "21",
    "task_id": "maplistening"
  },
  "dummy_trs": 0,
  "dvars_nstd": 27.71917409651163,
  "dvars_std": 1.4806643694186048,
  "dvars_vstd": 1.0009332291860462,
  "efc": 0.505861120965912,
  "fber": 2021.63330078125,
  "fd_mean": 0.2245870166525633,
  "fd_num": 33,
  "fd_perc": 37.93103448275862,
  "fwhm_avg": 1.6157804340728694,
  "fwhm_x": 1.5584184615384618,
  "fwhm_y": 1.812796923076923,
  "fwhm_z": 1.476125917603224,
  "gcor": 0.0215092,
  "gsr_x": -0.026958003640174866,
  "gsr_y": 0.05534086376428604,
  "provenance": {
    "md5sum": "58212920641f7c8471beece3f6581520",
    "settings": {
      "fd_thres": 0.2,
      "testing": false
    },
    "software": "mriqc",
    "version": "23.0.1",
    "webapi_port": null,
    "webapi_url": "https://mriqc.nimh.nih.gov/api/v1"
  },
  "size_t": 87,
  "size_x": 64,
  "size_y": 64,
  "size_z": 33,
  "snr": 4.880358731084278,
  "spacing_tr": 7.0,
  "spacing_x": 3.25,
  "spacing_y": 3.25,
  "spacing_z": 3.9997265338897705,
  "summary_bg_k": 57.2748122388386,
  "summary_bg_mad": 223.64096167970118,
  "summary_bg_mean": 818.8766479492188,
  "summary_bg_median": 342.4233703613281,
  "summary_bg_n": 81923.0,
  "summary_bg_p05": 145.83074340820312,
  "summary_bg_p95": 2737.5583007812465,
  "summary_bg_stdv": 1550.380126953125,
  "summary_fg_k": 4.254968129944874,
  "summary_fg_mad": 2825.0826009714056,
  "summary_fg_mean": 16163.560546875,
  "summary_fg_median": 15687.1357421875,
  "summary_fg_n": 22736.0,
  "summary_fg_p05": 12027.8125,
  "summary_fg_p95": 21462.302734375,
  "summary_fg_stdv": 3214.27001953125,
  "tsnr": 71.306640625
}