{
  "aor": 0.004169375,
  "aqi": 0.00906915325,
  "bids_meta": {
    "AcquisitionMatrixPE": 64,
    "AcquisitionNumber": 1,
    "AcquisitionTime": "18:13:49",
    "BandwidthPerPixelPhaseEncode": 31.25,
    "BaseResolution": 64,
    "BodyPartExamined": "BRAIN",
    "ConsistencyInfo": "N4_VE11C_LATEST_20160120",
    "ConversionSoftware": "mcverter",
    "ConversionSoftwareVersion": "version 2.1.0 build 440",
    "DelayTime": 5,
    "DerivedVendorReportedEchoSpacing": 0.0005,
    "DeviceSerialNumber": "Scanner1",
    "DwellTime": 3.4e-06,
    "EchoTime": 0.027,
    "EchoTrainLength": 64,
    "EffectiveEchoSpacing": 0.0005,
    "FlipAngle": 90,
    "ImageOrientationPatientDICOM": [
      0.999665,
      0.00527508,
      0.0253381,
      -0.00436188,
      0.999344,
      -0.0359618
    ],
    "ImageType": [
      "ORIGINAL",
      "PRIMARY",
      "M",
      "ND",
      "NORM",
      "MOSAIC"
    ],
    "InPlanePhaseEncodingDirectionDICOM": "COL",
    "InstitutionAddress": "Franklin Blvd 1440, Eugene, Oregon, 97403, USA",
    "InstitutionName": "Lewis Center for Neuroimaging, University of Oregon",
    "InstitutionalDepartmentName": "Department of Geography",
    "Instructions": "Listen to the map and remember the general spatial distribution - where features are located and patterns that they make; After listening to the map you will be shown two squares and asked to decide:Does the area inside the black rectangle have higher density (louder) than the area inside the red dotted rectangle?",
    "MRAcquisitionType": "2D",
    "MagneticFieldStrength": 3,
    "Manufacturer": "Siemens",
    "ManufacturersModelName": "Skyra",
    "Modality": "MR",
    "Orientation": "tra",
    "PartialFourier": 1,
    "ParticipantLabel": "08",
    "PatientPosition": "HFS",
    "PercentPhaseFOV": 100,
    "PhaseEncodingDirection": "j-",
    "PhaseEncodingSteps": 64,
    "PhaseResolution": 1,
    "PixelBandwidth": 2300,
    "ProtocolName": "Audio Cartography",
    "PulseSequenceDetails": "%CustomerSeq%_cmrr_mbep2d_bold",
    "ReceiveCoilActiveElements": "HE1-4",
    "ReceiveCoilName": "HeadNeck_20",
    "ReconMatrixPE": 64,
    "RepetitionTime": 7,
    "ResponseInputDevice": "button box",
    "SAR": 0.0214667,
    "ScanOptions": "FS",
    "ScanningSequence": "EP",
    "SequenceName": "epfid2d1_64",
    "SequenceVariant": "SK_SS",
    "SeriesDescription": "functional_run-1",
    "SeriesNumber": 5,
    "ShimSetting": [
      -5131,
      7796,
      8988,
      460,
      -217,
      -520,
      28,
      -498
    ],
    "SliceThickness": 4,
    "SliceTiming": [
      1.92,
      1.86,
      1.8,
      1.74,
      1.68,
      1.62,
      1.56,
      1.5,
      1.44,
      1.38,
      1.32,
      1.26,
      1.2,
      1.14,
      1.08,
      1.02,
      0.96,
      0.9,
      0.84,
      0.78,
      0.72,
      0.66,
      0.6,
      0.54,
      0.48,
      0.42,
      0.36,
      0.3,
      0.24,
      0.18,
      0.12,
      0.06,
      0
    ],
    "SoftwareVersions": "syngo_MR_E11",
    "SpacingBetweenSlices": 4.0000000262052,
    "TaskDescription": "Listen to an auditory map (sonification of geospatial data), and based on information gleaned from the map make a relative value judgement about the data contained in the map.",
    "TaskName": "map listening",
    "TotalReadoutTime": 0.0315,
    "TxRefAmp": 379.926,
    "dataset": "ds001415",
    "modality": "bold",
    "run_id": 1,
    "subject_id": "08",
    "task_id": "maplistening"
  },
  "dummy_trs": 0,
  "dvars_nstd": 23.218457982531646,
  "dvars_std": 1.1450888429113921,
  "dvars_vstd": 0.9129552025316454,
  "efc": 0.5081397263050501,
  "fber": 2162.96728515625,
  "fd_mean": 0.15786420549737737,
  "fd_num": 17,
  "fd_perc": 21.25,
  "fwhm_avg": 1.6210231241313464,
  "fwhm_x": 1.589753846153846,
  "fwhm_y": 1.816843076923077,
  "fwhm_z": 1.4564724493171164,
  "gcor": 0.0241109,
  "gsr_x": -0.016019513830542564,
  "gsr_y": 0.057551927864551544,
  "provenance": {
    "md5sum": "2a7ebf6f940b9656d87d33f558151809",
    "settings": {
      "fd_thres": 0.2,
      "testing": false
    },
    "software": "mriqc",
    "version": "23.0.1",
    "webapi_port": null,
    "webapi_url": "https://mriqc.nimh.nih.gov/api/v1"
  },
  "size_t": 80,
  "size_x": 64,
  "size_y": 64,
  "size_z": 33,
  "snr": 4.326731260984809,
  "spacing_tr": 7.0,
  "spacing_x": 3.25,
  "spacing_y": 3.25,
  "spacing_z": 3.9999520778656006,
  "summary_bg_k": 45.7055281443253,
  "summary_bg_mad": 254.04708899276744,
  "summary_bg_mean": 890.5731811523438,
  "summary_bg_median": 339.2494812011719,
  "summary_bg_n": 81944.0,
  "summary_bg_p05": 131.13115844726562,
  "summary_bg_p95": 3283.6566284179676,
  "summary_bg_stdv": 1645.15771484375,
  "summary_fg_k": 2.8606955561856067,
  "summary_fg_mad": 3222.5517502202465,
  "summary_fg_mean": 16358.15625,
  "summary_fg_median": 15756.166015625,
  "summary_fg_n": 23663.0,
  "summary_fg_p05": 11887.0984375,
  "summary_fg_p95": 22811.557226562498,
  "summary_fg_stdv": 3641.509521484375,
  "tsnr": 55.61737060546875
}