{
  "aor": 0.004147763157894737,
  "aqi": 0.004435183947368421,
  "bids_meta": {
    "AcquisitionMatrixPE": 64,
    "AcquisitionNumber": 1,
    "AcquisitionTime": "18:30:51",
    "BandwidthPerPixelPhaseEncode": 31.25,
    "BaseResolution": 64,
    "BodyPartExamined": "BRAIN",
    "ConsistencyInfo": "N4_VE11C_LATEST_20160120",
    "ConversionSoftware": "mcverter",
    "ConversionSoftwareVersion": "version 2.1.0 build 440",
    "DelayTime": 5,
    "DerivedVendorReportedEchoSpacing": 0.0005,
    "DeviceSerialNumber": "Scanner1",
    "DwellTime": 3.4e-06,
    "EchoTime": 0.027,
    "EchoTrainLength": 64,
    "EffectiveEchoSpacing": 0.0005,
    "FlipAngle": 90,
    "ImageOrientationPatientDICOM": [
      0.999665,
      0.00527508,
      0.0253381,
      -0.00436188,
      0.999344,
      -0.0359618
    ],
    "ImageType": [
      "ORIGINAL",
      "PRIMARY",
      "M",
      "ND",
      "NORM",
      "MOSAIC"
    ],
    "InPlanePhaseEncodingDirectionDICOM": "COL",
    "InstitutionAddress": "Franklin Blvd 1440, Eugene, Oregon, 97403, USA",
    "InstitutionName": "Lewis Center for Neuroimaging, University of Oregon",
    "InstitutionalDepartmentName": "Department of Geography",
    "Instructions": "Listen to the map and remember the general spatial distribution - where features are located and patterns that they make; After listening to the map you will be shown two squares and asked to decide:Does the area inside the black rectangle have higher density (louder) than the area inside the red dotted rectangle?",
    "MRAcquisitionType": "2D",
    "MagneticFieldStrength": 3,
    "Manufacturer": "Siemens",
    "ManufacturersModelName": "Skyra",
    "Modality": "MR",
    "Orientation": "tra",
    "PartialFourier": 1,
    "ParticipantLabel": "08",
    "PatientPosition": "HFS",
    "PercentPhaseFOV": 100,
    "PhaseEncodingDirection": "j-",
    "PhaseEncodingSteps": 64,
    "PhaseResolution": 1,
    "PixelBandwidth": 2300,
    "ProtocolName": "Audio Cartography",
    "PulseSequenceDetails": "%CustomerSeq%_cmrr_mbep2d_bold",
    "ReceiveCoilActiveElements": "HE1-4",
    "ReceiveCoilName": "HeadNeck_20",
    "ReconMatrixPE": 64,
    "RepetitionTime": 7,
    "ResponseInputDevice": "button box",
    "SAR": 0.0214667,
    "ScanOptions": "FS",
    "ScanningSequence": "EP",
    "SequenceName": "epfid2d1_64",
    "SequenceVariant": "SK_SS",
    "SeriesDescription": "functional_run-2",
    "SeriesNumber": 8,
    "ShimSetting": [
      -5131,
      7796,
      8988,
      460,
      -217,
      -520,
      28,
      -498
    ],
    "SliceThickness": 4,
    "SliceTiming": [
      1.92,
      1.86,
      1.8,
      1.74,
      1.68,
      1.62,
      1.56,
      1.5,
      1.44,
      1.38,
      1.32,
      1.26,
      1.2,
      1.14,
      1.08,
      1.02,
      0.96,
      0.9,
      0.84,
      0.78,
      0.72,
      0.66,
      0.6,
      0.54,
      0.48,
      0.42,
      0.36,
      0.3,
      0.24,
      0.18,
      0.12,
      0.06,
      0
    ],
    "SoftwareVersions": "syngo_MR_E11",
    "SpacingBetweenSlices": 4.0000000262052,
    "TaskDescription": "Listen to an auditory map (sonification of geospatial data), and based on information gleaned from the map make a relative value judgement about the data contained in the map.",
    "TaskName": "map listening",
    "TotalReadoutTime": 0.0315,
    "TxRefAmp": 379.926,
    "dataset": "ds001415",
    "modality": "bold",
    "run_id": 2,
    "subject_id": "08",
    "task_id": "maplistening"
  },
  "dummy_trs": 0,
  "dvars_nstd": 23.191330121466656,
  "dvars_std": 1.3379636657333336,
  "dvars_vstd": 1.0111142218666667,
  "efc": 0.5068584147948749,
  "fber": 2184.469970703125,
  "fd_mean": 0.1532677960926176,
  "fd_num": 15,
  "fd_perc": 19.736842105263158,
  "fwhm_avg": 1.612970772861469,
  "fwhm_x": 1.5824584615384616,
  "fwhm_y": 1.7627384615384616,
  "fwhm_z": 1.4937153955074844,
  "gcor": 0.0300983,
  "gsr_x": -0.014794068410992622,
  "gsr_y": 0.05935043841600418,
  "provenance": {
    "md5sum": "50c689734c138ce7531a7ee955c4f071",
    "settings": {
      "fd_thres": 0.2,
      "testing": false
    },
    "software": "mriqc",
    "version": "23.0.1",
    "webapi_port": null,
    "webapi_url": "https://mriqc.nimh.nih.gov/api/v1"
  },
  "size_t": 76,
  "size_x": 64,
  "size_y": 64,
  "size_z": 33,
  "snr": 4.368661614363479,
  "spacing_tr": 7.0,
  "spacing_x": 3.25,
  "spacing_y": 3.25,
  "spacing_z": 3.9999520778656006,
  "summary_bg_k": 47.94223126380705,
  "summary_bg_mad": 248.45792114450092,
  "summary_bg_mean": 880.2582397460938,
  "summary_bg_median": 336.40936279296875,
  "summary_bg_n": 82035.0,
  "summary_bg_p05": 133.82012481689452,
  "summary_bg_p95": 3227.7999511718754,
  "summary_bg_stdv": 1627.9605712890625,
  "summary_fg_k": 2.8679465891913294,
  "summary_fg_mad": 3225.275163084513,
  "summary_fg_mean": 16329.076171875,
  "summary_fg_median": 15746.8359375,
  "summary_fg_n": 23551.0,
  "summary_fg_p05": 11887.83740234375,
  "summary_fg_p95": 22665.98828125,
  "summary_fg_stdv": 3604.42236328125,
  "tsnr": 90.13233947753906
}