{
  "bids_meta": {
    "AcquisitionMatrixPE": 256,
    "AcquisitionNumber": 1,
    "AcquisitionTime": "16:47:21",
    "BaseResolution": 256,
    "BodyPartExamined": "BRAIN",
    "ConsistencyInfo": "N4_VE11C_LATEST_20160120",
    "ConversionSoftware": "mcverter",
    "ConversionSoftwareVersion": "version 2.1.0 build 440",
    "DeIdentificationSoftware": "mri_deface-v1.22",
    "DeviceSerialNumber": "Scanner1",
    "DwellTime": 1.03e-05,
    "EchoTime": 0.00343,
    "FlipAngle": 7,
    "ImageOrientationPatientDICOM": [
      0.0097288,
      0.999953,
      -1.85248e-08,
      0.0901074,
      -0.000876697,
      -0.995932
    ],
    "ImageType": [
      "ORIGINAL",
      "PRIMARY",
      "M",
      "ND",
      "NORM"
    ],
    "InPlanePhaseEncodingDirectionDICOM": "ROW",
    "InstitutionAddress": "Franklin Blvd 1440, Eugene, Oregon, 97403, USA",
    "InstitutionName": "Lewis Center for Neuroimaging, University of Oregon",
    "InstitutionalDepartmentName": "Department of Geography",
    "InversionTime": 1.1,
    "MRAcquisitionType": "3D",
    "MagneticFieldStrength": 3,
    "Manufacturer": "Siemens",
    "ManufacturersModelName": "Skyra",
    "Modality": "MR",
    "Orientation": "sag",
    "ParallelReductionFactorInPlane": 2,
    "PartialFourier": 1,
    "ParticipantLabel": "16",
    "PatientPosition": "HFS",
    "PercentPhaseFOV": 100,
    "PhaseEncodingSteps": 255,
    "PhaseResolution": 1,
    "PixelBandwidth": 190,
    "ProtocolName": "mprage_p2",
    "PulseSequenceDetails": "%SiemensSeq%_tfl",
    "PulseSequenceType": "MPRAGE",
    "ReceiveCoilActiveElements": "HE1-4",
    "ReceiveCoilName": "HeadNeck_20",
    "ReconMatrixPE": 256,
    "RepetitionTime": 2.5,
    "SAR": 0.0540798,
    "ScanOptions": "IR",
    "ScanningSequence": "GR_IR",
    "SequenceName": "_tfl3d1_16ns",
    "SequenceVariant": "SK_SP_MP",
    "SeriesDescription": "mprage_p2_ND",
    "SeriesNumber": 6,
    "ShimSetting": [
      -5096,
      7713,
      8954,
      234,
      -375,
      -654,
      671,
      -568
    ],
    "SliceThickness": 1,
    "SoftwareVersions": "syngo_MR_E11",
    "TaskInstruction": "Please rest and remain still while a reference scan runs.",
    "TaskName": "anatomical",
    "TxRefAmp": 378.855,
    "dataset": "ds001415",
    "modality": "T1w",
    "subject_id": "16"
  },
  "cjv": 0.38473309456807137,
  "cnr": 3.4574950364184374,
  "efc": 0.5756823155270565,
  "fber": 36923.10059171597,
  "fwhm_avg": 3.5502304740295743,
  "fwhm_x": 3.4438214220887233,
  "fwhm_y": 3.8042,
  "fwhm_z": 3.40267,
  "icvs_csf": 0.23815271159186388,
  "icvs_gm": 0.3989990952892385,
  "icvs_wm": 0.36284819311889766,
  "inu_med": 0.3693332076072693,
  "inu_range": 0.046650809049606334,
  "provenance": {
    "md5sum": "89dfd472a1e6dc75b264b9342c71237f",
    "settings": {
      "testing": false
    },
    "software": "mriqc",
    "version": "23.0.1",
    "warnings": {
      "large_rot_frame": true,
      "small_air_mask": false
    },
    "webapi_port": null,
    "webapi_url": "https://mriqc.nimh.nih.gov/api/v1"
  },
  "qi_1": 0.0,
  "qi_2": 0.002803476063480167,
  "rpve_csf": 13.788615792387189,
  "rpve_gm": 8.007546463361889,
  "rpve_wm": 10.647591115005971,
  "size_x": 176,
  "size_y": 256,
  "size_z": 169,
  "snr_csf": 1.9764355850574873,
  "snr_gm": 9.010657799451367,
  "snr_total": 10.909962267754423,
  "snr_wm": 21.742793418754417,
  "snrd_csf": 30.99176488140255,
  "snrd_gm": 109.7605279306216,
  "snrd_total": 99.9528342678442,
  "snrd_wm": 159.10620999150842,
  "spacing_x": 0.9999182820320129,
  "spacing_y": 1.0,
  "spacing_z": 1.0,
  "summary_bg_k": 9.251165541962191,
  "summary_bg_mad": 4.117767441384101,
  "summary_bg_mean": 5.416155275783958,
  "summary_bg_median": 2.7773919329047203,
  "summary_bg_n": 1715120.0,
  "summary_bg_p05": 0.0,
  "summary_bg_p95": 22.55639019794762,
  "summary_bg_stdv": 8.366446537229894,
  "summary_csf_k": 1.8500733518052295,
  "summary_csf_mad": 78.79642125334288,
  "summary_csf_mean": 209.7439649129357,
  "summary_csf_median": 194.7943670656532,
  "summary_csf_n": 51254.0,
  "summary_csf_p05": 73.52153216674924,
  "summary_csf_p95": 402.5105500991456,
  "summary_csf_stdv": 98.55745780158264,
  "summary_gm_k": 0.1140554946827157,
  "summary_gm_mad": 75.35514417732904,
  "summary_gm_mean": 689.246320476029,
  "summary_gm_median": 689.8843176197261,
  "summary_gm_n": 17615.0,
  "summary_gm_p05": 562.6559608761221,
  "summary_gm_p95": 814.0595270885154,
  "summary_gm_stdv": 76.56097372679749,
  "summary_wm_k": 0.3713569200461926,
  "summary_wm_mad": 43.97187374906593,
  "summary_wm_mean": 999.7683504107249,
  "summary_wm_median": 1000.0396424699575,
  "summary_wm_n": 213705.0,
  "summary_wm_p05": 924.0581345912069,
  "summary_wm_p95": 1074.9101935755461,
  "summary_wm_stdv": 45.99396606684542,
  "tpm_overlap_csf": 0.16694621187249642,
  "tpm_overlap_gm": 0.44666498967080814,
  "tpm_overlap_wm": 0.5036738959989144,
  "wm2max": 0.8284549772379903
}