{
  "aor": 0.006137105263157895,
  "aqi": 0.008840134736842104,
  "bids_meta": {
    "AcquisitionMatrixPE": 64,
    "AcquisitionNumber": 1,
    "AcquisitionTime": "16:29:02",
    "BandwidthPerPixelPhaseEncode": 31.25,
    "BaseResolution": 64,
    "BodyPartExamined": "BRAIN",
    "ConsistencyInfo": "N4_VE11C_LATEST_20160120",
    "ConversionSoftware": "mcverter",
    "ConversionSoftwareVersion": "version 2.1.0 build 440",
    "DelayTime": 5,
    "DerivedVendorReportedEchoSpacing": 0.0005,
    "DeviceSerialNumber": "Scanner1",
    "DwellTime": 3.4e-06,
    "EchoTime": 0.027,
    "EchoTrainLength": 64,
    "EffectiveEchoSpacing": 0.0005,
    "FlipAngle": 90,
    "ImageOrientationPatientDICOM": [
      0.997654,
      0.0652517,
      0.0207223,
      -0.061893,
      0.98899,
      -0.134419
    ],
    "ImageType": [
      "ORIGINAL",
      "PRIMARY",
      "M",
      "ND",
      "NORM",
      "MOSAIC"
    ],
    "InPlanePhaseEncodingDirectionDICOM": "COL",
    "InstitutionAddress": "Franklin Blvd 1440, Eugene, Oregon, 97403, USA",
    "InstitutionName": "Lewis Center for Neuroimaging, University of Oregon",
    "InstitutionalDepartmentName": "Department of Geography",
    "Instructions": "Listen to the map and remember the general spatial distribution - where features are located and patterns that they make; After listening to the map you will be shown two squares and asked to decide:Does the area inside the black rectangle have higher density (louder) than the area inside the red dotted rectangle?",
    "MRAcquisitionType": "2D",
    "MagneticFieldStrength": 3,
    "Manufacturer": "Siemens",
    "ManufacturersModelName": "Skyra",
    "Modality": "MR",
    "Orientation": "tra",
    "PartialFourier": 1,
    "ParticipantLabel": "02",
    "PatientPosition": "HFS",
    "PercentPhaseFOV": 100,
    "PhaseEncodingDirection": "j-",
    "PhaseEncodingSteps": 64,
    "PhaseResolution": 1,
    "PixelBandwidth": 2300,
    "ProtocolName": "Audio Cartography",
    "PulseSequenceDetails": "%CustomerSeq%_cmrr_mbep2d_bold",
    "ReceiveCoilActiveElements": "HE1-4",
    "ReceiveCoilName": "HeadNeck_20",
    "ReconMatrixPE": 64,
    "RepetitionTime": 7,
    "ResponseInputDevice": "button box",
    "SAR": 0.0198461,
    "ScanOptions": "FS",
    "ScanningSequence": "EP",
    "SequenceName": "epfid2d1_64",
    "SequenceVariant": "SK_SS",
    "SeriesDescription": "functional_run-2",
    "SeriesNumber": 8,
    "ShimSetting": [
      -5092,
      7752,
      9023,
      231,
      -123,
      -505,
      48,
      -444
    ],
    "SliceThickness": 4,
    "SliceTiming": [
      1.92,
      1.86,
      1.8,
      1.74,
      1.68,
      1.62,
      1.56,
      1.5,
      1.44,
      1.38,
      1.32,
      1.26,
      1.2,
      1.14,
      1.08,
      1.02,
      0.96,
      0.9,
      0.84,
      0.78,
      0.72,
      0.66,
      0.6,
      0.54,
      0.48,
      0.42,
      0.36,
      0.3,
      0.24,
      0.18,
      0.12,
      0.06,
      0
    ],
    "SoftwareVersions": "syngo_MR_E11",
    "SpacingBetweenSlices": 4.0000000674469,
    "TaskDescription": "Listen to an auditory map (sonification of geospatial data), and based on information gleaned from the map make a relative value judgement about the data contained in the map.",
    "TaskName": "map listening",
    "TotalReadoutTime": 0.0315,
    "TxRefAmp": 372.91,
    "dataset": "ds001415",
    "modality": "bold",
    "run_id": 2,
    "subject_id": "02",
    "task_id": "maplistening"
  },
  "dummy_trs": 0,
  "dvars_nstd": 22.5537055968,
  "dvars_std": 1.2833301354666664,
  "dvars_vstd": 0.9396036197333334,
  "efc": 0.5116031344746402,
  "fber": 1969.5997314453125,
  "fd_mean": 0.1763300596153915,
  "fd_num": 23,
  "fd_perc": 30.263157894736842,
  "fwhm_avg": 1.6510808680208038,
  "fwhm_x": 1.6455015384615383,
  "fwhm_y": 1.7901076923076924,
  "fwhm_z": 1.5176333732931804,
  "gcor": 0.0134098,
  "gsr_x": -0.007283343933522701,
  "gsr_y": 0.03891957923769951,
  "provenance": {
    "md5sum": "49b7b5c048583904cd23f3b30cc9712a",
    "settings": {
      "fd_thres": 0.2,
      "testing": false
    },
    "software": "mriqc",
    "version": "23.0.1",
    "webapi_port": null,
    "webapi_url": "https://mriqc.nimh.nih.gov/api/v1"
  },
  "size_t": 76,
  "size_x": 64,
  "size_y": 64,
  "size_z": 33,
  "snr": 5.274609389860356,
  "spacing_tr": 7.0,
  "spacing_x": 3.25,
  "spacing_y": 3.25,
  "spacing_z": 4.000149250030518,
  "summary_bg_k": 49.28460627314844,
  "summary_bg_mad": 258.89253510132795,
  "summary_bg_mean": 919.0202026367188,
  "summary_bg_median": 347.7760925292969,
  "summary_bg_n": 82795.0,
  "summary_bg_p05": 136.9732406616211,
  "summary_bg_p95": 3563.118676757814,
  "summary_bg_stdv": 1745.098876953125,
  "summary_fg_k": 2.2641341188284496,
  "summary_fg_mad": 2837.2836643457676,
  "summary_fg_mean": 15843.7060546875,
  "summary_fg_median": 15477.26171875,
  "summary_fg_n": 22534.0,
  "summary_fg_p05": 11871.946923828125,
  "summary_fg_p95": 20666.267187499998,
  "summary_fg_stdv": 2934.230224609375,
  "tsnr": 66.00740051269531
}