{
  "aor": 0.011540649350649352,
  "aqi": 0.01135663064935065,
  "bids_meta": {
    "AcquisitionMatrixPE": 64,
    "AcquisitionNumber": 1,
    "AcquisitionTime": "16:12:23",
    "BandwidthPerPixelPhaseEncode": 31.25,
    "BaseResolution": 64,
    "BodyPartExamined": "BRAIN",
    "ConsistencyInfo": "N4_VE11C_LATEST_20160120",
    "ConversionSoftware": "mcverter",
    "ConversionSoftwareVersion": "version 2.1.0 build 440",
    "DelayTime": 5,
    "DerivedVendorReportedEchoSpacing": 0.0005,
    "DeviceSerialNumber": "Scanner1",
    "DwellTime": 3.4e-06,
    "EchoTime": 0.027,
    "EchoTrainLength": 64,
    "EffectiveEchoSpacing": 0.0005,
    "FlipAngle": 90,
    "ImageOrientationPatientDICOM": [
      0.997654,
      0.0652517,
      0.0207223,
      -0.061893,
      0.98899,
      -0.134419
    ],
    "ImageType": [
      "ORIGINAL",
      "PRIMARY",
      "M",
      "ND",
      "NORM",
      "MOSAIC"
    ],
    "InPlanePhaseEncodingDirectionDICOM": "COL",
    "InstitutionAddress": "Franklin Blvd 1440, Eugene, Oregon, 97403, USA",
    "InstitutionName": "Lewis Center for Neuroimaging, University of Oregon",
    "InstitutionalDepartmentName": "Department of Geography",
    "Instructions": "Listen to the map and remember the general spatial distribution - where features are located and patterns that they make; After listening to the map you will be shown two squares and asked to decide:Does the area inside the black rectangle have higher density (louder) than the area inside the red dotted rectangle?",
    "MRAcquisitionType": "2D",
    "MagneticFieldStrength": 3,
    "Manufacturer": "Siemens",
    "ManufacturersModelName": "Skyra",
    "Modality": "MR",
    "Orientation": "tra",
    "PartialFourier": 1,
    "ParticipantLabel": "02",
    "PatientPosition": "HFS",
    "PercentPhaseFOV": 100,
    "PhaseEncodingDirection": "j-",
    "PhaseEncodingSteps": 64,
    "PhaseResolution": 1,
    "PixelBandwidth": 2300,
    "ProtocolName": "Audio Cartography",
    "PulseSequenceDetails": "%CustomerSeq%_cmrr_mbep2d_bold",
    "ReceiveCoilActiveElements": "HE1-4",
    "ReceiveCoilName": "HeadNeck_20",
    "ReconMatrixPE": 64,
    "RepetitionTime": 7,
    "ResponseInputDevice": "button box",
    "SAR": 0.0198461,
    "ScanOptions": "FS",
    "ScanningSequence": "EP",
    "SequenceName": "epfid2d1_64",
    "SequenceVariant": "SK_SS",
    "SeriesDescription": "functional_run-1",
    "SeriesNumber": 5,
    "ShimSetting": [
      -5092,
      7752,
      9023,
      231,
      -123,
      -505,
      48,
      -444
    ],
    "SliceThickness": 4,
    "SliceTiming": [
      1.92,
      1.86,
      1.8,
      1.74,
      1.68,
      1.62,
      1.56,
      1.5,
      1.44,
      1.38,
      1.32,
      1.26,
      1.2,
      1.14,
      1.08,
      1.02,
      0.96,
      0.9,
      0.84,
      0.78,
      0.72,
      0.66,
      0.6,
      0.54,
      0.48,
      0.42,
      0.36,
      0.3,
      0.24,
      0.18,
      0.12,
      0.06,
      0
    ],
    "SoftwareVersions": "syngo_MR_E11",
    "SpacingBetweenSlices": 4.0000000674469,
    "TaskDescription": "Listen to an auditory map (sonification of geospatial data), and based on information gleaned from the map make a relative value judgement about the data contained in the map.",
    "TaskName": "map listening",
    "TotalReadoutTime": 0.0315,
    "TxRefAmp": 372.91,
    "dataset": "ds001415",
    "modality": "bold",
    "run_id": 1,
    "subject_id": "02",
    "task_id": "maplistening"
  },
  "dummy_trs": 0,
  "dvars_nstd": 22.414645771842103,
  "dvars_std": 1.2603686060526316,
  "dvars_vstd": 0.9529738844736841,
  "efc": 0.5101928262143399,
  "fber": 2023.615234375,
  "fd_mean": 0.19313860139142197,
  "fd_num": 29,
  "fd_perc": 37.66233766233766,
  "fwhm_avg": 1.6752750827462395,
  "fwhm_x": 1.6763630769230768,
  "fwhm_y": 1.815076923076923,
  "fwhm_z": 1.5343852482387186,
  "gcor": 0.013164,
  "gsr_x": -0.008133910596370697,
  "gsr_y": 0.03771407529711723,
  "provenance": {
    "md5sum": "0ec8d946e94e92345a15f41be88fe6f0",
    "settings": {
      "fd_thres": 0.2,
      "testing": false
    },
    "software": "mriqc",
    "version": "23.0.1",
    "webapi_port": null,
    "webapi_url": "https://mriqc.nimh.nih.gov/api/v1"
  },
  "size_t": 77,
  "size_x": 64,
  "size_y": 64,
  "size_z": 33,
  "snr": 5.278864838728056,
  "spacing_tr": 7.0,
  "spacing_x": 3.25,
  "spacing_y": 3.25,
  "spacing_z": 4.000149250030518,
  "summary_bg_k": 53.226638740920954,
  "summary_bg_mad": 259.67971507561873,
  "summary_bg_mean": 899.4241943359375,
  "summary_bg_median": 345.86187744140625,
  "summary_bg_n": 82689.0,
  "summary_bg_p05": 132.9836181640625,
  "summary_bg_p95": 3406.0531738281206,
  "summary_bg_stdv": 1695.17724609375,
  "summary_fg_k": 2.068746651563772,
  "summary_fg_mad": 2864.3310198573918,
  "summary_fg_mean": 15940.89453125,
  "summary_fg_median": 15582.5712890625,
  "summary_fg_n": 22627.0,
  "summary_fg_p05": 11929.868359375,
  "summary_fg_p95": 20869.5224609375,
  "summary_fg_stdv": 2951.81396484375,
  "tsnr": 56.944671630859375
}