{
  "aor": 0.00571235294117647,
  "aqi": 0.005408084411764706,
  "bids_meta": {
    "AcquisitionMatrixPE": 64,
    "AcquisitionNumber": 1,
    "AcquisitionTime": "17:45:48",
    "BandwidthPerPixelPhaseEncode": 31.25,
    "BaseResolution": 64,
    "BodyPartExamined": "BRAIN",
    "ConsistencyInfo": "N4_VE11C_LATEST_20160120",
    "ConversionSoftware": "mcverter",
    "ConversionSoftwareVersion": "version 2.1.0 build 440",
    "DelayTime": 5,
    "DerivedVendorReportedEchoSpacing": 0.0005,
    "DeviceSerialNumber": "Scanner1",
    "DwellTime": 3.4e-06,
    "EchoTime": 0.027,
    "EchoTrainLength": 64,
    "EffectiveEchoSpacing": 0.0005,
    "FlipAngle": 90,
    "ImageOrientationPatientDICOM": [
      0.991301,
      -0.0948428,
      0.0912536,
      0.101042,
      0.992698,
      -0.0658946
    ],
    "ImageType": [
      "ORIGINAL",
      "PRIMARY",
      "M",
      "ND",
      "NORM",
      "MOSAIC"
    ],
    "InPlanePhaseEncodingDirectionDICOM": "COL",
    "InstitutionAddress": "Franklin Blvd 1440, Eugene, Oregon, 97403, USA",
    "InstitutionName": "Lewis Center for Neuroimaging, University of Oregon",
    "InstitutionalDepartmentName": "Department of Geography",
    "Instructions": "Listen to the map and remember the general spatial distribution - where features are located and patterns that they make; After listening to the map you will be shown two squares and asked to decide:Does the area inside the black rectangle have higher density (louder) than the area inside the red dotted rectangle?",
    "MRAcquisitionType": "2D",
    "MagneticFieldStrength": 3,
    "Manufacturer": "Siemens",
    "ManufacturersModelName": "Skyra",
    "Modality": "MR",
    "Orientation": "tra",
    "PartialFourier": 1,
    "ParticipantLabel": "14",
    "PatientPosition": "HFS",
    "PercentPhaseFOV": 100,
    "PhaseEncodingDirection": "j-",
    "PhaseEncodingSteps": 64,
    "PhaseResolution": 1,
    "PixelBandwidth": 2300,
    "ProtocolName": "Audio Cartography",
    "PulseSequenceDetails": "%CustomerSeq%_cmrr_mbep2d_bold",
    "ReceiveCoilActiveElements": "HE1-4",
    "ReceiveCoilName": "HeadNeck_20",
    "ReconMatrixPE": 64,
    "RepetitionTime": 7,
    "ResponseInputDevice": "button box",
    "SAR": 0.0254575,
    "ScanOptions": "FS",
    "ScanningSequence": "EP",
    "SequenceName": "epfid2d1_64",
    "SequenceVariant": "SK_SS",
    "SeriesDescription": "functional_run-2",
    "SeriesNumber": 8,
    "ShimSetting": [
      -5096,
      7727,
      9046,
      466,
      -13,
      -63,
      77,
      -368
    ],
    "SliceThickness": 4,
    "SliceTiming": [
      1.92,
      1.86,
      1.8,
      1.74,
      1.68,
      1.62,
      1.56,
      1.5,
      1.44,
      1.38,
      1.32,
      1.26,
      1.2,
      1.14,
      1.08,
      1.02,
      0.96,
      0.9,
      0.84,
      0.78,
      0.72,
      0.66,
      0.6,
      0.54,
      0.48,
      0.42,
      0.36,
      0.3,
      0.24,
      0.18,
      0.12,
      0.06,
      0
    ],
    "SoftwareVersions": "syngo_MR_E11",
    "SpacingBetweenSlices": 3.9999999469049,
    "TaskDescription": "Listen to an auditory map (sonification of geospatial data), and based on information gleaned from the map make a relative value judgement about the data contained in the map.",
    "TaskName": "map listening",
    "TotalReadoutTime": 0.0315,
    "TxRefAmp": 393.442,
    "dataset": "ds001415",
    "modality": "bold",
    "run_id": 2,
    "subject_id": "14",
    "task_id": "maplistening"
  },
  "dummy_trs": 0,
  "dvars_nstd": 19.236287729253725,
  "dvars_std": 1.115626590895522,
  "dvars_vstd": 0.9261395047761192,
  "efc": 0.5401037157926972,
  "fber": 1335.493408203125,
  "fd_mean": 0.14437490006918366,
  "fd_num": 9,
  "fd_perc": 13.235294117647058,
  "fwhm_avg": 1.624368911531182,
  "fwhm_x": 1.5775815384615384,
  "fwhm_y": 1.7714523076923077,
  "fwhm_z": 1.5240728884397001,
  "gcor": 0.0125993,
  "gsr_x": -0.008914018049836159,
  "gsr_y": 0.04789847880601883,
  "provenance": {
    "md5sum": "12eed7897cc86116d345b07e8c088567",
    "settings": {
      "fd_thres": 0.2,
      "testing": false
    },
    "software": "mriqc",
    "version": "23.0.1",
    "webapi_port": null,
    "webapi_url": "https://mriqc.nimh.nih.gov/api/v1"
  },
  "size_t": 68,
  "size_x": 64,
  "size_y": 64,
  "size_z": 33,
  "snr": 3.8620259920364868,
  "spacing_tr": 7.0,
  "spacing_x": 3.25,
  "spacing_y": 3.25,
  "spacing_z": 3.999926805496216,
  "summary_bg_k": 21.29981691032002,
  "summary_bg_mad": 315.3664204534137,
  "summary_bg_mean": 1083.6297607421875,
  "summary_bg_median": 398.610107421875,
  "summary_bg_n": 79350.0,
  "summary_bg_p05": 146.22867965698242,
  "summary_bg_p95": 4514.444824218752,
  "summary_bg_stdv": 1737.060546875,
  "summary_fg_k": 5.026552782477008,
  "summary_fg_mad": 2897.9472877375315,
  "summary_fg_mean": 15609.6806640625,
  "summary_fg_median": 14682.8056640625,
  "summary_fg_n": 25325.0,
  "summary_fg_p05": 11300.6814453125,
  "summary_fg_p95": 22428.654687499995,
  "summary_fg_stdv": 3801.76513671875,
  "tsnr": 68.96683502197266
}