{
  "bids_meta": {
    "AcquisitionMatrixPE": 256,
    "AcquisitionNumber": 1,
    "AcquisitionTime": "10:52:14",
    "BaseResolution": 256,
    "BodyPartExamined": "BRAIN",
    "ConsistencyInfo": "N4_VE11C_LATEST_20160120",
    "ConversionSoftware": "mcverter",
    "ConversionSoftwareVersion": "version 2.1.0 build 440",
    "DeIdentificationSoftware": "mri_deface-v1.22",
    "DeviceSerialNumber": "Scanner1",
    "DwellTime": 1.03e-05,
    "EchoTime": 0.00343,
    "FlipAngle": 7,
    "ImageOrientationPatientDICOM": [
      0.00202597,
      0.999998,
      -4.43673e-09,
      0.0330888,
      -6.70416e-05,
      -0.999452
    ],
    "ImageType": [
      "ORIGINAL",
      "PRIMARY",
      "M",
      "ND",
      "NORM"
    ],
    "InPlanePhaseEncodingDirectionDICOM": "ROW",
    "InstitutionAddress": "Franklin Blvd 1440, Eugene, Oregon, 97403, USA",
    "InstitutionName": "Lewis Center for Neuroimaging, University of Oregon",
    "InstitutionalDepartmentName": "Department of Geography",
    "InversionTime": 1.1,
    "MRAcquisitionType": "3D",
    "MagneticFieldStrength": 3,
    "Manufacturer": "Siemens",
    "ManufacturersModelName": "Skyra",
    "Modality": "MR",
    "Orientation": "sag",
    "ParallelReductionFactorInPlane": 2,
    "PartialFourier": 1,
    "ParticipantLabel": "07",
    "PatientPosition": "HFS",
    "PercentPhaseFOV": 100,
    "PhaseEncodingSteps": 255,
    "PhaseResolution": 1,
    "PixelBandwidth": 190,
    "ProtocolName": "mprage_p2",
    "PulseSequenceDetails": "%SiemensSeq%_tfl",
    "PulseSequenceType": "MPRAGE",
    "ReceiveCoilActiveElements": "HE1-4",
    "ReceiveCoilName": "HeadNeck_20",
    "ReconMatrixPE": 256,
    "RepetitionTime": 2.5,
    "SAR": 0.0665488,
    "ScanOptions": "IR",
    "ScanningSequence": "GR_IR",
    "SequenceName": "_tfl3d1_16ns",
    "SequenceVariant": "SK_SP_MP",
    "SeriesDescription": "mprage_p2_ND",
    "SeriesNumber": 6,
    "ShimSetting": [
      -5086,
      7660,
      9031,
      364,
      -125,
      -458,
      410,
      -408
    ],
    "SliceThickness": 1,
    "SoftwareVersions": "syngo_MR_E11",
    "TaskInstruction": "Please rest and remain still while a reference scan runs.",
    "TaskName": "anatomical",
    "TxRefAmp": 382.993,
    "dataset": "ds001415",
    "modality": "T1w",
    "subject_id": "07"
  },
  "cjv": 0.3459487038487479,
  "cnr": 3.8811732166385475,
  "efc": 0.5776383760367928,
  "fber": 46245.068844444446,
  "fwhm_avg": 3.212641432049334,
  "fwhm_x": 3.3050742961480015,
  "fwhm_y": 3.351,
  "fwhm_z": 2.98185,
  "icvs_csf": 0.18373066584753717,
  "icvs_gm": 0.4529720018727426,
  "icvs_wm": 0.3632973322797202,
  "inu_med": 0.25557711720466614,
  "inu_range": 0.03057928681373595,
  "provenance": {
    "md5sum": "376cc5c6d67a28a5a59f119486c97a1a",
    "settings": {
      "testing": false
    },
    "software": "mriqc",
    "version": "23.0.1",
    "warnings": {
      "large_rot_frame": true,
      "small_air_mask": false
    },
    "webapi_port": null,
    "webapi_url": "https://mriqc.nimh.nih.gov/api/v1"
  },
  "qi_1": 0.0,
  "qi_2": 0.0036106407285083314,
  "rpve_csf": 17.371024197580933,
  "rpve_gm": 7.666222423543961,
  "rpve_wm": 10.893777729604741,
  "size_x": 176,
  "size_y": 256,
  "size_z": 169,
  "snr_csf": 1.7167894020922811,
  "snr_gm": 9.053250716869552,
  "snr_total": 11.699745461851672,
  "snr_wm": 24.329196266593186,
  "snrd_csf": 38.04019297535179,
  "snrd_gm": 128.07294093384473,
  "snrd_total": 119.06711458384603,
  "snrd_wm": 191.08820984234157,
  "spacing_x": 0.9999502897262573,
  "spacing_y": 1.0,
  "spacing_z": 1.0,
  "summary_bg_k": 8.838302519421042,
  "summary_bg_mad": 3.428450060399335,
  "summary_bg_mean": 4.667426129068005,
  "summary_bg_median": 2.3124544247984886,
  "summary_bg_n": 1701142.0,
  "summary_bg_p05": 0.0,
  "summary_bg_p95": 19.118717685341835,
  "summary_bg_stdv": 7.022580730773621,
  "summary_csf_k": 1.6258552337839118,
  "summary_csf_mad": 101.63869667246847,
  "summary_csf_mean": 215.71782970184137,
  "summary_csf_median": 199.07137186080217,
  "summary_csf_n": 26109.0,
  "summary_csf_p05": 59.32993305325508,
  "summary_csf_p95": 440.7865883111954,
  "summary_csf_stdv": 115.95339490590278,
  "summary_gm_k": 0.1747194714908309,
  "summary_gm_mad": 71.10659416607754,
  "summary_gm_mean": 671.7709935576137,
  "summary_gm_median": 670.2294088378549,
  "summary_gm_n": 40727.0,
  "summary_gm_p05": 551.7297757938504,
  "summary_gm_p95": 797.23960249722,
  "summary_gm_stdv": 74.03099742068818,
  "summary_wm_k": 0.08901013307102312,
  "summary_wm_mad": 42.97710626894284,
  "summary_wm_mean": 997.5452942042818,
  "summary_wm_median": 999.9999764561653,
  "summary_wm_n": 215576.0,
  "summary_wm_p05": 926.2017261907458,
  "summary_wm_p95": 1057.4653793275356,
  "summary_wm_stdv": 41.102782275590236,
  "tpm_overlap_csf": 0.1482954471098266,
  "tpm_overlap_gm": 0.45931066482613375,
  "tpm_overlap_wm": 0.49836026166678443,
  "wm2max": 0.9073036956270341
}