{
  "aor": 0.0032948,
  "aqi": 0.013370248933333334,
  "bids_meta": {
    "AcquisitionMatrixPE": 64,
    "AcquisitionNumber": 1,
    "AcquisitionTime": "13:20:53",
    "BandwidthPerPixelPhaseEncode": 31.25,
    "BaseResolution": 64,
    "BodyPartExamined": "BRAIN",
    "ConsistencyInfo": "N4_VE11C_LATEST_20160120",
    "ConversionSoftware": "mcverter",
    "ConversionSoftwareVersion": "version 2.1.0 build 440",
    "DelayTime": 5,
    "DerivedVendorReportedEchoSpacing": 0.0005,
    "DeviceSerialNumber": "Scanner1",
    "DwellTime": 3.4e-06,
    "EchoTime": 0.027,
    "EchoTrainLength": 64,
    "EffectiveEchoSpacing": 0.0005,
    "FlipAngle": 90,
    "ImageOrientationPatientDICOM": [
      0.999392,
      0.00927353,
      -0.0336113,
      -0.0118615,
      0.996911,
      -0.0776358
    ],
    "ImageType": [
      "ORIGINAL",
      "PRIMARY",
      "M",
      "ND",
      "NORM",
      "MOSAIC"
    ],
    "InPlanePhaseEncodingDirectionDICOM": "COL",
    "InstitutionAddress": "Franklin Blvd 1440, Eugene, Oregon, 97403, USA",
    "InstitutionName": "Lewis Center for Neuroimaging, University of Oregon",
    "InstitutionalDepartmentName": "Department of Geography",
    "Instructions": "Listen to the map and remember the general spatial distribution - where features are located and patterns that they make; After listening to the map you will be shown two squares and asked to decide:Does the area inside the black rectangle have higher density (louder) than the area inside the red dotted rectangle?",
    "MRAcquisitionType": "2D",
    "MagneticFieldStrength": 3,
    "Manufacturer": "Siemens",
    "ManufacturersModelName": "Skyra",
    "Modality": "MR",
    "Orientation": "tra",
    "PartialFourier": 1,
    "ParticipantLabel": "06",
    "PatientPosition": "HFS",
    "PercentPhaseFOV": 100,
    "PhaseEncodingDirection": "j-",
    "PhaseEncodingSteps": 64,
    "PhaseResolution": 1,
    "PixelBandwidth": 2300,
    "ProtocolName": "Audio Cartography",
    "PulseSequenceDetails": "%CustomerSeq%_cmrr_mbep2d_bold",
    "ReceiveCoilActiveElements": "HE1-4",
    "ReceiveCoilName": "HeadNeck_20",
    "ReconMatrixPE": 64,
    "RepetitionTime": 7,
    "ResponseInputDevice": "button box",
    "SAR": 0.0181717,
    "ScanOptions": "FS",
    "ScanningSequence": "EP",
    "SequenceName": "epfid2d1_64",
    "SequenceVariant": "SK_SS",
    "SeriesDescription": "functional_run-2",
    "SeriesNumber": 8,
    "ShimSetting": [
      -5066,
      7704,
      8903,
      583,
      -166,
      -422,
      366,
      -305
    ],
    "SliceThickness": 4,
    "SliceTiming": [
      1.92,
      1.86,
      1.8,
      1.74,
      1.68,
      1.62,
      1.56,
      1.5,
      1.44,
      1.38,
      1.32,
      1.26,
      1.2,
      1.14,
      1.08,
      1.02,
      0.96,
      0.9,
      0.84,
      0.78,
      0.72,
      0.66,
      0.6,
      0.54,
      0.48,
      0.42,
      0.36,
      0.3,
      0.24,
      0.18,
      0.12,
      0.06,
      0
    ],
    "SoftwareVersions": "syngo_MR_E11",
    "SpacingBetweenSlices": 4.0000001083729,
    "TaskDescription": "Listen to an auditory map (sonification of geospatial data), and based on information gleaned from the map make a relative value judgement about the data contained in the map.",
    "TaskName": "map listening",
    "TotalReadoutTime": 0.0315,
    "TxRefAmp": 396.139,
    "dataset": "ds001415",
    "modality": "bold",
    "run_id": 2,
    "subject_id": "06",
    "task_id": "maplistening"
  },
  "dummy_trs": 0,
  "dvars_nstd": 34.92992499054055,
  "dvars_std": 1.1055115456756759,
  "dvars_vstd": 0.9168725448648652,
  "efc": 0.49689047899359473,
  "fber": 2221.703857421875,
  "fd_mean": 0.7238737965321396,
  "fd_num": 68,
  "fd_perc": 90.66666666666667,
  "fwhm_avg": 1.6488527524426975,
  "fwhm_x": 1.600763076923077,
  "fwhm_y": 1.8243753846153845,
  "fwhm_z": 1.5214197957896312,
  "gcor": 0.0157288,
  "gsr_x": -0.02260623127222061,
  "gsr_y": 0.058371178805828094,
  "provenance": {
    "md5sum": "ada0a3ff737d0be01f142154f4088de8",
    "settings": {
      "fd_thres": 0.2,
      "testing": false
    },
    "software": "mriqc",
    "version": "23.0.1",
    "webapi_port": null,
    "webapi_url": "https://mriqc.nimh.nih.gov/api/v1"
  },
  "size_t": 75,
  "size_x": 64,
  "size_y": 64,
  "size_z": 33,
  "snr": 3.8049298258637867,
  "spacing_tr": 7.0,
  "spacing_x": 3.25,
  "spacing_y": 3.25,
  "spacing_z": 3.9999282360076904,
  "summary_bg_k": 56.249528914671174,
  "summary_bg_mad": 216.424971807891,
  "summary_bg_mean": 785.0440063476562,
  "summary_bg_median": 315.080810546875,
  "summary_bg_n": 82641.0,
  "summary_bg_p05": 127.89790344238281,
  "summary_bg_p95": 2801.6943359375,
  "summary_bg_stdv": 1408.294189453125,
  "summary_fg_k": 3.239087233581044,
  "summary_fg_mad": 3166.3011849945033,
  "summary_fg_mean": 15625.0771484375,
  "summary_fg_median": 14831.6005859375,
  "summary_fg_n": 22621.0,
  "summary_fg_p05": 10994.87109375,
  "summary_fg_p95": 22879.96875,
  "summary_fg_stdv": 3897.90966796875,
  "tsnr": 40.77449035644531
}