{
  "aor": 0.006950447761194029,
  "aqi": 0.01821215820895522,
  "bids_meta": {
    "AcquisitionMatrixPE": 64,
    "AcquisitionNumber": 1,
    "AcquisitionTime": "13:50:57",
    "BandwidthPerPixelPhaseEncode": 31.25,
    "BaseResolution": 64,
    "BodyPartExamined": "BRAIN",
    "ConsistencyInfo": "N4_VE11C_LATEST_20160120",
    "ConversionSoftware": "mcverter",
    "ConversionSoftwareVersion": "version 2.1.0 build 440",
    "DelayTime": 5,
    "DerivedVendorReportedEchoSpacing": 0.0005,
    "DeviceSerialNumber": "Scanner1",
    "DwellTime": 3.4e-06,
    "EchoTime": 0.027,
    "EchoTrainLength": 64,
    "EffectiveEchoSpacing": 0.0005,
    "FlipAngle": 90,
    "ImageOrientationPatientDICOM": [
      0.999732,
      0.0171612,
      0.0155246,
      -0.019894,
      0.980053,
      0.197739
    ],
    "ImageType": [
      "ORIGINAL",
      "PRIMARY",
      "M",
      "ND",
      "NORM",
      "MOSAIC"
    ],
    "InPlanePhaseEncodingDirectionDICOM": "COL",
    "InstitutionAddress": "Franklin Blvd 1440, Eugene, Oregon, 97403, USA",
    "InstitutionName": "Lewis Center for Neuroimaging, University of Oregon",
    "InstitutionalDepartmentName": "Department of Geography",
    "Instructions": "Listen to the map and remember the general spatial distribution - where features are located and patterns that they make; After listening to the map you will be shown two squares and asked to decide:Does the area inside the black rectangle have higher density (louder) than the area inside the red dotted rectangle?",
    "MRAcquisitionType": "2D",
    "MagneticFieldStrength": 3,
    "Manufacturer": "Siemens",
    "ManufacturersModelName": "Skyra",
    "Modality": "MR",
    "Orientation": "tra",
    "PartialFourier": 1,
    "ParticipantLabel": "01",
    "PatientPosition": "HFS",
    "PercentPhaseFOV": 100,
    "PhaseEncodingDirection": "j-",
    "PhaseEncodingSteps": 64,
    "PhaseResolution": 1,
    "PixelBandwidth": 2300,
    "ProtocolName": "Audio Cartography",
    "PulseSequenceDetails": "%CustomerSeq%_cmrr_mbep2d_bold",
    "ReceiveCoilActiveElements": "HE1-4;NE1,2",
    "ReceiveCoilName": "HeadNeck_20",
    "ReconMatrixPE": 64,
    "RepetitionTime": 7,
    "ResponseInputDevice": "button box",
    "SAR": 0.0191127,
    "ScanOptions": "FS",
    "ScanningSequence": "EP",
    "SequenceName": "epfid2d1_64",
    "SequenceVariant": "SK_SS",
    "SeriesDescription": "functional_run-1",
    "SeriesNumber": 9,
    "ShimSetting": [
      -5128,
      7629,
      8943,
      377,
      -73,
      -397,
      -206,
      -455
    ],
    "SliceThickness": 4,
    "SliceTiming": [
      1.92,
      1.86,
      1.8,
      1.74,
      1.68,
      1.62,
      1.56,
      1.5,
      1.44,
      1.38,
      1.32,
      1.26,
      1.2,
      1.14,
      1.08,
      1.02,
      0.96,
      0.9,
      0.84,
      0.78,
      0.72,
      0.66,
      0.6,
      0.54,
      0.48,
      0.42,
      0.36,
      0.3,
      0.24,
      0.18,
      0.12,
      0.06,
      0
    ],
    "SoftwareVersions": "syngo_MR_E11",
    "SpacingBetweenSlices": 4.0000000375049,
    "TaskDescription": "Listen to an auditory map (sonification of geospatial data), and based on information gleaned from the map make a relative value judgement about the data contained in the map.",
    "TaskName": "map listening",
    "TotalReadoutTime": 0.0315,
    "TxRefAmp": 383.537,
    "dataset": "ds001415",
    "modality": "bold",
    "run_id": 1,
    "subject_id": "01",
    "task_id": "maplistening"
  },
  "dummy_trs": 0,
  "dvars_nstd": 29.76231751333334,
  "dvars_std": 1.1052522128787878,
  "dvars_vstd": 0.8614663636363639,
  "efc": 0.48423603832565654,
  "fber": 2220.140380859375,
  "fd_mean": 0.4215838853175506,
  "fd_num": 43,
  "fd_perc": 64.17910447761194,
  "fwhm_avg": 1.6847868928438796,
  "fwhm_x": 1.6440338461538462,
  "fwhm_y": 1.8991015384615386,
  "fwhm_z": 1.5112252939162545,
  "gcor": 0.00664558,
  "gsr_x": -0.019175522029399872,
  "gsr_y": 0.03619390353560448,
  "provenance": {
    "md5sum": "a516c914b9737fcece3b610ff7513a74",
    "settings": {
      "fd_thres": 0.2,
      "testing": false
    },
    "software": "mriqc",
    "version": "23.0.1",
    "webapi_port": null,
    "webapi_url": "https://mriqc.nimh.nih.gov/api/v1"
  },
  "size_t": 67,
  "size_x": 64,
  "size_y": 64,
  "size_z": 33,
  "snr": 4.423150432760424,
  "spacing_tr": 7.0,
  "spacing_x": 3.25,
  "spacing_y": 3.25,
  "spacing_z": 4.000019073486328,
  "summary_bg_k": 34.722168741389744,
  "summary_bg_mad": 170.7535344393015,
  "summary_bg_mean": 652.550048828125,
  "summary_bg_median": 301.25439453125,
  "summary_bg_n": 84738.0,
  "summary_bg_p05": 148.35464935302736,
  "summary_bg_p95": 2268.879943847656,
  "summary_bg_stdv": 1071.97265625,
  "summary_fg_k": 3.3694956077351383,
  "summary_fg_mad": 2990.0148585115085,
  "summary_fg_mean": 14806.9111328125,
  "summary_fg_median": 14332.404296875,
  "summary_fg_n": 21029.0,
  "summary_fg_p05": 10619.15234375,
  "summary_fg_p95": 20342.3234375,
  "summary_fg_stdv": 3240.23876953125,
  "tsnr": 36.66114807128906
}