{
  "bids_meta": {
    "AcquisitionMatrixPE": 256,
    "AcquisitionNumber": 1,
    "AcquisitionTime": "13:14:04",
    "BaseResolution": 256,
    "BodyPartExamined": "BRAIN",
    "ConsistencyInfo": "N4_VE11C_LATEST_20160120",
    "ConversionSoftware": "mcverter",
    "ConversionSoftwareVersion": "version 2.1.0 build 440",
    "DeIdentificationSoftware": "mri_deface-v1.22",
    "DeviceSerialNumber": "Scanner1",
    "DwellTime": 1.03e-05,
    "EchoTime": 0.00343,
    "FlipAngle": 7,
    "ImageOrientationPatientDICOM": [
      -0.00293041,
      0.999996,
      2.95193e-08,
      -0.0487605,
      -0.000142859,
      -0.99881
    ],
    "ImageType": [
      "ORIGINAL",
      "PRIMARY",
      "M",
      "ND",
      "NORM"
    ],
    "InPlanePhaseEncodingDirectionDICOM": "ROW",
    "InstitutionAddress": "Franklin Blvd 1440, Eugene, Oregon, 97403, USA",
    "InstitutionName": "Lewis Center for Neuroimaging, University of Oregon",
    "InstitutionalDepartmentName": "Department of Geography",
    "InversionTime": 1.1,
    "MRAcquisitionType": "3D",
    "MagneticFieldStrength": 3,
    "Manufacturer": "Siemens",
    "ManufacturersModelName": "Skyra",
    "Modality": "MR",
    "Orientation": "sag",
    "ParallelReductionFactorInPlane": 2,
    "PartialFourier": 1,
    "ParticipantLabel": "06",
    "PatientPosition": "HFS",
    "PercentPhaseFOV": 100,
    "PhaseEncodingSteps": 255,
    "PhaseResolution": 1,
    "PixelBandwidth": 190,
    "ProtocolName": "mprage_p2",
    "PulseSequenceDetails": "%SiemensSeq%_tfl",
    "PulseSequenceType": "MPRAGE",
    "ReceiveCoilActiveElements": "HE1-4",
    "ReceiveCoilName": "HeadNeck_20",
    "ReconMatrixPE": 256,
    "RepetitionTime": 2.5,
    "SAR": 0.0518362,
    "ScanOptions": "IR",
    "ScanningSequence": "GR_IR",
    "SequenceName": "_tfl3d1_16ns",
    "SequenceVariant": "SK_SP_MP",
    "SeriesDescription": "mprage_p2_ND",
    "SeriesNumber": 6,
    "ShimSetting": [
      -5072,
      7732,
      8819,
      286,
      -146,
      -882,
      550,
      -320
    ],
    "SliceThickness": 1,
    "SoftwareVersions": "syngo_MR_E11",
    "TaskInstruction": "Please rest and remain still while a reference scan runs.",
    "TaskName": "anatomical",
    "TxRefAmp": 396.139,
    "dataset": "ds001415",
    "modality": "T1w",
    "subject_id": "06"
  },
  "cjv": 0.4049051355002855,
  "cnr": 3.3116311153989964,
  "efc": 0.5367129334053178,
  "fber": 21005.78752358833,
  "fwhm_avg": 3.3560388171946607,
  "fwhm_x": 3.367266451583982,
  "fwhm_y": 3.52616,
  "fwhm_z": 3.17469,
  "icvs_csf": 0.2441795321089035,
  "icvs_gm": 0.41189526866202125,
  "icvs_wm": 0.3439251992290752,
  "inu_med": 0.397351935505867,
  "inu_range": 0.057051676511764515,
  "provenance": {
    "md5sum": "9054dc9df45034d52db2948b41400142",
    "settings": {
      "testing": false
    },
    "software": "mriqc",
    "version": "23.0.1",
    "warnings": {
      "large_rot_frame": true,
      "small_air_mask": false
    },
    "webapi_port": null,
    "webapi_url": "https://mriqc.nimh.nih.gov/api/v1"
  },
  "qi_1": 0.0,
  "qi_2": 0.0021732270734196976,
  "rpve_csf": 16.131361134043107,
  "rpve_gm": 9.372727831269255,
  "rpve_wm": 13.031478356686776,
  "size_x": 176,
  "size_y": 256,
  "size_z": 169,
  "snr_csf": 1.9769767657730055,
  "snr_gm": 9.581372182277468,
  "snr_total": 10.588248660246622,
  "snr_wm": 20.206397032689395,
  "snrd_csf": 25.042084643832442,
  "snrd_gm": 88.57432307882688,
  "snrd_total": 79.81288954886479,
  "snrd_wm": 125.822260923935,
  "spacing_x": 0.9998941421508789,
  "spacing_y": 1.0,
  "spacing_z": 1.0,
  "summary_bg_k": 15.040483336817179,
  "summary_bg_mad": 5.206968000214905,
  "summary_bg_mean": 7.14084154221349,
  "summary_bg_median": 3.5120465457439423,
  "summary_bg_n": 1882938.0,
  "summary_bg_p05": 0.0,
  "summary_bg_p95": 30.429550141096115,
  "summary_bg_stdv": 12.01266788639559,
  "summary_csf_k": 1.8507839545591427,
  "summary_csf_mad": 86.29730182174353,
  "summary_csf_mean": 214.38860223983772,
  "summary_csf_median": 199.0323441028595,
  "summary_csf_n": 43261.0,
  "summary_csf_p05": 78.37021347880363,
  "summary_csf_p95": 407.9377141594887,
  "summary_csf_stdv": 100.67394173186138,
  "summary_gm_k": 0.02474060373459297,
  "summary_gm_mad": 72.93396436664653,
  "summary_gm_mean": 703.7031078470333,
  "summary_gm_median": 703.9811341762543,
  "summary_gm_n": 9947.0,
  "summary_gm_p05": 581.5236846536397,
  "summary_gm_p95": 825.4316332906484,
  "summary_gm_stdv": 73.47024343581917,
  "summary_wm_k": 0.5081095570424163,
  "summary_wm_mad": 46.93553672920988,
  "summary_wm_mean": 1000.21739342843,
  "summary_wm_median": 1000.0245541930199,
  "summary_wm_n": 160065.0,
  "summary_wm_p05": 919.8418299794197,
  "summary_wm_p95": 1081.3910591304302,
  "summary_wm_stdv": 49.49033856766482,
  "tpm_overlap_csf": 0.16996815750836436,
  "tpm_overlap_gm": 0.4564885218333399,
  "tpm_overlap_wm": 0.5159018929095647,
  "wm2max": 0.730721605082282
}