{
  "bids_meta": {
    "AcquisitionMatrixPE": 256,
    "AcquisitionNumber": 1,
    "AcquisitionTime": "15:38:22",
    "BaseResolution": 256,
    "BodyPartExamined": "BRAIN",
    "ConsistencyInfo": "N4_VE11C_LATEST_20160120",
    "ConversionSoftware": "mcverter",
    "ConversionSoftwareVersion": "version 2.1.0 build 440",
    "DeIdentificationSoftware": "mri_deface-v1.22",
    "DeviceSerialNumber": "Scanner1",
    "DwellTime": 1.03e-05,
    "EchoTime": 0.00343,
    "FlipAngle": 7,
    "ImageOrientationPatientDICOM": [
      0.007465,
      0.999972,
      2.5576e-09,
      -0.0538017,
      0.000401644,
      -0.998552
    ],
    "ImageType": [
      "ORIGINAL",
      "PRIMARY",
      "M",
      "ND",
      "NORM"
    ],
    "InPlanePhaseEncodingDirectionDICOM": "ROW",
    "InstitutionAddress": "Franklin Blvd 1440, Eugene, Oregon, 97403, USA",
    "InstitutionName": "Lewis Center for Neuroimaging, University of Oregon",
    "InstitutionalDepartmentName": "Department of Geography",
    "InversionTime": 1.1,
    "MRAcquisitionType": "3D",
    "MagneticFieldStrength": 3,
    "Manufacturer": "Siemens",
    "ManufacturersModelName": "Skyra",
    "Modality": "MR",
    "Orientation": "sag",
    "ParallelReductionFactorInPlane": 2,
    "PartialFourier": 1,
    "ParticipantLabel": "11",
    "PatientPosition": "HFS",
    "PercentPhaseFOV": 100,
    "PhaseEncodingSteps": 255,
    "PhaseResolution": 1,
    "PixelBandwidth": 190,
    "ProtocolName": "mprage_p2",
    "PulseSequenceDetails": "%SiemensSeq%_tfl",
    "PulseSequenceType": "MPRAGE",
    "ReceiveCoilActiveElements": "HE1-4",
    "ReceiveCoilName": "HeadNeck_20",
    "ReconMatrixPE": 256,
    "RepetitionTime": 2.5,
    "SAR": 0.0535382,
    "ScanOptions": "IR",
    "ScanningSequence": "GR_IR",
    "SequenceName": "_tfl3d1_16ns",
    "SequenceVariant": "SK_SP_MP",
    "SeriesDescription": "mprage_p2_ND",
    "SeriesNumber": 6,
    "ShimSetting": [
      -5155,
      7593,
      8961,
      157,
      17,
      -609,
      176,
      -289
    ],
    "SliceThickness": 1,
    "SoftwareVersions": "syngo_MR_E11",
    "TaskInstruction": "Please rest and remain still while a reference scan runs.",
    "TaskName": "anatomical",
    "TxRefAmp": 378.621,
    "dataset": "ds001415",
    "modality": "T1w",
    "subject_id": "11"
  },
  "cjv": 0.42725671075811944,
  "cnr": 3.090523155596336,
  "efc": 0.5508813497511971,
  "fber": 33357.873436385256,
  "fwhm_avg": 3.571130337531493,
  "fwhm_x": 3.6269310125944796,
  "fwhm_y": 3.68651,
  "fwhm_z": 3.39995,
  "icvs_csf": 0.2509375291192584,
  "icvs_gm": 0.3722061742753747,
  "icvs_wm": 0.3768562966053669,
  "inu_med": 0.33443325757980347,
  "inu_range": 0.04220938682556152,
  "provenance": {
    "md5sum": "a60b0e8eda4e41a506086c6837c40c8b",
    "settings": {
      "testing": false
    },
    "software": "mriqc",
    "version": "23.0.1",
    "warnings": {
      "large_rot_frame": true,
      "small_air_mask": false
    },
    "webapi_port": null,
    "webapi_url": "https://mriqc.nimh.nih.gov/api/v1"
  },
  "qi_1": 0.0,
  "qi_2": 0.002878535526357364,
  "rpve_csf": 14.156994144070518,
  "rpve_gm": 8.886566541758759,
  "rpve_wm": 10.665858787998014,
  "size_x": 176,
  "size_y": 256,
  "size_z": 169,
  "snr_csf": 1.6340553674672114,
  "snr_gm": 9.298428065410315,
  "snr_total": 10.799465204369719,
  "snr_wm": 21.465912180231633,
  "snrd_csf": 27.61435174680424,
  "snrd_gm": 100.36387385760243,
  "snrd_total": 89.13794686963469,
  "snrd_wm": 139.43561500449744,
  "spacing_x": 0.9999749064445496,
  "spacing_y": 1.0,
  "spacing_z": 1.0,
  "summary_bg_k": 17.307294645257556,
  "summary_bg_mad": 4.69859872162571,
  "summary_bg_mean": 4.977592660640752,
  "summary_bg_median": 3.169156678020954,
  "summary_bg_n": 2116135.0,
  "summary_bg_p05": 0.0,
  "summary_bg_p95": 19.467676736414433,
  "summary_bg_stdv": 7.664134536771805,
  "summary_csf_k": 0.9018441924368954,
  "summary_csf_mad": 105.11789846764887,
  "summary_csf_mean": 221.4795588980331,
  "summary_csf_median": 198.04846413061023,
  "summary_csf_n": 61172.0,
  "summary_csf_p05": 62.263206012547016,
  "summary_csf_p95": 462.78980514928685,
  "summary_csf_stdv": 121.19959291669527,
  "summary_gm_k": 0.09477208127587433,
  "summary_gm_mad": 75.14225173607433,
  "summary_gm_mean": 717.170745893424,
  "summary_gm_median": 719.8036460876465,
  "summary_gm_n": 16548.0,
  "summary_gm_p05": 585.7066191773862,
  "summary_gm_p95": 842.5739164046943,
  "summary_gm_stdv": 77.40898695281874,
  "summary_wm_k": 0.5214023692876988,
  "summary_wm_mad": 44.58369614053869,
  "summary_wm_mean": 1000.9522501735826,
  "summary_wm_median": 1000.0238155126572,
  "summary_wm_n": 227612.0,
  "summary_wm_p05": 926.418364547193,
  "summary_wm_p95": 1078.3472591266036,
  "summary_wm_stdv": 46.586495385839314,
  "tpm_overlap_csf": 0.16361209727969345,
  "tpm_overlap_gm": 0.4389218120269375,
  "tpm_overlap_wm": 0.5102153794717124,
  "wm2max": 0.6752611594818789
}