{
  "aor": 0.0035551315789473683,
  "aqi": 0.010379666973684212,
  "bids_meta": {
    "AcquisitionMatrixPE": 64,
    "AcquisitionNumber": 1,
    "AcquisitionTime": "15:28:27",
    "BandwidthPerPixelPhaseEncode": 31.25,
    "BaseResolution": 64,
    "BodyPartExamined": "BRAIN",
    "ConsistencyInfo": "N4_VE11C_LATEST_20160120",
    "ConversionSoftware": "mcverter",
    "ConversionSoftwareVersion": "version 2.1.0 build 440",
    "DelayTime": 5,
    "DerivedVendorReportedEchoSpacing": 0.0005,
    "DeviceSerialNumber": "Scanner1",
    "DwellTime": 3.4e-06,
    "EchoTime": 0.027,
    "EchoTrainLength": 64,
    "EffectiveEchoSpacing": 0.0005,
    "FlipAngle": 90,
    "ImageOrientationPatientDICOM": [
      0.999901,
      -0.0127414,
      -0.00603903,
      0.0130894,
      0.998016,
      0.0615914
    ],
    "ImageType": [
      "ORIGINAL",
      "PRIMARY",
      "M",
      "ND",
      "NORM",
      "MOSAIC"
    ],
    "InPlanePhaseEncodingDirectionDICOM": "COL",
    "InstitutionAddress": "Franklin Blvd 1440, Eugene, Oregon, 97403, USA",
    "InstitutionName": "Lewis Center for Neuroimaging, University of Oregon",
    "InstitutionalDepartmentName": "Department of Geography",
    "Instructions": "Listen to the map and remember the general spatial distribution - where features are located and patterns that they make; After listening to the map you will be shown two squares and asked to decide:Does the area inside the black rectangle have higher density (louder) than the area inside the red dotted rectangle?",
    "MRAcquisitionType": "2D",
    "MagneticFieldStrength": 3,
    "Manufacturer": "Siemens",
    "ManufacturersModelName": "Skyra",
    "Modality": "MR",
    "Orientation": "tra",
    "PartialFourier": 1,
    "ParticipantLabel": "10",
    "PatientPosition": "HFS",
    "PercentPhaseFOV": 100,
    "PhaseEncodingDirection": "j-",
    "PhaseEncodingSteps": 64,
    "PhaseResolution": 1,
    "PixelBandwidth": 2300,
    "ProtocolName": "Audio Cartography",
    "PulseSequenceDetails": "%CustomerSeq%_cmrr_mbep2d_bold",
    "ReceiveCoilActiveElements": "HE1-4",
    "ReceiveCoilName": "HeadNeck_20",
    "ReconMatrixPE": 64,
    "RepetitionTime": 7,
    "ResponseInputDevice": "button box",
    "SAR": 0.0204417,
    "ScanOptions": "FS",
    "ScanningSequence": "EP",
    "SequenceName": "epfid2d1_64",
    "SequenceVariant": "SK_SS",
    "SeriesDescription": "functional_run-1",
    "SeriesNumber": 5,
    "ShimSetting": [
      -5095,
      7732,
      9085,
      369,
      -50,
      20,
      189,
      -342
    ],
    "SliceThickness": 4,
    "SliceTiming": [
      1.92,
      1.86,
      1.8,
      1.74,
      1.68,
      1.62,
      1.56,
      1.5,
      1.44,
      1.38,
      1.32,
      1.26,
      1.2,
      1.14,
      1.08,
      1.02,
      0.96,
      0.9,
      0.84,
      0.78,
      0.72,
      0.66,
      0.6,
      0.54,
      0.48,
      0.42,
      0.36,
      0.3,
      0.24,
      0.18,
      0.12,
      0.06,
      0
    ],
    "SoftwareVersions": "syngo_MR_E11",
    "SpacingBetweenSlices": 4.0000000988852,
    "TaskDescription": "Listen to an auditory map (sonification of geospatial data), and based on information gleaned from the map make a relative value judgement about the data contained in the map.",
    "TaskName": "map listening",
    "TotalReadoutTime": 0.0315,
    "TxRefAmp": 376.755,
    "dataset": "ds001415",
    "modality": "bold",
    "run_id": 1,
    "subject_id": "10",
    "task_id": "maplistening"
  },
  "dummy_trs": 0,
  "dvars_nstd": 19.6715961328,
  "dvars_std": 1.0517064953333335,
  "dvars_vstd": 0.8597888560000001,
  "efc": 0.561649770358584,
  "fber": 1798.523681640625,
  "fd_mean": 0.1482116472522658,
  "fd_num": 17,
  "fd_perc": 22.36842105263158,
  "fwhm_avg": 1.6536561610817386,
  "fwhm_x": 1.5529938461538462,
  "fwhm_y": 1.8572615384615385,
  "fwhm_z": 1.5507130986298314,
  "gcor": 0.0208863,
  "gsr_x": -0.02769145742058754,
  "gsr_y": 0.06779615581035614,
  "provenance": {
    "md5sum": "85126d8b98af020cd31251cfcc8f8390",
    "settings": {
      "fd_thres": 0.2,
      "testing": false
    },
    "software": "mriqc",
    "version": "23.0.1",
    "webapi_port": null,
    "webapi_url": "https://mriqc.nimh.nih.gov/api/v1"
  },
  "size_t": 76,
  "size_x": 64,
  "size_y": 64,
  "size_z": 33,
  "snr": 4.332938171017704,
  "spacing_tr": 7.0,
  "spacing_x": 3.25,
  "spacing_y": 3.25,
  "spacing_z": 3.999927520751953,
  "summary_bg_k": 26.553398892563816,
  "summary_bg_mad": 291.26116027592286,
  "summary_bg_mean": 1148.7113037109375,
  "summary_bg_median": 392.3629455566406,
  "summary_bg_n": 74399.0,
  "summary_bg_p05": 155.99418029785156,
  "summary_bg_p95": 4878.909423828119,
  "summary_bg_stdv": 1988.197265625,
  "summary_fg_k": 3.8039792261714522,
  "summary_fg_mad": 3309.417182545893,
  "summary_fg_mean": 17904.841796875,
  "summary_fg_median": 17107.24609375,
  "summary_fg_n": 29499.0,
  "summary_fg_p05": 13168.79091796875,
  "summary_fg_p95": 24932.373828125,
  "summary_fg_stdv": 3948.119140625,
  "tsnr": 55.42539596557617
}