{
  "aor": 0.005848701298701299,
  "aqi": 0.0050358067532467535,
  "bids_meta": {
    "AcquisitionMatrixPE": 64,
    "AcquisitionNumber": 1,
    "AcquisitionTime": "15:44:15",
    "BandwidthPerPixelPhaseEncode": 31.25,
    "BaseResolution": 64,
    "BodyPartExamined": "BRAIN",
    "ConsistencyInfo": "N4_VE11C_LATEST_20160120",
    "ConversionSoftware": "mcverter",
    "ConversionSoftwareVersion": "version 2.1.0 build 440",
    "DelayTime": 5,
    "DerivedVendorReportedEchoSpacing": 0.0005,
    "DeviceSerialNumber": "Scanner1",
    "DwellTime": 3.4e-06,
    "EchoTime": 0.027,
    "EchoTrainLength": 64,
    "EffectiveEchoSpacing": 0.0005,
    "FlipAngle": 90,
    "ImageOrientationPatientDICOM": [
      0.999901,
      -0.0127414,
      -0.00603903,
      0.0130894,
      0.998016,
      0.0615914
    ],
    "ImageType": [
      "ORIGINAL",
      "PRIMARY",
      "M",
      "ND",
      "NORM",
      "MOSAIC"
    ],
    "InPlanePhaseEncodingDirectionDICOM": "COL",
    "InstitutionAddress": "Franklin Blvd 1440, Eugene, Oregon, 97403, USA",
    "InstitutionName": "Lewis Center for Neuroimaging, University of Oregon",
    "InstitutionalDepartmentName": "Department of Geography",
    "Instructions": "Listen to the map and remember the general spatial distribution - where features are located and patterns that they make; After listening to the map you will be shown two squares and asked to decide:Does the area inside the black rectangle have higher density (louder) than the area inside the red dotted rectangle?",
    "MRAcquisitionType": "2D",
    "MagneticFieldStrength": 3,
    "Manufacturer": "Siemens",
    "ManufacturersModelName": "Skyra",
    "Modality": "MR",
    "Orientation": "tra",
    "PartialFourier": 1,
    "ParticipantLabel": "10",
    "PatientPosition": "HFS",
    "PercentPhaseFOV": 100,
    "PhaseEncodingDirection": "j-",
    "PhaseEncodingSteps": 64,
    "PhaseResolution": 1,
    "PixelBandwidth": 2300,
    "ProtocolName": "Audio Cartography",
    "PulseSequenceDetails": "%CustomerSeq%_cmrr_mbep2d_bold",
    "ReceiveCoilActiveElements": "HE1-4",
    "ReceiveCoilName": "HeadNeck_20",
    "ReconMatrixPE": 64,
    "RepetitionTime": 7,
    "ResponseInputDevice": "button box",
    "SAR": 0.0204417,
    "ScanOptions": "FS",
    "ScanningSequence": "EP",
    "SequenceName": "epfid2d1_64",
    "SequenceVariant": "SK_SS",
    "SeriesDescription": "functional_run-2",
    "SeriesNumber": 8,
    "ShimSetting": [
      -5095,
      7732,
      9085,
      369,
      -50,
      20,
      189,
      -342
    ],
    "SliceThickness": 4,
    "SliceTiming": [
      1.92,
      1.86,
      1.8,
      1.74,
      1.68,
      1.62,
      1.56,
      1.5,
      1.44,
      1.38,
      1.32,
      1.26,
      1.2,
      1.14,
      1.08,
      1.02,
      0.96,
      0.9,
      0.84,
      0.78,
      0.72,
      0.66,
      0.6,
      0.54,
      0.48,
      0.42,
      0.36,
      0.3,
      0.24,
      0.18,
      0.12,
      0.06,
      0
    ],
    "SoftwareVersions": "syngo_MR_E11",
    "SpacingBetweenSlices": 4.0000000988852,
    "TaskDescription": "Listen to an auditory map (sonification of geospatial data), and based on information gleaned from the map make a relative value judgement about the data contained in the map.",
    "TaskName": "map listening",
    "TotalReadoutTime": 0.0315,
    "TxRefAmp": 376.755,
    "dataset": "ds001415",
    "modality": "bold",
    "run_id": 2,
    "subject_id": "10",
    "task_id": "maplistening"
  },
  "dummy_trs": 0,
  "dvars_nstd": 19.770462399736843,
  "dvars_std": 1.2914114098684213,
  "dvars_vstd": 0.9892774043421056,
  "efc": 0.5635956821186413,
  "fber": 1790.9466552734375,
  "fd_mean": 0.10517982827651988,
  "fd_num": 5,
  "fd_perc": 6.4935064935064934,
  "fwhm_avg": 1.6252236463693948,
  "fwhm_x": 1.539236923076923,
  "fwhm_y": 1.8306092307692308,
  "fwhm_z": 1.5058247852620315,
  "gcor": 0.0127372,
  "gsr_x": -0.027894072234630585,
  "gsr_y": 0.07106981426477432,
  "provenance": {
    "md5sum": "2f683d203c3d2f92fe36f4b7c7592863",
    "settings": {
      "fd_thres": 0.2,
      "testing": false
    },
    "software": "mriqc",
    "version": "23.0.1",
    "webapi_port": null,
    "webapi_url": "https://mriqc.nimh.nih.gov/api/v1"
  },
  "size_t": 77,
  "size_x": 64,
  "size_y": 64,
  "size_z": 33,
  "snr": 4.353100045643328,
  "spacing_tr": 7.0,
  "spacing_x": 3.25,
  "spacing_y": 3.25,
  "spacing_z": 3.999927520751953,
  "summary_bg_k": 25.518475107473662,
  "summary_bg_mad": 285.0693459356707,
  "summary_bg_mean": 1160.0693359375,
  "summary_bg_median": 392.1258544921875,
  "summary_bg_n": 74351.0,
  "summary_bg_p05": 161.18541717529297,
  "summary_bg_p95": 4976.800048828125,
  "summary_bg_stdv": 1977.208740234375,
  "summary_fg_k": 3.8149535236244345,
  "summary_fg_mad": 3264.970968772763,
  "summary_fg_mean": 17764.880859375,
  "summary_fg_median": 17014.25390625,
  "summary_fg_n": 29561.0,
  "summary_fg_p05": 13099.4248046875,
  "summary_fg_p95": 24704.017578125,
  "summary_fg_stdv": 3908.47119140625,
  "tsnr": 76.29066467285156
}