{
  "bids_meta": {
    "AcquisitionMatrixPE": 256,
    "AcquisitionNumber": 1,
    "AcquisitionTime": "17:47:25",
    "BaseResolution": 256,
    "BodyPartExamined": "BRAIN",
    "ConsistencyInfo": "N4_VE11C_LATEST_20160120",
    "ConversionSoftware": "mcverter",
    "ConversionSoftwareVersion": "version 2.1.0 build 440",
    "DeIdentificationSoftware": "mri_deface-v1.22",
    "DeviceSerialNumber": "Scanner1",
    "DwellTime": 1.03e-05,
    "EchoTime": 0.00343,
    "FlipAngle": 7,
    "ImageOrientationPatientDICOM": [
      -0.0382074,
      0.99927,
      -4.29289e-08,
      0.00335792,
      0.000128348,
      -0.999994
    ],
    "ImageType": [
      "ORIGINAL",
      "PRIMARY",
      "M",
      "ND",
      "NORM"
    ],
    "InPlanePhaseEncodingDirectionDICOM": "ROW",
    "InstitutionAddress": "Franklin Blvd 1440, Eugene, Oregon, 97403, USA",
    "InstitutionName": "Lewis Center for Neuroimaging, University of Oregon",
    "InstitutionalDepartmentName": "Department of Geography",
    "InversionTime": 1.1,
    "MRAcquisitionType": "3D",
    "MagneticFieldStrength": 3,
    "Manufacturer": "Siemens",
    "ManufacturersModelName": "Skyra",
    "Modality": "MR",
    "Orientation": "sag",
    "ParallelReductionFactorInPlane": 2,
    "PartialFourier": 1,
    "ParticipantLabel": "15",
    "PatientPosition": "HFS",
    "PercentPhaseFOV": 100,
    "PhaseEncodingSteps": 255,
    "PhaseResolution": 1,
    "PixelBandwidth": 190,
    "ProtocolName": "mprage_p2",
    "PulseSequenceDetails": "%SiemensSeq%_tfl",
    "PulseSequenceType": "MPRAGE",
    "ReceiveCoilActiveElements": "HE1-4",
    "ReceiveCoilName": "HeadNeck_20",
    "ReconMatrixPE": 256,
    "RepetitionTime": 2.5,
    "SAR": 0.055806,
    "ScanOptions": "IR",
    "ScanningSequence": "GR_IR",
    "SequenceName": "_tfl3d1_16ns",
    "SequenceVariant": "SK_SP_MP",
    "SeriesDescription": "mprage_p2_ND",
    "SeriesNumber": 6,
    "ShimSetting": [
      -5087,
      7656,
      8956,
      302,
      -173,
      -626,
      396,
      -444
    ],
    "SliceThickness": 1,
    "SoftwareVersions": "syngo_MR_E11",
    "TaskInstruction": "Please rest and remain still while a reference scan runs.",
    "TaskName": "anatomical",
    "TxRefAmp": 380.237,
    "dataset": "ds001415",
    "modality": "T1w",
    "subject_id": "15"
  },
  "cjv": 0.37858497016886167,
  "cnr": 3.461361446432662,
  "efc": 0.5444495149160897,
  "fber": 31790.89,
  "fwhm_avg": 3.233584557143161,
  "fwhm_x": 3.3536736714294832,
  "fwhm_y": 3.28738,
  "fwhm_z": 3.0597,
  "icvs_csf": 0.20118716318472726,
  "icvs_gm": 0.45043653904736514,
  "icvs_wm": 0.3483762977679076,
  "inu_med": 0.3874489963054657,
  "inu_range": 0.06995177417993548,
  "provenance": {
    "md5sum": "7b4854975fd4ba3f40bc68470782de8a",
    "settings": {
      "testing": false
    },
    "software": "mriqc",
    "version": "23.0.1",
    "warnings": {
      "large_rot_frame": true,
      "small_air_mask": false
    },
    "webapi_port": null,
    "webapi_url": "https://mriqc.nimh.nih.gov/api/v1"
  },
  "qi_1": 0.0,
  "qi_2": 0.0032892093859167642,
  "rpve_csf": 18.05318046983398,
  "rpve_gm": 8.520909100233983,
  "rpve_wm": 12.308646074868683,
  "size_x": 176,
  "size_y": 256,
  "size_z": 169,
  "snr_csf": 1.6920674288374398,
  "snr_gm": 10.76185739987765,
  "snr_total": 11.036547992496663,
  "snr_wm": 20.655719148774896,
  "snrd_csf": 25.060241443746314,
  "snrd_gm": 89.64733138341425,
  "snrd_total": 80.08090599727824,
  "snrd_wm": 125.5351451646741,
  "spacing_x": 0.9999273419380188,
  "spacing_y": 1.0,
  "spacing_z": 1.0,
  "summary_bg_k": 8.26306814866262,
  "summary_bg_mad": 5.218868845984261,
  "summary_bg_mean": 6.116290237207971,
  "summary_bg_median": 3.5200735442340374,
  "summary_bg_n": 1758369.0,
  "summary_bg_p05": 0.0,
  "summary_bg_p95": 23.674220111221075,
  "summary_bg_stdv": 8.632137548474287,
  "summary_csf_k": 3.213383292707234,
  "summary_csf_mad": 95.57693141469215,
  "summary_csf_mean": 221.18741173718033,
  "summary_csf_median": 199.63188328966498,
  "summary_csf_n": 28785.0,
  "summary_csf_p05": 68.60692358762026,
  "summary_csf_p95": 453.3578640773892,
  "summary_csf_stdv": 117.97899552935499,
  "summary_gm_k": 0.34194478891633295,
  "summary_gm_mad": 62.08066208948598,
  "summary_gm_mean": 713.5054071944838,
  "summary_gm_median": 714.137796163559,
  "summary_gm_n": 26338.0,
  "summary_gm_p05": 602.0901741279289,
  "summary_gm_p95": 823.4245762037112,
  "summary_gm_stdv": 66.35696909226098,
  "summary_wm_k": 0.5029698591621599,
  "summary_wm_mad": 46.15117352037062,
  "summary_wm_mean": 1000.8929941456752,
  "summary_wm_median": 1000.0229847952724,
  "summary_wm_n": 182012.0,
  "summary_wm_p05": 923.3175913542509,
  "summary_wm_p95": 1081.5828587450087,
  "summary_wm_stdv": 48.41372166488081,
  "tpm_overlap_csf": 0.1485947293356756,
  "tpm_overlap_gm": 0.47186463356968306,
  "tpm_overlap_wm": 0.514664980904892,
  "wm2max": 0.6942810709208023
}