{
  "bids_meta": {
    "AcquisitionMatrixPE": 256,
    "AcquisitionNumber": 1,
    "AcquisitionTime": "15:37:40",
    "BaseResolution": 256,
    "BodyPartExamined": "BRAIN",
    "ConsistencyInfo": "N4_VE11C_LATEST_20160120",
    "ConversionSoftware": "mcverter",
    "ConversionSoftwareVersion": "version 2.1.0 build 440",
    "DeIdentificationSoftware": "mri_deface-v1.22",
    "DeviceSerialNumber": "Scanner1",
    "DwellTime": 1.03e-05,
    "EchoTime": 0.00343,
    "FlipAngle": 7,
    "ImageOrientationPatientDICOM": [
      0,
      1,
      0,
      0,
      0,
      -1
    ],
    "ImageType": [
      "ORIGINAL",
      "PRIMARY",
      "M",
      "ND",
      "NORM"
    ],
    "InPlanePhaseEncodingDirectionDICOM": "ROW",
    "InstitutionAddress": "Franklin Blvd 1440, Eugene, Oregon, 97403, USA",
    "InstitutionName": "Lewis Center for Neuroimaging, University of Oregon",
    "InstitutionalDepartmentName": "Department of Geography",
    "InversionTime": 1.1,
    "MRAcquisitionType": "3D",
    "MagneticFieldStrength": 3,
    "Manufacturer": "Siemens",
    "ManufacturersModelName": "Skyra",
    "Modality": "MR",
    "Orientation": "sag",
    "ParallelReductionFactorInPlane": 2,
    "PartialFourier": 1,
    "ParticipantLabel": "10",
    "PatientPosition": "HFS",
    "PercentPhaseFOV": 100,
    "PhaseEncodingSteps": 255,
    "PhaseResolution": 1,
    "PixelBandwidth": 190,
    "ProtocolName": "mprage_p2",
    "PulseSequenceDetails": "%SiemensSeq%_tfl",
    "PulseSequenceType": "MPRAGE",
    "ReceiveCoilActiveElements": "HE1-4",
    "ReceiveCoilName": "HeadNeck_20",
    "ReconMatrixPE": 256,
    "RepetitionTime": 2.5,
    "SAR": 0.0583116,
    "ScanOptions": "IR",
    "ScanningSequence": "GR_IR",
    "SequenceName": "_tfl3d1_16ns",
    "SequenceVariant": "SK_SP_MP",
    "SeriesDescription": "mprage_p2_ND",
    "SeriesNumber": 6,
    "ShimSetting": [
      -5099,
      7688,
      8989,
      293,
      -59,
      -485,
      242,
      -383
    ],
    "SliceThickness": 1,
    "SoftwareVersions": "syngo_MR_E11",
    "TaskInstruction": "Please rest and remain still while a reference scan runs.",
    "TaskName": "anatomical",
    "TxRefAmp": 376.755,
    "dataset": "ds001415",
    "modality": "T1w",
    "subject_id": "10"
  },
  "cjv": 0.3613718437095105,
  "cnr": 3.740595182648158,
  "efc": 0.5752916699566255,
  "fber": 45284.960006925205,
  "fwhm_avg": 3.4596312077911695,
  "fwhm_x": 3.4356636233735096,
  "fwhm_y": 3.75119,
  "fwhm_z": 3.19204,
  "icvs_csf": 0.2123966382097339,
  "icvs_gm": 0.42466866176642226,
  "icvs_wm": 0.3629347000238438,
  "inu_med": 0.2446499615907669,
  "inu_range": 0.029985645413398737,
  "provenance": {
    "md5sum": "1daed01b64633ec6b20576f8ef844cf4",
    "settings": {
      "testing": false
    },
    "software": "mriqc",
    "version": "23.0.1",
    "warnings": {
      "large_rot_frame": true,
      "small_air_mask": false
    },
    "webapi_port": null,
    "webapi_url": "https://mriqc.nimh.nih.gov/api/v1"
  },
  "qi_1": 0.0,
  "qi_2": 0.004310329512318308,
  "rpve_csf": 14.14062602779631,
  "rpve_gm": 7.395039536329527,
  "rpve_wm": 10.197001599471713,
  "size_x": 176,
  "size_y": 256,
  "size_z": 169,
  "snr_csf": 1.984714606143282,
  "snr_gm": 9.865635783424988,
  "snr_total": 12.141302805751854,
  "snr_wm": 24.57355802768729,
  "snrd_csf": 39.794196246292124,
  "snrd_gm": 131.81893789002282,
  "snrd_total": 120.44310742714924,
  "snrd_wm": 189.71618814513275,
  "spacing_x": 0.9998999834060669,
  "spacing_y": 1.0,
  "spacing_z": 1.0,
  "summary_bg_k": 8.808975390518318,
  "summary_bg_mad": 3.4532446991098356,
  "summary_bg_mean": 4.430016533115951,
  "summary_bg_median": 2.3291781544685364,
  "summary_bg_n": 1646500.0,
  "summary_bg_p05": 0.0,
  "summary_bg_p95": 17.32908546924591,
  "summary_bg_stdv": 6.335858230136597,
  "summary_csf_k": 1.8269949531875085,
  "summary_csf_mad": 89.09371323703375,
  "summary_csf_mean": 228.85949535811667,
  "summary_csf_median": 209.7564678788185,
  "summary_csf_n": 34441.0,
  "summary_csf_p05": 92.01185381412506,
  "summary_csf_p95": 437.19605630636215,
  "summary_csf_stdv": 105.68442538337555,
  "summary_gm_k": 0.13528646079044693,
  "summary_gm_mad": 68.40187099996763,
  "summary_gm_mean": 695.2383657233877,
  "summary_gm_median": 694.821793615818,
  "summary_gm_n": 37622.0,
  "summary_gm_p05": 579.0001490354538,
  "summary_gm_p95": 813.3294464439153,
  "summary_gm_stdv": 70.42755019127097,
  "summary_wm_k": 0.13669869444016447,
  "summary_wm_mad": 41.880951710804084,
  "summary_wm_mean": 997.591835864104,
  "summary_wm_median": 1000.0000321269035,
  "summary_wm_n": 243725.0,
  "summary_wm_p05": 927.1060726046562,
  "summary_wm_p95": 1058.080418586731,
  "summary_wm_stdv": 40.694065527896456,
  "tpm_overlap_csf": 0.16173772016326413,
  "tpm_overlap_gm": 0.4526497188945608,
  "tpm_overlap_wm": 0.5186454289035757,
  "wm2max": 0.9114794748552115
}