{
  "aor": 0.005770256410256409,
  "aqi": 0.005522513974358975,
  "bids_meta": {
    "AcquisitionMatrixPE": 64,
    "AcquisitionNumber": 1,
    "AcquisitionTime": "15:45:19",
    "BandwidthPerPixelPhaseEncode": 31.25,
    "BaseResolution": 64,
    "BodyPartExamined": "BRAIN",
    "ConsistencyInfo": "N4_VE11C_LATEST_20160120",
    "ConversionSoftware": "mcverter",
    "ConversionSoftwareVersion": "version 2.1.0 build 440",
    "DelayTime": 5,
    "DerivedVendorReportedEchoSpacing": 0.0005,
    "DeviceSerialNumber": "Scanner1",
    "DwellTime": 3.4e-06,
    "EchoTime": 0.027,
    "EchoTrainLength": 64,
    "EffectiveEchoSpacing": 0.0005,
    "FlipAngle": 90,
    "ImageOrientationPatientDICOM": [
      0.998419,
      -0.0164122,
      -0.0537642,
      0.035389,
      0.926624,
      0.374321
    ],
    "ImageType": [
      "ORIGINAL",
      "PRIMARY",
      "M",
      "ND",
      "NORM",
      "MOSAIC"
    ],
    "InPlanePhaseEncodingDirectionDICOM": "COL",
    "InstitutionAddress": "Franklin Blvd 1440, Eugene, Oregon, 97403, USA",
    "InstitutionName": "Lewis Center for Neuroimaging, University of Oregon",
    "InstitutionalDepartmentName": "Department of Geography",
    "Instructions": "Listen to the map and remember the general spatial distribution - where features are located and patterns that they make; After listening to the map you will be shown two squares and asked to decide:Does the area inside the black rectangle have higher density (louder) than the area inside the red dotted rectangle?",
    "MRAcquisitionType": "2D",
    "MagneticFieldStrength": 3,
    "Manufacturer": "Siemens",
    "ManufacturersModelName": "Skyra",
    "Modality": "MR",
    "Orientation": "tra",
    "PartialFourier": 1,
    "ParticipantLabel": "11",
    "PatientPosition": "HFS",
    "PercentPhaseFOV": 100,
    "PhaseEncodingDirection": "j-",
    "PhaseEncodingSteps": 64,
    "PhaseResolution": 1,
    "PixelBandwidth": 2300,
    "ProtocolName": "Audio Cartography",
    "PulseSequenceDetails": "%CustomerSeq%_cmrr_mbep2d_bold",
    "ReceiveCoilActiveElements": "HE1-4;NE1,2",
    "ReceiveCoilName": "HeadNeck_20",
    "ReconMatrixPE": 64,
    "RepetitionTime": 7,
    "ResponseInputDevice": "button box",
    "SAR": 0.0187684,
    "ScanOptions": "FS",
    "ScanningSequence": "EP",
    "SequenceName": "epfid2d1_64",
    "SequenceVariant": "SK_SS",
    "SeriesDescription": "functional_run-2",
    "SeriesNumber": 8,
    "ShimSetting": [
      -5163,
      7615,
      8999,
      252,
      -31,
      -395,
      139,
      -338
    ],
    "SliceThickness": 4,
    "SliceTiming": [
      1.92,
      1.86,
      1.8,
      1.74,
      1.68,
      1.62,
      1.56,
      1.5,
      1.44,
      1.38,
      1.32,
      1.26,
      1.2,
      1.14,
      1.08,
      1.02,
      0.96,
      0.9,
      0.84,
      0.78,
      0.72,
      0.66,
      0.6,
      0.54,
      0.48,
      0.42,
      0.36,
      0.3,
      0.24,
      0.18,
      0.12,
      0.06,
      0
    ],
    "SoftwareVersions": "syngo_MR_E11",
    "SpacingBetweenSlices": 3.9999999408392,
    "TaskDescription": "Listen to an auditory map (sonification of geospatial data), and based on information gleaned from the map make a relative value judgement about the data contained in the map.",
    "TaskName": "map listening",
    "TotalReadoutTime": 0.0315,
    "TxRefAmp": 378.621,
    "dataset": "ds001415",
    "modality": "bold",
    "run_id": 2,
    "subject_id": "11",
    "task_id": "maplistening"
  },
  "dummy_trs": 0,
  "dvars_nstd": 32.93690844961041,
  "dvars_std": 1.4558365701298701,
  "dvars_vstd": 1.0445879923376622,
  "efc": 0.5106029178434959,
  "fber": 1500.3126220703125,
  "fd_mean": 0.32307518042930156,
  "fd_num": 53,
  "fd_perc": 67.94871794871794,
  "fwhm_avg": 1.7152563852854377,
  "fwhm_x": 1.68956,
  "fwhm_y": 1.8840276923076924,
  "fwhm_z": 1.5721814635486209,
  "gcor": 0.0691646,
  "gsr_x": -0.013799825683236122,
  "gsr_y": 0.04147551581263542,
  "provenance": {
    "md5sum": "4aaab57342275699cbe0180e441bc854",
    "settings": {
      "fd_thres": 0.2,
      "testing": false
    },
    "software": "mriqc",
    "version": "23.0.1",
    "webapi_port": null,
    "webapi_url": "https://mriqc.nimh.nih.gov/api/v1"
  },
  "size_t": 78,
  "size_x": 64,
  "size_y": 64,
  "size_z": 33,
  "snr": 3.849935213761693,
  "spacing_tr": 7.0,
  "spacing_x": 3.25,
  "spacing_y": 3.25,
  "spacing_z": 3.999786376953125,
  "summary_bg_k": 45.02516664344846,
  "summary_bg_mad": 263.77121397751216,
  "summary_bg_mean": 749.8490600585938,
  "summary_bg_median": 375.8289794921875,
  "summary_bg_n": 80720.0,
  "summary_bg_p05": 163.69375381469726,
  "summary_bg_p95": 2464.341247558598,
  "summary_bg_stdv": 1157.4031982421875,
  "summary_fg_k": 4.593545809679687,
  "summary_fg_mad": 2741.471943828572,
  "summary_fg_mean": 15380.4169921875,
  "summary_fg_median": 14572.1728515625,
  "summary_fg_n": 24315.0,
  "summary_fg_p05": 10906.1708984375,
  "summary_fg_p95": 22573.535937499997,
  "summary_fg_stdv": 3784.9658203125,
  "tsnr": 65.05265808105469
}