{
  "bids_meta": {
    "AcquisitionMatrixPE": 256,
    "AcquisitionNumber": 1,
    "AcquisitionTime": "17:12:42",
    "BaseResolution": 256,
    "BodyPartExamined": "BRAIN",
    "ConsistencyInfo": "N4_VE11C_LATEST_20160120",
    "ConversionSoftware": "mcverter",
    "ConversionSoftwareVersion": "version 2.1.0 build 440",
    "DeIdentificationSoftware": "mri_deface-v1.22",
    "DeviceSerialNumber": "Scanner1",
    "DwellTime": 1.03e-05,
    "EchoTime": 0.00343,
    "FlipAngle": 7,
    "ImageOrientationPatientDICOM": [
      0.00328175,
      0.999995,
      -5.29603e-08,
      0.013571,
      -4.45898e-05,
      -0.999908
    ],
    "ImageType": [
      "ORIGINAL",
      "PRIMARY",
      "M",
      "ND",
      "NORM"
    ],
    "InPlanePhaseEncodingDirectionDICOM": "ROW",
    "InstitutionAddress": "Franklin Blvd 1440, Eugene, Oregon, 97403, USA",
    "InstitutionName": "Lewis Center for Neuroimaging, University of Oregon",
    "InstitutionalDepartmentName": "Department of Geography",
    "InversionTime": 1.1,
    "MRAcquisitionType": "3D",
    "MagneticFieldStrength": 3,
    "Manufacturer": "Siemens",
    "ManufacturersModelName": "Skyra",
    "Modality": "MR",
    "Orientation": "sag",
    "ParallelReductionFactorInPlane": 2,
    "PartialFourier": 1,
    "ParticipantLabel": "18",
    "PatientPosition": "HFS",
    "PercentPhaseFOV": 100,
    "PhaseEncodingSteps": 255,
    "PhaseResolution": 1,
    "PixelBandwidth": 190,
    "ProtocolName": "mprage_p2",
    "PulseSequenceDetails": "%SiemensSeq%_tfl",
    "PulseSequenceType": "MPRAGE",
    "ReceiveCoilActiveElements": "HE1-4",
    "ReceiveCoilName": "HeadNeck_20",
    "ReconMatrixPE": 256,
    "RepetitionTime": 2.5,
    "SAR": 0.0723709,
    "ScanOptions": "IR",
    "ScanningSequence": "GR_IR",
    "SequenceName": "_tfl3d1_16ns",
    "SequenceVariant": "SK_SP_MP",
    "SeriesDescription": "mprage_p2_ND",
    "SeriesNumber": 6,
    "ShimSetting": [
      -5089,
      7565,
      8963,
      152,
      -29,
      -787,
      93,
      -370
    ],
    "SliceThickness": 1,
    "SoftwareVersions": "syngo_MR_E11",
    "TaskInstruction": "Please rest and remain still while a reference scan runs.",
    "TaskName": "anatomical",
    "TxRefAmp": 372.239,
    "dataset": "ds001415",
    "modality": "T1w",
    "subject_id": "18"
  },
  "cjv": 0.3881737077480799,
  "cnr": 3.4084254279074453,
  "efc": 0.517975828343571,
  "fber": 33081.742518210194,
  "fwhm_avg": 3.4252973465523513,
  "fwhm_x": 3.492822039657054,
  "fwhm_y": 3.58873,
  "fwhm_z": 3.19434,
  "icvs_csf": 0.22743061200812031,
  "icvs_gm": 0.41244937547776905,
  "icvs_wm": 0.3601200125141106,
  "inu_med": 0.38531389832496643,
  "inu_range": 0.049090999364852894,
  "provenance": {
    "md5sum": "590f8cd1729ba9990954b5a56089358a",
    "settings": {
      "testing": false
    },
    "software": "mriqc",
    "version": "23.0.1",
    "warnings": {
      "large_rot_frame": true,
      "small_air_mask": false
    },
    "webapi_port": null,
    "webapi_url": "https://mriqc.nimh.nih.gov/api/v1"
  },
  "qi_1": 0.0,
  "qi_2": 0.004075801610108125,
  "rpve_csf": 18.37822905178899,
  "rpve_gm": 10.02266607393204,
  "rpve_wm": 13.406269978831318,
  "size_x": 176,
  "size_y": 256,
  "size_z": 169,
  "snr_csf": 1.6157623755190829,
  "snr_gm": 9.06056551985445,
  "snr_total": 10.730066865671306,
  "snr_wm": 21.513872701640388,
  "snrd_csf": 27.416139794666606,
  "snrd_gm": 97.80538060372324,
  "snrd_total": 88.7413097014662,
  "snrd_wm": 141.00240870600874,
  "spacing_x": 0.9998963475227356,
  "spacing_y": 1.0,
  "spacing_z": 1.0,
  "summary_bg_k": 9.25004177642758,
  "summary_bg_mad": 4.646376317091785,
  "summary_bg_mean": 5.056231331577913,
  "summary_bg_median": 3.133933201432228,
  "summary_bg_n": 1915245.0,
  "summary_bg_p05": 0.0,
  "summary_bg_p95": 20.434091482311487,
  "summary_bg_stdv": 7.597221131875537,
  "summary_csf_k": 1.4993080773101903,
  "summary_csf_mad": 103.49175357630452,
  "summary_csf_mean": 217.83126730210006,
  "summary_csf_median": 194.44149744696915,
  "summary_csf_n": 30092.0,
  "summary_csf_p05": 55.036525566503414,
  "summary_csf_p95": 448.6585356663911,
  "summary_csf_stdv": 120.33840469504395,
  "summary_gm_k": 0.19919182327264462,
  "summary_gm_mad": 74.12226003144394,
  "summary_gm_mean": 691.4507146360851,
  "summary_gm_median": 693.6579987332225,
  "summary_gm_n": 19059.0,
  "summary_gm_p05": 561.9819837346673,
  "summary_gm_p95": 814.4626535587013,
  "summary_gm_stdv": 76.55590584552013,
  "summary_wm_k": 0.37282960651513086,
  "summary_wm_mad": 44.79985813844579,
  "summary_wm_mean": 1000.3061107203441,
  "summary_wm_median": 1000.0211443975568,
  "summary_wm_n": 172601.0,
  "summary_wm_p05": 924.5526448711753,
  "summary_wm_p95": 1076.7813326083124,
  "summary_wm_stdv": 46.482484178744066,
  "tpm_overlap_csf": 0.15044517925908477,
  "tpm_overlap_gm": 0.4491154098601406,
  "tpm_overlap_wm": 0.4822615990765134,
  "wm2max": 0.7421737490570782
}