{
  "bids_meta": {
    "AcquisitionMatrixPE": 256,
    "AcquisitionNumber": 1,
    "AcquisitionTime": "10:58:19",
    "BaseResolution": 256,
    "BodyPartExamined": "BRAIN",
    "ConsistencyInfo": "N4_VE11C_LATEST_20160120",
    "ConversionSoftware": "mcverter",
    "ConversionSoftwareVersion": "version 2.1.0 build 440",
    "DeIdentificationSoftware": "mri_deface-v1.22",
    "DeviceSerialNumber": "Scanner1",
    "DwellTime": 1.03e-05,
    "EchoTime": 0.00343,
    "FlipAngle": 7,
    "ImageOrientationPatientDICOM": [
      -0.100067,
      0.994981,
      -2.55886e-08,
      -0.00249084,
      -0.000250535,
      -0.999997
    ],
    "ImageType": [
      "ORIGINAL",
      "PRIMARY",
      "M",
      "ND",
      "NORM"
    ],
    "InPlanePhaseEncodingDirectionDICOM": "ROW",
    "InstitutionAddress": "Franklin Blvd 1440, Eugene, Oregon, 97403, USA",
    "InstitutionName": "Lewis Center for Neuroimaging, University of Oregon",
    "InstitutionalDepartmentName": "Department of Geography",
    "InversionTime": 1.1,
    "MRAcquisitionType": "3D",
    "MagneticFieldStrength": 3,
    "Manufacturer": "Siemens",
    "ManufacturersModelName": "Skyra",
    "Modality": "MR",
    "Orientation": "sag",
    "ParallelReductionFactorInPlane": 2,
    "PartialFourier": 1,
    "ParticipantLabel": "04",
    "PatientPosition": "HFS",
    "PercentPhaseFOV": 100,
    "PhaseEncodingSteps": 255,
    "PhaseResolution": 1,
    "PixelBandwidth": 190,
    "ProtocolName": "mprage_p2",
    "PulseSequenceDetails": "%SiemensSeq%_tfl",
    "PulseSequenceType": "MPRAGE",
    "ReceiveCoilActiveElements": "HE1-4",
    "ReceiveCoilName": "HeadNeck_20",
    "ReconMatrixPE": 256,
    "RepetitionTime": 2.5,
    "SAR": 0.0646305,
    "ScanOptions": "IR",
    "ScanningSequence": "GR_IR",
    "SequenceName": "_tfl3d1_16ns",
    "SequenceVariant": "SK_SP_MP",
    "SeriesDescription": "mprage_p2_ND",
    "SeriesNumber": 10,
    "ShimSetting": [
      -5098,
      7574,
      8889,
      89,
      -101,
      -585,
      -273,
      -518
    ],
    "SliceThickness": 1,
    "SoftwareVersions": "syngo_MR_E11",
    "TaskInstruction": "Please rest and remain still while a reference scan runs.",
    "TaskName": "anatomical",
    "TxRefAmp": 356,
    "dataset": "ds001415",
    "modality": "T1w",
    "subject_id": "04"
  },
  "cjv": 0.37965341367441485,
  "cnr": 3.5185502605082903,
  "efc": 0.5422909311835534,
  "fber": 49908.167893007536,
  "fwhm_avg": 3.4091524458089073,
  "fwhm_x": 3.4907473374267215,
  "fwhm_y": 3.48447,
  "fwhm_z": 3.25224,
  "icvs_csf": 0.20278944552251776,
  "icvs_gm": 0.42173536768912984,
  "icvs_wm": 0.3754751867883524,
  "inu_med": 0.27598193287849426,
  "inu_range": 0.03494159728288648,
  "provenance": {
    "md5sum": "70918935ea4ce9e2c1227f825dc73cbb",
    "settings": {
      "testing": false
    },
    "software": "mriqc",
    "version": "23.0.1",
    "warnings": {
      "large_rot_frame": true,
      "small_air_mask": false
    },
    "webapi_port": null,
    "webapi_url": "https://mriqc.nimh.nih.gov/api/v1"
  },
  "qi_1": 0.0,
  "qi_2": 0.00426524222253214,
  "rpve_csf": 16.030067525880668,
  "rpve_gm": 8.011495672609087,
  "rpve_wm": 10.568402088955873,
  "size_x": 176,
  "size_y": 256,
  "size_z": 169,
  "snr_csf": 1.8375770155476403,
  "snr_gm": 8.912435833034339,
  "snr_total": 11.875689513145565,
  "snr_wm": 24.877055690854714,
  "snrd_csf": 48.45749268889824,
  "snrd_gm": 132.11947385530584,
  "snrd_total": 123.85707760065152,
  "snrd_wm": 190.9942662577505,
  "spacing_x": 0.9999176859855652,
  "spacing_y": 1.0,
  "spacing_z": 1.0,
  "summary_bg_k": 10.063778836423312,
  "summary_bg_mad": 3.4301363142380508,
  "summary_bg_mean": 3.965516739161131,
  "summary_bg_median": 2.3135917857289314,
  "summary_bg_n": 1996334.0,
  "summary_bg_p05": 0.0,
  "summary_bg_p95": 16.176925241947174,
  "summary_bg_stdv": 5.945367758061849,
  "summary_csf_k": -0.06603112306097447,
  "summary_csf_mad": 149.73760414280122,
  "summary_csf_mean": 268.41328263205463,
  "summary_csf_median": 253.71175432950258,
  "summary_csf_n": 39703.0,
  "summary_csf_p05": 64.63665366098284,
  "summary_csf_p95": 503.7982742860913,
  "summary_csf_stdv": 138.06689844402092,
  "summary_gm_k": 0.030373510987755648,
  "summary_gm_mad": 76.51634786012912,
  "summary_gm_mean": 690.5152975189799,
  "summary_gm_median": 691.7457266747952,
  "summary_gm_n": 31811.0,
  "summary_gm_p05": 560.0167329534888,
  "summary_gm_p95": 817.6816323027015,
  "summary_gm_stdv": 77.61456764505115,
  "summary_wm_k": 0.09059307085005663,
  "summary_wm_mad": 40.51342103430769,
  "summary_wm_mean": 999.3284853511071,
  "summary_wm_median": 999.9999519214034,
  "summary_wm_n": 233235.0,
  "summary_wm_p05": 932.0860135182738,
  "summary_wm_p95": 1062.4122783616185,
  "summary_wm_stdv": 40.19759494795207,
  "tpm_overlap_csf": 0.1384127098832849,
  "tpm_overlap_gm": 0.4604908153799075,
  "tpm_overlap_wm": 0.5009255671356966,
  "wm2max": 0.8963878637447337
}