{
  "aor": 0.004833589743589745,
  "aqi": 0.011880773333333334,
  "bids_meta": {
    "AcquisitionMatrixPE": 64,
    "AcquisitionNumber": 1,
    "AcquisitionTime": "15:28:27",
    "BandwidthPerPixelPhaseEncode": 31.25,
    "BaseResolution": 64,
    "BodyPartExamined": "BRAIN",
    "ConsistencyInfo": "N4_VE11C_LATEST_20160120",
    "ConversionSoftware": "mcverter",
    "ConversionSoftwareVersion": "version 2.1.0 build 440",
    "DelayTime": 5,
    "DerivedVendorReportedEchoSpacing": 0.0005,
    "DeviceSerialNumber": "Scanner1",
    "DwellTime": 3.4e-06,
    "EchoTime": 0.027,
    "EchoTrainLength": 64,
    "EffectiveEchoSpacing": 0.0005,
    "FlipAngle": 90,
    "ImageOrientationPatientDICOM": [
      0.998419,
      -0.0164122,
      -0.0537642,
      0.035389,
      0.926624,
      0.374321
    ],
    "ImageType": [
      "ORIGINAL",
      "PRIMARY",
      "M",
      "ND",
      "NORM",
      "MOSAIC"
    ],
    "InPlanePhaseEncodingDirectionDICOM": "COL",
    "InstitutionAddress": "Franklin Blvd 1440, Eugene, Oregon, 97403, USA",
    "InstitutionName": "Lewis Center for Neuroimaging, University of Oregon",
    "InstitutionalDepartmentName": "Department of Geography",
    "Instructions": "Listen to the map and remember the general spatial distribution - where features are located and patterns that they make; After listening to the map you will be shown two squares and asked to decide:Does the area inside the black rectangle have higher density (louder) than the area inside the red dotted rectangle?",
    "MRAcquisitionType": "2D",
    "MagneticFieldStrength": 3,
    "Manufacturer": "Siemens",
    "ManufacturersModelName": "Skyra",
    "Modality": "MR",
    "Orientation": "tra",
    "PartialFourier": 1,
    "ParticipantLabel": "11",
    "PatientPosition": "HFS",
    "PercentPhaseFOV": 100,
    "PhaseEncodingDirection": "j-",
    "PhaseEncodingSteps": 64,
    "PhaseResolution": 1,
    "PixelBandwidth": 2300,
    "ProtocolName": "Audio Cartography",
    "PulseSequenceDetails": "%CustomerSeq%_cmrr_mbep2d_bold",
    "ReceiveCoilActiveElements": "HE1-4;NE1,2",
    "ReceiveCoilName": "HeadNeck_20",
    "ReconMatrixPE": 64,
    "RepetitionTime": 7,
    "ResponseInputDevice": "button box",
    "SAR": 0.0187684,
    "ScanOptions": "FS",
    "ScanningSequence": "EP",
    "SequenceName": "epfid2d1_64",
    "SequenceVariant": "SK_SS",
    "SeriesDescription": "functional_run-1",
    "SeriesNumber": 5,
    "ShimSetting": [
      -5163,
      7615,
      8999,
      252,
      -31,
      -395,
      139,
      -338
    ],
    "SliceThickness": 4,
    "SliceTiming": [
      1.92,
      1.86,
      1.8,
      1.74,
      1.68,
      1.62,
      1.56,
      1.5,
      1.44,
      1.38,
      1.32,
      1.26,
      1.2,
      1.14,
      1.08,
      1.02,
      0.96,
      0.9,
      0.84,
      0.78,
      0.72,
      0.66,
      0.6,
      0.54,
      0.48,
      0.42,
      0.36,
      0.3,
      0.24,
      0.18,
      0.12,
      0.06,
      0
    ],
    "SoftwareVersions": "syngo_MR_E11",
    "SpacingBetweenSlices": 3.9999999408392,
    "TaskDescription": "Listen to an auditory map (sonification of geospatial data), and based on information gleaned from the map make a relative value judgement about the data contained in the map.",
    "TaskName": "map listening",
    "TotalReadoutTime": 0.0315,
    "TxRefAmp": 378.621,
    "dataset": "ds001415",
    "modality": "bold",
    "run_id": 1,
    "subject_id": "11",
    "task_id": "maplistening"
  },
  "dummy_trs": 0,
  "dvars_nstd": 37.683045523376606,
  "dvars_std": 1.2312482635064932,
  "dvars_vstd": 0.9845152089610387,
  "efc": 0.5091772648717428,
  "fber": 1438.580322265625,
  "fd_mean": 0.495233029205725,
  "fd_num": 62,
  "fd_perc": 79.48717948717949,
  "fwhm_avg": 1.7545484229062307,
  "fwhm_x": 1.7077723076923077,
  "fwhm_y": 1.9196430769230768,
  "fwhm_z": 1.6362298841033076,
  "gcor": 0.0503819,
  "gsr_x": -0.013098352588713169,
  "gsr_y": 0.039258379489183426,
  "provenance": {
    "md5sum": "b65cdb20135f027dae7fb977cdff4106",
    "settings": {
      "fd_thres": 0.2,
      "testing": false
    },
    "software": "mriqc",
    "version": "23.0.1",
    "webapi_port": null,
    "webapi_url": "https://mriqc.nimh.nih.gov/api/v1"
  },
  "size_t": 78,
  "size_x": 64,
  "size_y": 64,
  "size_z": 33,
  "snr": 3.8184696184423244,
  "spacing_tr": 7.0,
  "spacing_x": 3.25,
  "spacing_y": 3.25,
  "spacing_z": 3.999786376953125,
  "summary_bg_k": 41.54222261176421,
  "summary_bg_mad": 268.3027699221663,
  "summary_bg_mean": 736.1168823242188,
  "summary_bg_median": 381.85205078125,
  "summary_bg_n": 80987.0,
  "summary_bg_p05": 164.41535186767578,
  "summary_bg_p95": 2382.531030273437,
  "summary_bg_stdv": 1120.498046875,
  "summary_fg_k": 4.2815239584986085,
  "summary_fg_mad": 2742.256680549695,
  "summary_fg_mean": 15383.6572265625,
  "summary_fg_median": 14546.8388671875,
  "summary_fg_n": 24126.0,
  "summary_fg_p05": 10833.43115234375,
  "summary_fg_p95": 22645.6767578125,
  "summary_fg_stdv": 3809.520263671875,
  "tsnr": 42.84961700439453
}