{
  "aor": 0.06806647058823528,
  "aqi": 0.02483379397058823,
  "bids_meta": {
    "AcquisitionMatrixPE": 64,
    "AcquisitionNumber": 1,
    "AcquisitionTime": "10:59:06",
    "BandwidthPerPixelPhaseEncode": 31.25,
    "BaseResolution": 64,
    "BodyPartExamined": "BRAIN",
    "ConsistencyInfo": "N4_VE11C_LATEST_20160120",
    "ConversionSoftware": "mcverter",
    "ConversionSoftwareVersion": "version 2.1.0 build 440",
    "DelayTime": 5,
    "DerivedVendorReportedEchoSpacing": 0.0005,
    "DeviceSerialNumber": "Scanner1",
    "DwellTime": 3.4e-06,
    "EchoTime": 0.027,
    "EchoTrainLength": 64,
    "EffectiveEchoSpacing": 0.0005,
    "FlipAngle": 90,
    "ImageOrientationPatientDICOM": [
      0.999545,
      -0.0177482,
      0.024382,
      0.0172726,
      0.999659,
      0.0195785
    ],
    "ImageType": [
      "ORIGINAL",
      "PRIMARY",
      "M",
      "ND",
      "NORM",
      "MOSAIC"
    ],
    "InPlanePhaseEncodingDirectionDICOM": "COL",
    "InstitutionAddress": "Franklin Blvd 1440, Eugene, Oregon, 97403, USA",
    "InstitutionName": "Lewis Center for Neuroimaging, University of Oregon",
    "InstitutionalDepartmentName": "Department of Geography",
    "Instructions": "Listen to the map and remember the general spatial distribution - where features are located and patterns that they make; After listening to the map you will be shown two squares and asked to decide:Does the area inside the black rectangle have higher density (louder) than the area inside the red dotted rectangle?",
    "MRAcquisitionType": "2D",
    "MagneticFieldStrength": 3,
    "Manufacturer": "Siemens",
    "ManufacturersModelName": "Skyra",
    "Modality": "MR",
    "Orientation": "tra",
    "PartialFourier": 1,
    "ParticipantLabel": "07",
    "PatientPosition": "HFS",
    "PercentPhaseFOV": 100,
    "PhaseEncodingDirection": "j-",
    "PhaseEncodingSteps": 64,
    "PhaseResolution": 1,
    "PixelBandwidth": 2300,
    "ProtocolName": "Audio Cartography",
    "PulseSequenceDetails": "%CustomerSeq%_cmrr_mbep2d_bold",
    "ReceiveCoilActiveElements": "HE1-4",
    "ReceiveCoilName": "HeadNeck_20",
    "ReconMatrixPE": 64,
    "RepetitionTime": 7,
    "ResponseInputDevice": "button box",
    "SAR": 0.0233293,
    "ScanOptions": "FS",
    "ScanningSequence": "EP",
    "SequenceName": "epfid2d1_64",
    "SequenceVariant": "SK_SS",
    "SeriesDescription": "functional_run-2",
    "SeriesNumber": 9,
    "ShimSetting": [
      -5076,
      7669,
      9069,
      418,
      -32,
      -243,
      482,
      -382
    ],
    "SliceThickness": 4,
    "SliceTiming": [
      1.92,
      1.86,
      1.8,
      1.74,
      1.68,
      1.62,
      1.56,
      1.5,
      1.44,
      1.38,
      1.32,
      1.26,
      1.2,
      1.14,
      1.08,
      1.02,
      0.96,
      0.9,
      0.84,
      0.78,
      0.72,
      0.66,
      0.6,
      0.54,
      0.48,
      0.42,
      0.36,
      0.3,
      0.24,
      0.18,
      0.12,
      0.06,
      0
    ],
    "SoftwareVersions": "syngo_MR_E11",
    "SpacingBetweenSlices": 3.9999999711215,
    "TaskDescription": "Listen to an auditory map (sonification of geospatial data), and based on information gleaned from the map make a relative value judgement about the data contained in the map.",
    "TaskName": "map listening",
    "TotalReadoutTime": 0.0315,
    "TxRefAmp": 382.993,
    "dataset": "ds001415",
    "modality": "bold",
    "run_id": 2,
    "subject_id": "07",
    "task_id": "maplistening"
  },
  "dummy_trs": 0,
  "dvars_nstd": 30.338124446417904,
  "dvars_std": 1.2628764146268658,
  "dvars_vstd": 1.1784851147761193,
  "efc": 0.5507687961219956,
  "fber": 1404.63037109375,
  "fd_mean": 0.5318034128122545,
  "fd_num": 14,
  "fd_perc": 20.58823529411765,
  "fwhm_avg": 1.6870082846927161,
  "fwhm_x": 1.653923076923077,
  "fwhm_y": 1.8722707692307692,
  "fwhm_z": 1.5348310079243026,
  "gcor": 0.0160724,
  "gsr_x": -0.017381060868501663,
  "gsr_y": 0.0606258288025856,
  "provenance": {
    "md5sum": "0749b62452d4fc2772c4cd43f70c2ebe",
    "settings": {
      "fd_thres": 0.2,
      "testing": false
    },
    "software": "mriqc",
    "version": "23.0.1",
    "webapi_port": null,
    "webapi_url": "https://mriqc.nimh.nih.gov/api/v1"
  },
  "size_t": 68,
  "size_x": 64,
  "size_y": 64,
  "size_z": 33,
  "snr": 4.759110741743624,
  "spacing_tr": 7.0,
  "spacing_x": 3.25,
  "spacing_y": 3.25,
  "spacing_z": 3.9999778270721436,
  "summary_bg_k": 34.92331742273354,
  "summary_bg_mad": 328.34352211516745,
  "summary_bg_mean": 1121.3309326171875,
  "summary_bg_median": 411.6383972167969,
  "summary_bg_n": 78359.0,
  "summary_bg_p05": 146.99293365478516,
  "summary_bg_p95": 4556.1950683593695,
  "summary_bg_stdv": 1801.463623046875,
  "summary_fg_k": 4.046958078709815,
  "summary_fg_mad": 3153.800415898236,
  "summary_fg_mean": 16087.623046875,
  "summary_fg_median": 15722.9775390625,
  "summary_fg_n": 26093.0,
  "summary_fg_p05": 11852.3982421875,
  "summary_fg_p95": 21401.13671875,
  "summary_fg_stdv": 3303.700439453125,
  "tsnr": 35.769325256347656
}