{
  "bids_meta": {
    "AcquisitionMatrixPE": 256,
    "AcquisitionNumber": 1,
    "AcquisitionTime": "14:00:06",
    "BaseResolution": 256,
    "BodyPartExamined": "BRAIN",
    "ConsistencyInfo": "N4_VE11C_LATEST_20160120",
    "ConversionSoftware": "mcverter",
    "ConversionSoftwareVersion": "version 2.1.0 build 440",
    "DeIdentificationSoftware": "mri_deface-v1.22",
    "DeviceSerialNumber": "Scanner1",
    "DwellTime": 1.03e-05,
    "EchoTime": 0.00343,
    "FlipAngle": 7,
    "ImageOrientationPatientDICOM": [
      -0.0119141,
      0.999929,
      -8.00146e-09,
      0.00727982,
      8.67306e-05,
      -0.999973
    ],
    "ImageType": [
      "ORIGINAL",
      "PRIMARY",
      "M",
      "ND",
      "NORM"
    ],
    "InPlanePhaseEncodingDirectionDICOM": "ROW",
    "InstitutionAddress": "Franklin Blvd 1440, Eugene, Oregon, 97403, USA",
    "InstitutionName": "Lewis Center for Neuroimaging, University of Oregon",
    "InstitutionalDepartmentName": "Department of Geography",
    "InversionTime": 1.1,
    "MRAcquisitionType": "3D",
    "MagneticFieldStrength": 3,
    "Manufacturer": "Siemens",
    "ManufacturersModelName": "Skyra",
    "Modality": "MR",
    "Orientation": "sag",
    "ParallelReductionFactorInPlane": 2,
    "PartialFourier": 1,
    "ParticipantLabel": "01",
    "PatientPosition": "HFS",
    "PercentPhaseFOV": 100,
    "PhaseEncodingSteps": 255,
    "PhaseResolution": 1,
    "PixelBandwidth": 190,
    "ProtocolName": "mprage_p2",
    "PulseSequenceDetails": "%SiemensSeq%_tfl",
    "PulseSequenceType": "MPRAGE",
    "ReceiveCoilActiveElements": "HE1-4;NE1,2",
    "ReceiveCoilName": "HeadNeck_20",
    "ReconMatrixPE": 256,
    "RepetitionTime": 2.5,
    "SAR": 0.0545206,
    "ScanOptions": "IR",
    "ScanningSequence": "GR_IR",
    "SequenceName": "_tfl3d1_16ns",
    "SequenceVariant": "SK_SP_MP",
    "SeriesDescription": "mprage_p2_ND",
    "SeriesNumber": 10,
    "ShimSetting": [
      -5121,
      7619,
      8937,
      188,
      -127,
      -613,
      -227,
      -493
    ],
    "SliceThickness": 1,
    "SoftwareVersions": "syngo_MR_E11",
    "TaskInstruction": "Please rest and remain still while a reference scan runs.",
    "TaskName": "anatomical",
    "TxRefAmp": 383.537,
    "dataset": "ds001415",
    "modality": "T1w",
    "subject_id": "01"
  },
  "cjv": 0.39810814919849163,
  "cnr": 3.3220689757130955,
  "efc": 0.5146220979624467,
  "fber": 23325.30957211073,
  "fwhm_avg": 3.2851101211500677,
  "fwhm_x": 3.3247303634502043,
  "fwhm_y": 3.39741,
  "fwhm_z": 3.13319,
  "icvs_csf": 0.2121292228287789,
  "icvs_gm": 0.42760969973336627,
  "icvs_wm": 0.36026107743785485,
  "inu_med": 0.43472397327423096,
  "inu_range": 0.06505022346973416,
  "provenance": {
    "md5sum": "de296860ae2926d81667b2335b374812",
    "settings": {
      "testing": false
    },
    "software": "mriqc",
    "version": "23.0.1",
    "warnings": {
      "large_rot_frame": true,
      "small_air_mask": false
    },
    "webapi_port": null,
    "webapi_url": "https://mriqc.nimh.nih.gov/api/v1"
  },
  "qi_1": 0.0,
  "qi_2": 0.0030764384232080315,
  "rpve_csf": 18.760872861595978,
  "rpve_gm": 9.53253129651151,
  "rpve_wm": 13.022209721476875,
  "size_x": 176,
  "size_y": 256,
  "size_z": 169,
  "snr_csf": 1.7197061875440698,
  "snr_gm": 8.776609956921392,
  "snr_total": 9.760827422563247,
  "snr_wm": 18.786166123224284,
  "snrd_csf": 26.236091283459235,
  "snrd_gm": 83.2669380431118,
  "snrd_total": 77.06752763785991,
  "snrd_wm": 121.69955358700871,
  "spacing_x": 0.9998946189880371,
  "spacing_y": 1.0,
  "spacing_z": 1.0,
  "summary_bg_k": 12.284085374724532,
  "summary_bg_mad": 5.383227765952029,
  "summary_bg_mean": 7.273341828234864,
  "summary_bg_median": 3.6309319511055946,
  "summary_bg_n": 2090840.0,
  "summary_bg_p05": 0.0,
  "summary_bg_p95": 29.66793132200837,
  "summary_bg_stdv": 11.22630751446723,
  "summary_csf_k": 5.149260350441407,
  "summary_csf_mad": 109.53846371858083,
  "summary_csf_mean": 233.80779085413693,
  "summary_csf_median": 215.58083945140243,
  "summary_csf_n": 28387.0,
  "summary_csf_p05": 61.932668406516314,
  "summary_csf_p95": 460.86867721416047,
  "summary_csf_stdv": 125.35690329193412,
  "summary_gm_k": 0.06109647303375221,
  "summary_gm_mad": 76.28510739219362,
  "summary_gm_mean": 684.1775649891397,
  "summary_gm_median": 684.2008669637144,
  "summary_gm_n": 22738.0,
  "summary_gm_p05": 555.6670249236747,
  "summary_gm_p95": 814.5271943973377,
  "summary_gm_stdv": 77.95559160528101,
  "summary_wm_k": 0.8926885161504385,
  "summary_wm_mad": 49.437110686053124,
  "summary_wm_mean": 1002.0707934628209,
  "summary_wm_median": 1000.000024382025,
  "summary_wm_n": 176260.0,
  "summary_wm_p05": 918.9233821662143,
  "summary_wm_p95": 1091.83042993024,
  "summary_wm_stdv": 53.23050914700514,
  "tpm_overlap_csf": 0.14620907353591023,
  "tpm_overlap_gm": 0.46118952115447914,
  "tpm_overlap_wm": 0.503832180964863,
  "wm2max": 0.6945397666512377
}