{
  "bids_meta": {
    "AcquisitionMatrixPE": 256,
    "AcquisitionNumber": 1,
    "AcquisitionTime": "17:39:10",
    "BaseResolution": 256,
    "BodyPartExamined": "BRAIN",
    "ConsistencyInfo": "N4_VE11C_LATEST_20160120",
    "ConversionSoftware": "mcverter",
    "ConversionSoftwareVersion": "version 2.1.0 build 440",
    "DeIdentificationSoftware": "mri_deface-v1.22",
    "DeviceSerialNumber": "Scanner1",
    "DwellTime": 1.03e-05,
    "EchoTime": 0.00343,
    "FlipAngle": 7,
    "ImageOrientationPatientDICOM": [
      0.0722497,
      0.997387,
      -6.25551e-09,
      0.0789629,
      -0.00572,
      -0.996861
    ],
    "ImageType": [
      "ORIGINAL",
      "PRIMARY",
      "M",
      "ND",
      "NORM"
    ],
    "InPlanePhaseEncodingDirectionDICOM": "ROW",
    "InstitutionAddress": "Franklin Blvd 1440, Eugene, Oregon, 97403, USA",
    "InstitutionName": "Lewis Center for Neuroimaging, University of Oregon",
    "InstitutionalDepartmentName": "Department of Geography",
    "InversionTime": 1.1,
    "MRAcquisitionType": "3D",
    "MagneticFieldStrength": 3,
    "Manufacturer": "Siemens",
    "ManufacturersModelName": "Skyra",
    "Modality": "MR",
    "Orientation": "sag",
    "ParallelReductionFactorInPlane": 2,
    "PartialFourier": 1,
    "ParticipantLabel": "14",
    "PatientPosition": "HFS",
    "PercentPhaseFOV": 100,
    "PhaseEncodingSteps": 255,
    "PhaseResolution": 1,
    "PixelBandwidth": 190,
    "ProtocolName": "mprage_p2",
    "PulseSequenceDetails": "%SiemensSeq%_tfl",
    "PulseSequenceType": "MPRAGE",
    "ReceiveCoilActiveElements": "HE1-4",
    "ReceiveCoilName": "HeadNeck_20",
    "ReconMatrixPE": 256,
    "RepetitionTime": 2.5,
    "SAR": 0.0726194,
    "ScanOptions": "IR",
    "ScanningSequence": "GR_IR",
    "SequenceName": "_tfl3d1_16ns",
    "SequenceVariant": "SK_SP_MP",
    "SeriesDescription": "mprage_p2_ND",
    "SeriesNumber": 6,
    "ShimSetting": [
      -5097,
      7708,
      8929,
      267,
      -93,
      -698,
      314,
      -421
    ],
    "SliceThickness": 1,
    "SoftwareVersions": "syngo_MR_E11",
    "TaskInstruction": "Please rest and remain still while a reference scan runs.",
    "TaskName": "anatomical",
    "TxRefAmp": 393.442,
    "dataset": "ds001415",
    "modality": "T1w",
    "subject_id": "14"
  },
  "cjv": 0.44289028020932375,
  "cnr": 3.02108131651188,
  "efc": 0.579051159359263,
  "fber": 34259.087430747924,
  "fwhm_avg": 3.4598719942867326,
  "fwhm_x": 3.5701359828601973,
  "fwhm_y": 3.53875,
  "fwhm_z": 3.27073,
  "icvs_csf": 0.24380337870965008,
  "icvs_gm": 0.380478770455329,
  "icvs_wm": 0.3757178508350209,
  "inu_med": 0.3284830152988434,
  "inu_range": 0.037677323818206765,
  "provenance": {
    "md5sum": "dfece94338bd2a1e49e84f0045c1619c",
    "settings": {
      "testing": false
    },
    "software": "mriqc",
    "version": "23.0.1",
    "warnings": {
      "large_rot_frame": true,
      "small_air_mask": false
    },
    "webapi_port": null,
    "webapi_url": "https://mriqc.nimh.nih.gov/api/v1"
  },
  "qi_1": 0.0,
  "qi_2": 0.002859557396591338,
  "rpve_csf": 14.744551381072869,
  "rpve_gm": 8.995031003551864,
  "rpve_wm": 10.96662668818236,
  "size_x": 176,
  "size_y": 256,
  "size_z": 169,
  "snr_csf": 1.8123844639405093,
  "snr_gm": 8.560447773162595,
  "snr_total": 10.699972474272682,
  "snr_wm": 21.727085185714937,
  "snrd_csf": 30.510954325310582,
  "snrd_gm": 106.01279075770724,
  "snrd_total": 95.14808541290124,
  "snrd_wm": 148.9205111556859,
  "spacing_x": 0.9999507069587708,
  "spacing_y": 1.0,
  "spacing_z": 1.0,
  "summary_bg_k": 10.142833758039192,
  "summary_bg_mad": 4.399235507949926,
  "summary_bg_mean": 5.455242910079167,
  "summary_bg_median": 2.967239258810878,
  "summary_bg_n": 1905319.0,
  "summary_bg_p05": 0.0,
  "summary_bg_p95": 21.436789747327566,
  "summary_bg_stdv": 7.899726491480913,
  "summary_csf_k": 1.1495390425175316,
  "summary_csf_mad": 97.26200952950515,
  "summary_csf_mean": 225.5705838220878,
  "summary_csf_median": 204.880805965513,
  "summary_csf_n": 49248.0,
  "summary_csf_p05": 74.29603768642993,
  "summary_csf_p95": 445.0445089544166,
  "summary_csf_stdv": 113.04374427093164,
  "summary_gm_k": -0.047380253200865585,
  "summary_gm_mad": 83.13657306860472,
  "summary_gm_mean": 709.1859332298706,
  "summary_gm_median": 711.8750132005662,
  "summary_gm_n": 18183.0,
  "summary_gm_p05": 568.0204279912635,
  "summary_gm_p95": 842.9967104883864,
  "summary_gm_stdv": 83.15633206391927,
  "summary_wm_k": 0.31480866369012395,
  "summary_wm_mad": 44.471183434106045,
  "summary_wm_mean": 999.5059346516599,
  "summary_wm_median": 1000.0000008214265,
  "summary_wm_n": 224839.0,
  "summary_wm_p05": 923.275671415031,
  "summary_wm_p95": 1074.0598704852164,
  "summary_wm_stdv": 46.025399562705424,
  "tpm_overlap_csf": 0.15579301935142523,
  "tpm_overlap_gm": 0.4458748628325382,
  "tpm_overlap_wm": 0.5143329617914831,
  "wm2max": 0.8339004704330775
}