{
  "bids_meta": {
    "AcquisitionMatrixPE": 256,
    "AcquisitionNumber": 1,
    "AcquisitionTime": "18:24:13",
    "BaseResolution": 256,
    "BodyPartExamined": "BRAIN",
    "ConsistencyInfo": "N4_VE11C_LATEST_20160120",
    "ConversionSoftware": "mcverter",
    "ConversionSoftwareVersion": "version 2.1.0 build 440",
    "DeIdentificationSoftware": "mri_deface-v1.22",
    "DeviceSerialNumber": "Scanner1",
    "DwellTime": 1.03e-05,
    "EchoTime": 0.00343,
    "FlipAngle": 7,
    "ImageOrientationPatientDICOM": [
      -0.00231224,
      0.999997,
      -1.72975e-08,
      0.0225691,
      5.2168e-05,
      -0.999745
    ],
    "ImageType": [
      "ORIGINAL",
      "PRIMARY",
      "M",
      "ND",
      "NORM"
    ],
    "InPlanePhaseEncodingDirectionDICOM": "ROW",
    "InstitutionAddress": "Franklin Blvd 1440, Eugene, Oregon, 97403, USA",
    "InstitutionName": "Lewis Center for Neuroimaging, University of Oregon",
    "InstitutionalDepartmentName": "Department of Geography",
    "InversionTime": 1.1,
    "MRAcquisitionType": "3D",
    "MagneticFieldStrength": 3,
    "Manufacturer": "Siemens",
    "ManufacturersModelName": "Skyra",
    "Modality": "MR",
    "Orientation": "sag",
    "ParallelReductionFactorInPlane": 2,
    "PartialFourier": 1,
    "ParticipantLabel": "08",
    "PatientPosition": "HFS",
    "PercentPhaseFOV": 100,
    "PhaseEncodingSteps": 255,
    "PhaseResolution": 1,
    "PixelBandwidth": 190,
    "ProtocolName": "mprage_p2",
    "PulseSequenceDetails": "%SiemensSeq%_tfl",
    "PulseSequenceType": "MPRAGE",
    "ReceiveCoilActiveElements": "HE1-4",
    "ReceiveCoilName": "HeadNeck_20",
    "ReconMatrixPE": 256,
    "RepetitionTime": 2.5,
    "SAR": 0.0612353,
    "ScanOptions": "IR",
    "ScanningSequence": "GR_IR",
    "SequenceName": "_tfl3d1_16ns",
    "SequenceVariant": "SK_SP_MP",
    "SeriesDescription": "mprage_p2_ND",
    "SeriesNumber": 6,
    "ShimSetting": [
      -5130,
      7755,
      8927,
      379,
      -190,
      -921,
      208,
      -494
    ],
    "SliceThickness": 1,
    "SoftwareVersions": "syngo_MR_E11",
    "TaskInstruction": "Please rest and remain still while a reference scan runs.",
    "TaskName": "anatomical",
    "TxRefAmp": 379.926,
    "dataset": "ds001415",
    "modality": "T1w",
    "subject_id": "08"
  },
  "cjv": 0.3621586024042677,
  "cnr": 3.629586586228818,
  "efc": 0.5486775071926598,
  "fber": 29697.170961905227,
  "fwhm_avg": 3.4215085692077225,
  "fwhm_x": 3.5073857076231683,
  "fwhm_y": 3.57796,
  "fwhm_z": 3.17918,
  "icvs_csf": 0.20191831710232963,
  "icvs_gm": 0.4480226797353016,
  "icvs_wm": 0.3500590031623688,
  "inu_med": 0.376609206199646,
  "inu_range": 0.05541942119598392,
  "provenance": {
    "md5sum": "70436bd56cdf2d4f4bbce186288c23f8",
    "settings": {
      "testing": false
    },
    "software": "mriqc",
    "version": "23.0.1",
    "warnings": {
      "large_rot_frame": true,
      "small_air_mask": false
    },
    "webapi_port": null,
    "webapi_url": "https://mriqc.nimh.nih.gov/api/v1"
  },
  "qi_1": 0.0,
  "qi_2": 0.0027842195359680374,
  "rpve_csf": 18.581197149292862,
  "rpve_gm": 8.93572496084648,
  "rpve_wm": 12.86116452763986,
  "size_x": 176,
  "size_y": 256,
  "size_z": 169,
  "snr_csf": 1.7455920640250946,
  "snr_gm": 9.737258765189553,
  "snr_total": 11.13169383111071,
  "snr_wm": 21.91223066411748,
  "snrd_csf": 24.473759975975952,
  "snrd_gm": 88.2063506530159,
  "snrd_total": 80.05825027850793,
  "snrd_wm": 127.49464020653193,
  "spacing_x": 0.9998558163642883,
  "spacing_y": 1.0,
  "spacing_z": 1.0,
  "summary_bg_k": 8.72500877786531,
  "summary_bg_mad": 5.138672609913664,
  "summary_bg_mean": 5.870605919248432,
  "summary_bg_median": 3.4659820050001144,
  "summary_bg_n": 1794530.0,
  "summary_bg_p05": 0.0,
  "summary_bg_p95": 23.74839521944523,
  "summary_bg_stdv": 8.800029211319844,
  "summary_csf_k": 6.55115343226953,
  "summary_csf_mad": 85.2639010830119,
  "summary_csf_mean": 213.6989105225102,
  "summary_csf_median": 191.96405519545078,
  "summary_csf_n": 31637.0,
  "summary_csf_p05": 77.8896015316248,
  "summary_csf_p95": 429.34531162679195,
  "summary_csf_stdv": 109.96900437047199,
  "summary_gm_k": 0.14948627721233354,
  "summary_gm_mad": 68.21112086640953,
  "summary_gm_mean": 691.6673550796716,
  "summary_gm_median": 691.8613560795784,
  "summary_gm_n": 29074.0,
  "summary_gm_p05": 573.7946046248078,
  "summary_gm_p95": 809.8420998327433,
  "summary_gm_stdv": 71.05176871417606,
  "summary_wm_k": 0.4338622148255351,
  "summary_wm_mad": 43.39323537260427,
  "summary_wm_mean": 1000.4654758718427,
  "summary_wm_median": 1000.0256672352552,
  "summary_wm_n": 186401.0,
  "summary_wm_p05": 926.4184790253639,
  "summary_wm_p95": 1075.7124446481466,
  "summary_wm_stdv": 45.63766236777342,
  "tpm_overlap_csf": 0.14831830049599026,
  "tpm_overlap_gm": 0.467109590163961,
  "tpm_overlap_wm": 0.5057872151217253,
  "wm2max": 0.6446197638307848
}