{
  "bids_meta": {
    "AcquisitionMatrixPE": 256,
    "AcquisitionNumber": 1,
    "AcquisitionTime": "17:53:10",
    "BaseResolution": 256,
    "BodyPartExamined": "BRAIN",
    "ConsistencyInfo": "N4_VE11C_LATEST_20160120",
    "ConversionSoftware": "mcverter",
    "ConversionSoftwareVersion": "version 2.1.0 build 440",
    "DeIdentificationSoftware": "mri_deface-v1.22",
    "DeviceSerialNumber": "Scanner1",
    "DwellTime": 1.03e-05,
    "EchoTime": 0.00343,
    "FlipAngle": 7,
    "ImageOrientationPatientDICOM": [
      -0.06309,
      0.998008,
      -2.0584e-08,
      0.0304311,
      0.00192371,
      -0.999535
    ],
    "ImageType": [
      "ORIGINAL",
      "PRIMARY",
      "M",
      "ND",
      "NORM"
    ],
    "InPlanePhaseEncodingDirectionDICOM": "ROW",
    "InstitutionAddress": "Franklin Blvd 1440, Eugene, Oregon, 97403, USA",
    "InstitutionName": "Lewis Center for Neuroimaging, University of Oregon",
    "InstitutionalDepartmentName": "Department of Geography",
    "InversionTime": 1.1,
    "MRAcquisitionType": "3D",
    "MagneticFieldStrength": 3,
    "Manufacturer": "Siemens",
    "ManufacturersModelName": "Skyra",
    "Modality": "MR",
    "Orientation": "sag",
    "ParallelReductionFactorInPlane": 2,
    "PartialFourier": 1,
    "ParticipantLabel": "20",
    "PatientPosition": "HFS",
    "PercentPhaseFOV": 100,
    "PhaseEncodingSteps": 255,
    "PhaseResolution": 1,
    "PixelBandwidth": 190,
    "ProtocolName": "mprage_p2",
    "PulseSequenceDetails": "%SiemensSeq%_tfl",
    "PulseSequenceType": "MPRAGE",
    "ReceiveCoilActiveElements": "HE1-4",
    "ReceiveCoilName": "HeadNeck_20",
    "ReconMatrixPE": 256,
    "RepetitionTime": 2.5,
    "SAR": 0.0606303,
    "ScanOptions": "IR",
    "ScanningSequence": "GR_IR",
    "SequenceName": "_tfl3d1_16ns",
    "SequenceVariant": "SK_SP_MP",
    "SeriesDescription": "mprage_p2_ND",
    "SeriesNumber": 7,
    "ShimSetting": [
      -5131,
      7619,
      8985,
      330,
      -151,
      -278,
      419,
      -674
    ],
    "SliceThickness": 1,
    "SoftwareVersions": "syngo_MR_E11",
    "TaskInstruction": "Please rest and remain still while a reference scan runs.",
    "TaskName": "anatomical",
    "TxRefAmp": 392.256,
    "dataset": "ds001415",
    "modality": "T1w",
    "subject_id": "20"
  },
  "cjv": 0.3952588518712824,
  "cnr": 3.450954659039795,
  "efc": 0.5117714397857238,
  "fber": 18060.373456790123,
  "fwhm_avg": 3.577728496842697,
  "fwhm_x": 3.5807254905280907,
  "fwhm_y": 3.82084,
  "fwhm_z": 3.33162,
  "icvs_csf": 0.28424392301740214,
  "icvs_gm": 0.415901834745535,
  "icvs_wm": 0.29985424223706286,
  "inu_med": 0.49968403577804565,
  "inu_range": 0.10452014803886417,
  "provenance": {
    "md5sum": "1157a3ed3a905f34f43cecc0d82b7764",
    "settings": {
      "testing": false
    },
    "software": "mriqc",
    "version": "23.0.1",
    "warnings": {
      "large_rot_frame": true,
      "small_air_mask": false
    },
    "webapi_port": null,
    "webapi_url": "https://mriqc.nimh.nih.gov/api/v1"
  },
  "qi_1": 0.0,
  "qi_2": 0.003148018872934215,
  "rpve_csf": 19.529118243818825,
  "rpve_gm": 12.53186028866117,
  "rpve_wm": 18.938259438829174,
  "size_x": 176,
  "size_y": 256,
  "size_z": 169,
  "snr_csf": 2.392851586223344,
  "snr_gm": 10.802005515310938,
  "snr_total": 10.561128794923924,
  "snr_wm": 18.48852928323749,
  "snrd_csf": 19.867104312391838,
  "snrd_gm": 75.73003465465867,
  "snrd_total": 67.64376038573421,
  "snrd_wm": 107.33414219015216,
  "spacing_x": 0.9998504519462585,
  "spacing_y": 1.0,
  "spacing_z": 1.0,
  "summary_bg_k": 7.943702886540372,
  "summary_bg_mad": 6.103786171228928,
  "summary_bg_mean": 6.824753849545217,
  "summary_bg_median": 4.116941209882498,
  "summary_bg_n": 1956118.0,
  "summary_bg_p05": 0.0,
  "summary_bg_p95": 26.06554189324379,
  "summary_bg_stdv": 9.413155512542037,
  "summary_csf_k": 3.629210679242747,
  "summary_csf_mad": 57.686396299252536,
  "summary_csf_mean": 197.7061528371372,
  "summary_csf_median": 185.09818194247782,
  "summary_csf_n": 60032.0,
  "summary_csf_p05": 99.71585212647915,
  "summary_csf_p95": 348.3740497417748,
  "summary_csf_stdv": 77.35399944530937,
  "summary_gm_k": 0.01684147841659156,
  "summary_gm_mad": 65.1944277552734,
  "summary_gm_mean": 705.4663750742948,
  "summary_gm_median": 705.5628999881446,
  "summary_gm_n": 13267.0,
  "summary_gm_p05": 597.0650818575174,
  "summary_gm_p95": 813.2979474160819,
  "summary_gm_stdv": 65.3153071981444,
  "summary_wm_k": 0.45604018890173315,
  "summary_wm_mad": 51.18942144828187,
  "summary_wm_mean": 999.6142367013749,
  "summary_wm_median": 1000.0125970728695,
  "summary_wm_n": 93837.0,
  "summary_wm_p05": 910.5714178554714,
  "summary_wm_p95": 1088.185859426856,
  "summary_wm_stdv": 54.08798359692206,
  "tpm_overlap_csf": 0.15311181082790126,
  "tpm_overlap_gm": 0.4547440728966371,
  "tpm_overlap_wm": 0.47564278382759095,
  "wm2max": 0.661042708596492
}