{
  "bids_meta": {
    "AcquisitionMatrixPE": 256,
    "AcquisitionNumber": 1,
    "AcquisitionTime": "16:22:13",
    "BaseResolution": 256,
    "BodyPartExamined": "BRAIN",
    "ConsistencyInfo": "N4_VE11C_LATEST_20160120",
    "ConversionSoftware": "mcverter",
    "ConversionSoftwareVersion": "version 2.1.0 build 440",
    "DeIdentificationSoftware": "mri_deface-v1.22",
    "DeviceSerialNumber": "Scanner1",
    "DwellTime": 1.03e-05,
    "EchoTime": 0.00343,
    "FlipAngle": 7,
    "ImageOrientationPatientDICOM": [
      -0.0240567,
      0.999711,
      -1.98561e-08,
      0.0285064,
      0.00068595,
      -0.999593
    ],
    "ImageType": [
      "ORIGINAL",
      "PRIMARY",
      "M",
      "ND",
      "NORM"
    ],
    "InPlanePhaseEncodingDirectionDICOM": "ROW",
    "InstitutionAddress": "Franklin Blvd 1440, Eugene, Oregon, 97403, USA",
    "InstitutionName": "Lewis Center for Neuroimaging, University of Oregon",
    "InstitutionalDepartmentName": "Department of Geography",
    "InversionTime": 1.1,
    "MRAcquisitionType": "3D",
    "MagneticFieldStrength": 3,
    "Manufacturer": "Siemens",
    "ManufacturersModelName": "Skyra",
    "Modality": "MR",
    "Orientation": "sag",
    "ParallelReductionFactorInPlane": 2,
    "PartialFourier": 1,
    "ParticipantLabel": "02",
    "PatientPosition": "HFS",
    "PercentPhaseFOV": 100,
    "PhaseEncodingSteps": 255,
    "PhaseResolution": 1,
    "PixelBandwidth": 190,
    "ProtocolName": "mprage_p2",
    "PulseSequenceDetails": "%SiemensSeq%_tfl",
    "PulseSequenceType": "MPRAGE",
    "ReceiveCoilActiveElements": "HE1-4",
    "ReceiveCoilName": "HeadNeck_20",
    "ReconMatrixPE": 256,
    "RepetitionTime": 2.5,
    "SAR": 0.0566124,
    "ScanOptions": "IR",
    "ScanningSequence": "GR_IR",
    "SequenceName": "_tfl3d1_16ns",
    "SequenceVariant": "SK_SP_MP",
    "SeriesDescription": "mprage_p2_ND",
    "SeriesNumber": 6,
    "ShimSetting": [
      -5101,
      7725,
      8935,
      125,
      -209,
      -957,
      249,
      -494
    ],
    "SliceThickness": 1,
    "SoftwareVersions": "syngo_MR_E11",
    "TaskInstruction": "Please rest and remain still while a reference scan runs.",
    "TaskName": "anatomical",
    "TxRefAmp": 372.91,
    "dataset": "ds001415",
    "modality": "T1w",
    "subject_id": "02"
  },
  "cjv": 0.3562204487048948,
  "cnr": 3.726812694824859,
  "efc": 0.5531670758432584,
  "fber": 29826.336675849405,
  "fwhm_avg": 3.4836932293021072,
  "fwhm_x": 3.564559687906322,
  "fwhm_y": 3.60582,
  "fwhm_z": 3.2807,
  "icvs_csf": 0.1766158723877571,
  "icvs_gm": 0.45436665029473244,
  "icvs_wm": 0.36901747731751045,
  "inu_med": 0.3386441171169281,
  "inu_range": 0.05138900279998776,
  "provenance": {
    "md5sum": "39915b899096ec9430b1fef65d82c5cd",
    "settings": {
      "testing": false
    },
    "software": "mriqc",
    "version": "23.0.1",
    "warnings": {
      "large_rot_frame": true,
      "small_air_mask": false
    },
    "webapi_port": null,
    "webapi_url": "https://mriqc.nimh.nih.gov/api/v1"
  },
  "qi_1": 0.0,
  "qi_2": 0.003316039647225995,
  "rpve_csf": 19.780862854476535,
  "rpve_gm": 8.444869616113863,
  "rpve_wm": 11.740180083690346,
  "size_x": 176,
  "size_y": 256,
  "size_z": 169,
  "snr_csf": 1.4187468565307526,
  "snr_gm": 9.819795282766634,
  "snr_total": 11.176931746835274,
  "snr_wm": 22.292253101208438,
  "snrd_csf": 27.728144870467606,
  "snrd_gm": 93.8523210787422,
  "snrd_total": 85.97307327932754,
  "snrd_wm": 136.33875388877277,
  "spacing_x": 0.9998962879180908,
  "spacing_y": 1.0,
  "spacing_z": 1.0,
  "summary_bg_k": 9.067047124146074,
  "summary_bg_mad": 4.8052104619845,
  "summary_bg_mean": 5.7185912787139275,
  "summary_bg_median": 3.241065204143524,
  "summary_bg_n": 1757636.0,
  "summary_bg_p05": 0.0,
  "summary_bg_p95": 22.29327282309532,
  "summary_bg_stdv": 8.091485340635613,
  "summary_csf_k": 0.3543528897906625,
  "summary_csf_mad": 146.3316456227307,
  "summary_csf_mean": 227.11085478342656,
  "summary_csf_median": 203.37684156000614,
  "summary_csf_n": 19021.0,
  "summary_csf_p05": 38.49859884381294,
  "summary_csf_p95": 492.9047001004219,
  "summary_csf_stdv": 143.34586500776916,
  "summary_gm_k": 0.10704671389725062,
  "summary_gm_mad": 68.27944325373922,
  "summary_gm_mean": 689.0498793524267,
  "summary_gm_median": 688.3759704530239,
  "summary_gm_n": 39678.0,
  "summary_gm_p05": 574.1689353220165,
  "summary_gm_p95": 806.2806667983532,
  "summary_gm_stdv": 70.0999640060554,
  "summary_wm_k": 0.4041431511465605,
  "summary_wm_mad": 42.72741194575407,
  "summary_wm_mean": 1000.0858763442272,
  "summary_wm_median": 1000.0000100135803,
  "summary_wm_n": 203823.0,
  "summary_wm_p05": 926.6818593144417,
  "summary_wm_p95": 1073.909436121583,
  "summary_wm_stdv": 44.858523378577345,
  "tpm_overlap_csf": 0.13583562042057573,
  "tpm_overlap_gm": 0.4668848590714442,
  "tpm_overlap_wm": 0.49759478405873825,
  "wm2max": 0.7636120401337793
}