{
  "aor": 0.004770000000000001,
  "aqi": 0.004495757246376812,
  "bids_meta": {
    "AcquisitionMatrixPE": 64,
    "AcquisitionNumber": 1,
    "AcquisitionTime": "10:43:39",
    "BandwidthPerPixelPhaseEncode": 31.25,
    "BaseResolution": 64,
    "BodyPartExamined": "BRAIN",
    "ConsistencyInfo": "N4_VE11C_LATEST_20160120",
    "ConversionSoftware": "mcverter",
    "ConversionSoftwareVersion": "version 2.1.0 build 440",
    "DelayTime": 5,
    "DerivedVendorReportedEchoSpacing": 0.0005,
    "DeviceSerialNumber": "Scanner1",
    "DwellTime": 3.4e-06,
    "EchoTime": 0.027,
    "EchoTrainLength": 64,
    "EffectiveEchoSpacing": 0.0005,
    "FlipAngle": 90,
    "ImageOrientationPatientDICOM": [
      0.999545,
      -0.0177482,
      0.024382,
      0.0172726,
      0.999659,
      0.0195785
    ],
    "ImageType": [
      "ORIGINAL",
      "PRIMARY",
      "M",
      "ND",
      "NORM",
      "MOSAIC"
    ],
    "InPlanePhaseEncodingDirectionDICOM": "COL",
    "InstitutionAddress": "Franklin Blvd 1440, Eugene, Oregon, 97403, USA",
    "InstitutionName": "Lewis Center for Neuroimaging, University of Oregon",
    "InstitutionalDepartmentName": "Department of Geography",
    "Instructions": "Listen to the map and remember the general spatial distribution - where features are located and patterns that they make; After listening to the map you will be shown two squares and asked to decide:Does the area inside the black rectangle have higher density (louder) than the area inside the red dotted rectangle?",
    "MRAcquisitionType": "2D",
    "MagneticFieldStrength": 3,
    "Manufacturer": "Siemens",
    "ManufacturersModelName": "Skyra",
    "Modality": "MR",
    "Orientation": "tra",
    "PartialFourier": 1,
    "ParticipantLabel": "07",
    "PatientPosition": "HFS",
    "PercentPhaseFOV": 100,
    "PhaseEncodingDirection": "j-",
    "PhaseEncodingSteps": 64,
    "PhaseResolution": 1,
    "PixelBandwidth": 2300,
    "ProtocolName": "Audio Cartography",
    "PulseSequenceDetails": "%CustomerSeq%_cmrr_mbep2d_bold",
    "ReceiveCoilActiveElements": "HE1-4",
    "ReceiveCoilName": "HeadNeck_20",
    "ReconMatrixPE": 64,
    "RepetitionTime": 7,
    "ResponseInputDevice": "button box",
    "SAR": 0.0233293,
    "ScanOptions": "FS",
    "ScanningSequence": "EP",
    "SequenceName": "epfid2d1_64",
    "SequenceVariant": "SK_SS",
    "SeriesDescription": "functional_run-1",
    "SeriesNumber": 5,
    "ShimSetting": [
      -5076,
      7669,
      9069,
      418,
      -32,
      -243,
      482,
      -382
    ],
    "SliceThickness": 4,
    "SliceTiming": [
      1.92,
      1.86,
      1.8,
      1.74,
      1.68,
      1.62,
      1.56,
      1.5,
      1.44,
      1.38,
      1.32,
      1.26,
      1.2,
      1.14,
      1.08,
      1.02,
      0.96,
      0.9,
      0.84,
      0.78,
      0.72,
      0.66,
      0.6,
      0.54,
      0.48,
      0.42,
      0.36,
      0.3,
      0.24,
      0.18,
      0.12,
      0.06,
      0
    ],
    "SoftwareVersions": "syngo_MR_E11",
    "SpacingBetweenSlices": 3.9999999711215,
    "TaskDescription": "Listen to an auditory map (sonification of geospatial data), and based on information gleaned from the map make a relative value judgement about the data contained in the map.",
    "TaskName": "map listening",
    "TotalReadoutTime": 0.0315,
    "TxRefAmp": 382.993,
    "dataset": "ds001415",
    "modality": "bold",
    "run_id": 1,
    "subject_id": "07",
    "task_id": "maplistening"
  },
  "dummy_trs": 0,
  "dvars_nstd": 24.146055881176466,
  "dvars_std": 1.3375020192647065,
  "dvars_vstd": 1.0106047248529413,
  "efc": 0.5462684114630555,
  "fber": 1559.193603515625,
  "fd_mean": 0.13002534238617486,
  "fd_num": 4,
  "fd_perc": 5.797101449275362,
  "fwhm_avg": 1.6515248267567262,
  "fwhm_x": 1.63128,
  "fwhm_y": 1.821206153846154,
  "fwhm_z": 1.5020883264240241,
  "gcor": 0.0396922,
  "gsr_x": -0.0180423092097044,
  "gsr_y": 0.05838189646601677,
  "provenance": {
    "md5sum": "8ab86fef36353cf821e58eb57190dd72",
    "settings": {
      "fd_thres": 0.2,
      "testing": false
    },
    "software": "mriqc",
    "version": "23.0.1",
    "webapi_port": null,
    "webapi_url": "https://mriqc.nimh.nih.gov/api/v1"
  },
  "size_t": 69,
  "size_x": 64,
  "size_y": 64,
  "size_z": 33,
  "snr": 4.684309908662642,
  "spacing_tr": 7.0,
  "spacing_x": 3.25,
  "spacing_y": 3.25,
  "spacing_z": 3.9999778270721436,
  "summary_bg_k": 35.81848034798937,
  "summary_bg_mad": 304.93799380900674,
  "summary_bg_mean": 1076.3675537109375,
  "summary_bg_median": 391.66943359375,
  "summary_bg_n": 78503.0,
  "summary_bg_p05": 143.79248809814453,
  "summary_bg_p95": 4420.122851562498,
  "summary_bg_stdv": 1747.300048828125,
  "summary_fg_k": 4.269589028926233,
  "summary_fg_mad": 3156.2262948211915,
  "summary_fg_mean": 16099.41015625,
  "summary_fg_median": 15740.4140625,
  "summary_fg_n": 26018.0,
  "summary_fg_p05": 11775.341748046874,
  "summary_fg_p95": 21465.960253906247,
  "summary_fg_stdv": 3360.17724609375,
  "tsnr": 83.62129974365234
}