{
  "aor": 0.00774632911392405,
  "aqi": 0.007312794556962027,
  "bids_meta": {
    "AcquisitionMatrixPE": 64,
    "AcquisitionNumber": 1,
    "AcquisitionTime": "09:15:43",
    "BandwidthPerPixelPhaseEncode": 31.25,
    "BaseResolution": 64,
    "BodyPartExamined": "BRAIN",
    "ConsistencyInfo": "N4_VE11C_LATEST_20160120",
    "ConversionSoftware": "mcverter",
    "ConversionSoftwareVersion": "version 2.1.0 build 440",
    "DelayTime": 5,
    "DerivedVendorReportedEchoSpacing": 0.0005,
    "DeviceSerialNumber": "Scanner1",
    "DwellTime": 3.4e-06,
    "EchoTime": 0.027,
    "EchoTrainLength": 64,
    "EffectiveEchoSpacing": 0.0005,
    "FlipAngle": 90,
    "ImageOrientationPatientDICOM": [
      0.999698,
      0.0212222,
      -0.0124205,
      -0.0216389,
      0.999173,
      -0.034436
    ],
    "ImageType": [
      "ORIGINAL",
      "PRIMARY",
      "M",
      "ND",
      "NORM",
      "MOSAIC"
    ],
    "InPlanePhaseEncodingDirectionDICOM": "COL",
    "InstitutionAddress": "Franklin Blvd 1440, Eugene, Oregon, 97403, USA",
    "InstitutionName": "Lewis Center for Neuroimaging, University of Oregon",
    "InstitutionalDepartmentName": "Department of Geography",
    "Instructions": "Listen to the map and remember the general spatial distribution - where features are located and patterns that they make; After listening to the map you will be shown two squares and asked to decide:Does the area inside the black rectangle have higher density (louder) than the area inside the red dotted rectangle?",
    "MRAcquisitionType": "2D",
    "MagneticFieldStrength": 3,
    "Manufacturer": "Siemens",
    "ManufacturersModelName": "Skyra",
    "Modality": "MR",
    "Orientation": "tra",
    "PartialFourier": 1,
    "ParticipantLabel": "03",
    "PatientPosition": "HFS",
    "PercentPhaseFOV": 100,
    "PhaseEncodingDirection": "j-",
    "PhaseEncodingSteps": 64,
    "PhaseResolution": 1,
    "PixelBandwidth": 2300,
    "ProtocolName": "Audio Cartography",
    "PulseSequenceDetails": "%CustomerSeq%_cmrr_mbep2d_bold",
    "ReceiveCoilActiveElements": "HE1-4",
    "ReceiveCoilName": "HeadNeck_20",
    "ReconMatrixPE": 64,
    "RepetitionTime": 7,
    "ResponseInputDevice": "button box",
    "SAR": 0.0216536,
    "ScanOptions": "FS",
    "ScanningSequence": "EP",
    "SequenceName": "epfid2d1_64",
    "SequenceVariant": "SK_SS",
    "SeriesDescription": "functional_run-1",
    "SeriesNumber": 5,
    "ShimSetting": [
      -5083,
      7718,
      9018,
      507,
      -22,
      -395,
      -1,
      -353
    ],
    "SliceThickness": 4,
    "SliceTiming": [
      1.92,
      1.86,
      1.8,
      1.74,
      1.68,
      1.62,
      1.56,
      1.5,
      1.44,
      1.38,
      1.32,
      1.26,
      1.2,
      1.14,
      1.08,
      1.02,
      0.96,
      0.9,
      0.84,
      0.78,
      0.72,
      0.66,
      0.6,
      0.54,
      0.48,
      0.42,
      0.36,
      0.3,
      0.24,
      0.18,
      0.12,
      0.06,
      0
    ],
    "SoftwareVersions": "syngo_MR_E11",
    "SpacingBetweenSlices": 4.0000001044934,
    "TaskDescription": "Listen to an auditory map (sonification of geospatial data), and based on information gleaned from the map make a relative value judgement about the data contained in the map.",
    "TaskName": "map listening",
    "TotalReadoutTime": 0.0315,
    "TxRefAmp": 363.263,
    "dataset": "ds001415",
    "modality": "bold",
    "run_id": 1,
    "subject_id": "03",
    "task_id": "maplistening"
  },
  "dummy_trs": 0,
  "dvars_nstd": 19.942927310897428,
  "dvars_std": 1.1820545516666665,
  "dvars_vstd": 0.9622259462820514,
  "efc": 0.4946998949663066,
  "fber": 2181.91796875,
  "fd_mean": 0.12658327793900065,
  "fd_num": 7,
  "fd_perc": 8.860759493670885,
  "fwhm_avg": 1.6704636277000455,
  "fwhm_x": 1.6644553846153847,
  "fwhm_y": 1.8162461538461538,
  "fwhm_z": 1.530689344638598,
  "gcor": 0.0135492,
  "gsr_x": -0.010133938863873482,
  "gsr_y": 0.0403512604534626,
  "provenance": {
    "md5sum": "7f43107a4de6dd36e8abb52d57a59768",
    "settings": {
      "fd_thres": 0.2,
      "testing": false
    },
    "software": "mriqc",
    "version": "23.0.1",
    "webapi_port": null,
    "webapi_url": "https://mriqc.nimh.nih.gov/api/v1"
  },
  "size_t": 79,
  "size_x": 64,
  "size_y": 64,
  "size_z": 33,
  "snr": 3.6979651205598913,
  "spacing_tr": 7.0,
  "spacing_x": 3.25,
  "spacing_y": 3.25,
  "spacing_z": 4.000080108642578,
  "summary_bg_k": 49.32370787775162,
  "summary_bg_mad": 285.9682368742404,
  "summary_bg_mean": 862.49462890625,
  "summary_bg_median": 365.4035949707031,
  "summary_bg_n": 82643.0,
  "summary_bg_p05": 124.20013961791993,
  "summary_bg_p95": 2966.622045898437,
  "summary_bg_stdv": 1572.860107421875,
  "summary_fg_k": 3.904197755297722,
  "summary_fg_mad": 3440.7273807909405,
  "summary_fg_mean": 18124.94140625,
  "summary_fg_median": 16982.10546875,
  "summary_fg_n": 22684.0,
  "summary_fg_p05": 13047.92861328125,
  "summary_fg_p95": 27293.988671875,
  "summary_fg_stdv": 4592.1826171875,
  "tsnr": 59.15126037597656
}