{
  "aor": 0.0012945569620253163,
  "aqi": 0.005998179493670887,
  "bids_meta": {
    "AcquisitionMatrixPE": 64,
    "AcquisitionNumber": 1,
    "AcquisitionTime": "09:31:59",
    "BandwidthPerPixelPhaseEncode": 31.25,
    "BaseResolution": 64,
    "BodyPartExamined": "BRAIN",
    "ConsistencyInfo": "N4_VE11C_LATEST_20160120",
    "ConversionSoftware": "mcverter",
    "ConversionSoftwareVersion": "version 2.1.0 build 440",
    "DelayTime": 5,
    "DerivedVendorReportedEchoSpacing": 0.0005,
    "DeviceSerialNumber": "Scanner1",
    "DwellTime": 3.4e-06,
    "EchoTime": 0.027,
    "EchoTrainLength": 64,
    "EffectiveEchoSpacing": 0.0005,
    "FlipAngle": 90,
    "ImageOrientationPatientDICOM": [
      0.999698,
      0.0212222,
      -0.0124205,
      -0.0216389,
      0.999173,
      -0.034436
    ],
    "ImageType": [
      "ORIGINAL",
      "PRIMARY",
      "M",
      "ND",
      "NORM",
      "MOSAIC"
    ],
    "InPlanePhaseEncodingDirectionDICOM": "COL",
    "InstitutionAddress": "Franklin Blvd 1440, Eugene, Oregon, 97403, USA",
    "InstitutionName": "Lewis Center for Neuroimaging, University of Oregon",
    "InstitutionalDepartmentName": "Department of Geography",
    "Instructions": "Listen to the map and remember the general spatial distribution - where features are located and patterns that they make; After listening to the map you will be shown two squares and asked to decide:Does the area inside the black rectangle have higher density (louder) than the area inside the red dotted rectangle?",
    "MRAcquisitionType": "2D",
    "MagneticFieldStrength": 3,
    "Manufacturer": "Siemens",
    "ManufacturersModelName": "Skyra",
    "Modality": "MR",
    "Orientation": "tra",
    "PartialFourier": 1,
    "ParticipantLabel": "03",
    "PatientPosition": "HFS",
    "PercentPhaseFOV": 100,
    "PhaseEncodingDirection": "j-",
    "PhaseEncodingSteps": 64,
    "PhaseResolution": 1,
    "PixelBandwidth": 2300,
    "ProtocolName": "Audio Cartography",
    "PulseSequenceDetails": "%CustomerSeq%_cmrr_mbep2d_bold",
    "ReceiveCoilActiveElements": "HE1-4",
    "ReceiveCoilName": "HeadNeck_20",
    "ReconMatrixPE": 64,
    "RepetitionTime": 7,
    "ResponseInputDevice": "button box",
    "SAR": 0.0216536,
    "ScanOptions": "FS",
    "ScanningSequence": "EP",
    "SequenceName": "epfid2d1_64",
    "SequenceVariant": "SK_SS",
    "SeriesDescription": "functional_run-2",
    "SeriesNumber": 8,
    "ShimSetting": [
      -5083,
      7718,
      9018,
      507,
      -22,
      -395,
      -1,
      -353
    ],
    "SliceThickness": 4,
    "SliceTiming": [
      1.92,
      1.86,
      1.8,
      1.74,
      1.68,
      1.62,
      1.56,
      1.5,
      1.44,
      1.38,
      1.32,
      1.26,
      1.2,
      1.14,
      1.08,
      1.02,
      0.96,
      0.9,
      0.84,
      0.78,
      0.72,
      0.66,
      0.6,
      0.54,
      0.48,
      0.42,
      0.36,
      0.3,
      0.24,
      0.18,
      0.12,
      0.06,
      0
    ],
    "SoftwareVersions": "syngo_MR_E11",
    "SpacingBetweenSlices": 4.0000001044934,
    "TaskDescription": "Listen to an auditory map (sonification of geospatial data), and based on information gleaned from the map make a relative value judgement about the data contained in the map.",
    "TaskName": "map listening",
    "TotalReadoutTime": 0.0315,
    "TxRefAmp": 363.263,
    "dataset": "ds001415",
    "modality": "bold",
    "run_id": 2,
    "subject_id": "03",
    "task_id": "maplistening"
  },
  "dummy_trs": 0,
  "dvars_nstd": 20.746699394615387,
  "dvars_std": 1.1652586467948716,
  "dvars_vstd": 0.9030125594871794,
  "efc": 0.49399167751463935,
  "fber": 2177.462158203125,
  "fd_mean": 0.13397311783199292,
  "fd_num": 12,
  "fd_perc": 15.189873417721518,
  "fwhm_avg": 1.666009093291273,
  "fwhm_x": 1.6304338461538461,
  "fwhm_y": 1.8106246153846153,
  "fwhm_z": 1.5569688183353567,
  "gcor": 0.00687298,
  "gsr_x": -0.007767864037305117,
  "gsr_y": 0.04097909852862358,
  "provenance": {
    "md5sum": "480f29461695b96f38d2e0e2d211baef",
    "settings": {
      "fd_thres": 0.2,
      "testing": false
    },
    "software": "mriqc",
    "version": "23.0.1",
    "webapi_port": null,
    "webapi_url": "https://mriqc.nimh.nih.gov/api/v1"
  },
  "size_t": 79,
  "size_x": 64,
  "size_y": 64,
  "size_z": 33,
  "snr": 3.704079197814355,
  "spacing_tr": 7.0,
  "spacing_x": 3.25,
  "spacing_y": 3.25,
  "spacing_z": 4.000080108642578,
  "summary_bg_k": 51.59338370404271,
  "summary_bg_mad": 284.8381983501058,
  "summary_bg_mean": 834.5624389648438,
  "summary_bg_median": 361.606201171875,
  "summary_bg_n": 82540.0,
  "summary_bg_p05": 123.18808517456054,
  "summary_bg_p95": 2812.4383911132827,
  "summary_bg_stdv": 1509.2374267578125,
  "summary_fg_k": 3.79510513624938,
  "summary_fg_mad": 3382.2391576270134,
  "summary_fg_mean": 18041.498046875,
  "summary_fg_median": 16918.22265625,
  "summary_fg_n": 22590.0,
  "summary_fg_p05": 13035.1505859375,
  "summary_fg_p95": 27236.08447265625,
  "summary_fg_stdv": 4567.35595703125,
  "tsnr": 64.49593353271484
}