{
  "bids_meta": {
    "AcquisitionMatrixPE": 256,
    "AcquisitionNumber": 1,
    "AcquisitionTime": "11:39:17",
    "BaseResolution": 256,
    "BodyPartExamined": "BRAIN",
    "ConsistencyInfo": "N4_VE11C_LATEST_20160120",
    "ConversionSoftware": "mcverter",
    "ConversionSoftwareVersion": "version 2.1.0 build 440",
    "DeIdentificationSoftware": "mri_deface-v1.22",
    "DeviceSerialNumber": "Scanner1",
    "DwellTime": 1.03e-05,
    "EchoTime": 0.00343,
    "FlipAngle": 7,
    "ImageOrientationPatientDICOM": [
      0.0258944,
      0.999665,
      -6.04942e-09,
      -0.00382911,
      9.91797e-05,
      -0.999993
    ],
    "ImageType": [
      "ORIGINAL",
      "PRIMARY",
      "M",
      "ND",
      "NORM"
    ],
    "InPlanePhaseEncodingDirectionDICOM": "ROW",
    "InstitutionAddress": "Franklin Blvd 1440, Eugene, Oregon, 97403, USA",
    "InstitutionName": "Lewis Center for Neuroimaging, University of Oregon",
    "InstitutionalDepartmentName": "Department of Geography",
    "InversionTime": 1.1,
    "MRAcquisitionType": "3D",
    "MagneticFieldStrength": 3,
    "Manufacturer": "Siemens",
    "ManufacturersModelName": "Skyra",
    "Modality": "MR",
    "Orientation": "sag",
    "ParallelReductionFactorInPlane": 2,
    "PartialFourier": 1,
    "ParticipantLabel": "09",
    "PatientPosition": "HFS",
    "PercentPhaseFOV": 100,
    "PhaseEncodingSteps": 255,
    "PhaseResolution": 1,
    "PixelBandwidth": 190,
    "ProtocolName": "mprage_p2",
    "PulseSequenceDetails": "%SiemensSeq%_tfl",
    "PulseSequenceType": "MPRAGE",
    "ReceiveCoilActiveElements": "HE1-4",
    "ReceiveCoilName": "HeadNeck_20",
    "ReconMatrixPE": 256,
    "RepetitionTime": 2.5,
    "SAR": 0.0548704,
    "ScanOptions": "IR",
    "ScanningSequence": "GR_IR",
    "SequenceName": "_tfl3d1_16ns",
    "SequenceVariant": "SK_SP_MP",
    "SeriesDescription": "mprage_p2_ND",
    "SeriesNumber": 6,
    "ShimSetting": [
      -5090,
      7746,
      8928,
      298,
      -83,
      -893,
      157,
      -475
    ],
    "SliceThickness": 1,
    "SoftwareVersions": "syngo_MR_E11",
    "TaskInstruction": "Please rest and remain still while a reference scan runs.",
    "TaskName": "anatomical",
    "TxRefAmp": 371.007,
    "dataset": "ds001415",
    "modality": "T1w",
    "subject_id": "09"
  },
  "cjv": 0.37271334330182565,
  "cnr": 3.507047720865193,
  "efc": 0.5826792652687703,
  "fber": 35857.2096,
  "fwhm_avg": 3.331023608440733,
  "fwhm_x": 3.4380508253222,
  "fwhm_y": 3.4609,
  "fwhm_z": 3.09412,
  "icvs_csf": 0.20578010478869846,
  "icvs_gm": 0.4239669724292604,
  "icvs_wm": 0.37025292278204114,
  "inu_med": 0.3582138568162918,
  "inu_range": 0.0565541535615921,
  "provenance": {
    "md5sum": "5e3da6ec130af343a77d248480ed8dbb",
    "settings": {
      "testing": false
    },
    "software": "mriqc",
    "version": "23.0.1",
    "warnings": {
      "large_rot_frame": true,
      "small_air_mask": false
    },
    "webapi_port": null,
    "webapi_url": "https://mriqc.nimh.nih.gov/api/v1"
  },
  "qi_1": 0.0,
  "qi_2": 0.0032542614916889205,
  "rpve_csf": 14.761054810064811,
  "rpve_gm": 7.3908969342973005,
  "rpve_wm": 9.820740409417276,
  "size_x": 176,
  "size_y": 256,
  "size_z": 169,
  "snr_csf": 1.6567126528924387,
  "snr_gm": 9.521138425597579,
  "snr_total": 10.892840270416334,
  "snr_wm": 21.500669732758983,
  "snrd_csf": 27.93209077205854,
  "snrd_gm": 105.89890940109325,
  "snrd_total": 95.382665592114,
  "snrd_wm": 152.31699660319018,
  "spacing_x": 0.9999415874481201,
  "spacing_y": 1.0,
  "spacing_z": 1.0,
  "summary_bg_k": 10.015015456081537,
  "summary_bg_mad": 4.301137853262452,
  "summary_bg_mean": 4.890545880134478,
  "summary_bg_median": 2.901073396205902,
  "summary_bg_n": 1606320.0,
  "summary_bg_p05": 0.0,
  "summary_bg_p95": 19.861194789409637,
  "summary_bg_stdv": 7.458844939510284,
  "summary_csf_k": 3.4367179337630924,
  "summary_csf_mad": 84.1865020586639,
  "summary_csf_mean": 207.38241438235565,
  "summary_csf_median": 183.3813125640154,
  "summary_csf_n": 41050.0,
  "summary_csf_p05": 73.48642072081566,
  "summary_csf_p95": 433.27642752081147,
  "summary_csf_stdv": 110.68852440809535,
  "summary_gm_k": 0.19460265681388034,
  "summary_gm_mad": 70.24088971135527,
  "summary_gm_mean": 694.6728233770204,
  "summary_gm_median": 695.2533973753452,
  "summary_gm_n": 23973.0,
  "summary_gm_p05": 571.8908301889896,
  "summary_gm_p95": 814.3402286946773,
  "summary_gm_stdv": 73.02056386406903,
  "summary_wm_k": 0.911579403774466,
  "summary_wm_mad": 43.34223529056778,
  "summary_wm_mean": 1000.5490826753376,
  "summary_wm_median": 999.9999996721745,
  "summary_wm_n": 238461.0,
  "summary_wm_p05": 925.754836678505,
  "summary_wm_p95": 1076.655285179615,
  "summary_wm_stdv": 46.51008156120019,
  "tpm_overlap_csf": 0.16970654955766817,
  "tpm_overlap_gm": 0.463202147236847,
  "tpm_overlap_wm": 0.5143144436127708,
  "wm2max": 0.7195317768714474
}