{
  "aor": 0.009368933333333334,
  "aqi": 0.014269038400000001,
  "bids_meta": {
    "AcquisitionMatrixPE": 64,
    "AcquisitionNumber": 1,
    "AcquisitionTime": "09:21:54",
    "BandwidthPerPixelPhaseEncode": 31.25,
    "BaseResolution": 64,
    "BodyPartExamined": "BRAIN",
    "ConsistencyInfo": "N4_VE11C_LATEST_20160120",
    "ConversionSoftware": "mcverter",
    "ConversionSoftwareVersion": "version 2.1.0 build 440",
    "DelayTime": 5,
    "DerivedVendorReportedEchoSpacing": 0.0005,
    "DeviceSerialNumber": "Scanner1",
    "DwellTime": 3.4e-06,
    "EchoTime": 0.027,
    "EchoTrainLength": 64,
    "EffectiveEchoSpacing": 0.0005,
    "FlipAngle": 90,
    "ImageOrientationPatientDICOM": [
      0.999128,
      -0.0381287,
      0.0170067,
      0.0375095,
      0.998671,
      0.0353527
    ],
    "ImageType": [
      "ORIGINAL",
      "PRIMARY",
      "M",
      "ND",
      "NORM",
      "MOSAIC"
    ],
    "InPlanePhaseEncodingDirectionDICOM": "COL",
    "InstitutionAddress": "Franklin Blvd 1440, Eugene, Oregon, 97403, USA",
    "InstitutionName": "Lewis Center for Neuroimaging, University of Oregon",
    "InstitutionalDepartmentName": "Department of Geography",
    "Instructions": "Listen to the map and remember the general spatial distribution - where features are located and patterns that they make; After listening to the map you will be shown two squares and asked to decide:Does the area inside the black rectangle have higher density (louder) than the area inside the red dotted rectangle?",
    "MRAcquisitionType": "2D",
    "MagneticFieldStrength": 3,
    "Manufacturer": "Siemens",
    "ManufacturersModelName": "Skyra",
    "Modality": "MR",
    "Orientation": "tra",
    "PartialFourier": 1,
    "ParticipantLabel": "12",
    "PatientPosition": "HFS",
    "PercentPhaseFOV": 100,
    "PhaseEncodingDirection": "j-",
    "PhaseEncodingSteps": 64,
    "PhaseResolution": 1,
    "PixelBandwidth": 2300,
    "ProtocolName": "Audio Cartography",
    "PulseSequenceDetails": "%CustomerSeq%_cmrr_mbep2d_bold",
    "ReceiveCoilActiveElements": "HE1-4",
    "ReceiveCoilName": "HeadNeck_20",
    "ReconMatrixPE": 64,
    "RepetitionTime": 7,
    "ResponseInputDevice": "button box",
    "SAR": 0.022439,
    "ScanOptions": "FS",
    "ScanningSequence": "EP",
    "SequenceName": "epfid2d1_64",
    "SequenceVariant": "SK_SS",
    "SeriesDescription": "functional_run-1",
    "SeriesNumber": 5,
    "ShimSetting": [
      -5083,
      7725,
      9085,
      275,
      -120,
      258,
      243,
      -302
    ],
    "SliceThickness": 4,
    "SliceTiming": [
      1.92,
      1.86,
      1.8,
      1.74,
      1.68,
      1.62,
      1.56,
      1.5,
      1.44,
      1.38,
      1.32,
      1.26,
      1.2,
      1.14,
      1.08,
      1.02,
      0.96,
      0.9,
      0.84,
      0.78,
      0.72,
      0.66,
      0.6,
      0.54,
      0.48,
      0.42,
      0.36,
      0.3,
      0.24,
      0.18,
      0.12,
      0.06,
      0
    ],
    "SoftwareVersions": "syngo_MR_E11",
    "SpacingBetweenSlices": 3.9999999767692,
    "TaskDescription": "Listen to an auditory map (sonification of geospatial data), and based on information gleaned from the map make a relative value judgement about the data contained in the map.",
    "TaskName": "map listening",
    "TotalReadoutTime": 0.0315,
    "TxRefAmp": 393.793,
    "dataset": "ds001415",
    "modality": "bold",
    "run_id": 1,
    "subject_id": "12",
    "task_id": "maplistening"
  },
  "dummy_trs": 0,
  "dvars_nstd": 28.107775842837825,
  "dvars_std": 1.0750193563513508,
  "dvars_vstd": 0.9136243132432432,
  "efc": 0.5370023978472055,
  "fber": 1567.05322265625,
  "fd_mean": 0.36552193944876515,
  "fd_num": 51,
  "fd_perc": 68.0,
  "fwhm_avg": 1.8425754693516432,
  "fwhm_x": 1.7992738461538462,
  "fwhm_y": 2.053590769230769,
  "fwhm_z": 1.6748617926703147,
  "gcor": 0.0180895,
  "gsr_x": -0.017949018627405167,
  "gsr_y": 0.05664081126451492,
  "provenance": {
    "md5sum": "218efe6de31a0362aed8479b99f6a828",
    "settings": {
      "fd_thres": 0.2,
      "testing": false
    },
    "software": "mriqc",
    "version": "23.0.1",
    "webapi_port": null,
    "webapi_url": "https://mriqc.nimh.nih.gov/api/v1"
  },
  "size_t": 75,
  "size_x": 64,
  "size_y": 64,
  "size_z": 33,
  "snr": 4.603034871505108,
  "spacing_tr": 7.0,
  "spacing_x": 3.25,
  "spacing_y": 3.25,
  "spacing_z": 3.9999897480010986,
  "summary_bg_k": 38.758103577011106,
  "summary_bg_mad": 312.02740959310114,
  "summary_bg_mean": 1049.4658203125,
  "summary_bg_median": 401.69451904296875,
  "summary_bg_n": 79385.0,
  "summary_bg_p05": 164.01590881347656,
  "summary_bg_p95": 4125.33876953125,
  "summary_bg_stdv": 1809.71142578125,
  "summary_fg_k": 3.995048294123782,
  "summary_fg_mad": 3171.7581456991397,
  "summary_fg_mean": 16655.962890625,
  "summary_fg_median": 16156.298828125,
  "summary_fg_n": 25367.0,
  "summary_fg_p05": 11937.457226562501,
  "summary_fg_p95": 22429.073242187493,
  "summary_fg_stdv": 3509.85400390625,
  "tsnr": 42.9381103515625
}