{
  "aor": 0.005144054054054055,
  "aqi": 0.014079206756756755,
  "bids_meta": {
    "AcquisitionMatrixPE": 64,
    "AcquisitionNumber": 1,
    "AcquisitionTime": "09:37:58",
    "BandwidthPerPixelPhaseEncode": 31.25,
    "BaseResolution": 64,
    "BodyPartExamined": "BRAIN",
    "ConsistencyInfo": "N4_VE11C_LATEST_20160120",
    "ConversionSoftware": "mcverter",
    "ConversionSoftwareVersion": "version 2.1.0 build 440",
    "DelayTime": 5,
    "DerivedVendorReportedEchoSpacing": 0.0005,
    "DeviceSerialNumber": "Scanner1",
    "DwellTime": 3.4e-06,
    "EchoTime": 0.027,
    "EchoTrainLength": 64,
    "EffectiveEchoSpacing": 0.0005,
    "FlipAngle": 90,
    "ImageOrientationPatientDICOM": [
      0.999128,
      -0.0381287,
      0.0170067,
      0.0375095,
      0.998671,
      0.0353527
    ],
    "ImageType": [
      "ORIGINAL",
      "PRIMARY",
      "M",
      "ND",
      "NORM",
      "MOSAIC"
    ],
    "InPlanePhaseEncodingDirectionDICOM": "COL",
    "InstitutionAddress": "Franklin Blvd 1440, Eugene, Oregon, 97403, USA",
    "InstitutionName": "Lewis Center for Neuroimaging, University of Oregon",
    "InstitutionalDepartmentName": "Department of Geography",
    "Instructions": "Listen to the map and remember the general spatial distribution - where features are located and patterns that they make; After listening to the map you will be shown two squares and asked to decide:Does the area inside the black rectangle have higher density (louder) than the area inside the red dotted rectangle?",
    "MRAcquisitionType": "2D",
    "MagneticFieldStrength": 3,
    "Manufacturer": "Siemens",
    "ManufacturersModelName": "Skyra",
    "Modality": "MR",
    "Orientation": "tra",
    "PartialFourier": 1,
    "ParticipantLabel": "12",
    "PatientPosition": "HFS",
    "PercentPhaseFOV": 100,
    "PhaseEncodingDirection": "j-",
    "PhaseEncodingSteps": 64,
    "PhaseResolution": 1,
    "PixelBandwidth": 2300,
    "ProtocolName": "Audio Cartography",
    "PulseSequenceDetails": "%CustomerSeq%_cmrr_mbep2d_bold",
    "ReceiveCoilActiveElements": "HE1-4",
    "ReceiveCoilName": "HeadNeck_20",
    "ReconMatrixPE": 64,
    "RepetitionTime": 7,
    "ResponseInputDevice": "button box",
    "SAR": 0.022439,
    "ScanOptions": "FS",
    "ScanningSequence": "EP",
    "SequenceName": "epfid2d1_64",
    "SequenceVariant": "SK_SS",
    "SeriesDescription": "functional_run-2",
    "SeriesNumber": 8,
    "ShimSetting": [
      -5083,
      7725,
      9085,
      275,
      -120,
      258,
      243,
      -302
    ],
    "SliceThickness": 4,
    "SliceTiming": [
      1.92,
      1.86,
      1.8,
      1.74,
      1.68,
      1.62,
      1.56,
      1.5,
      1.44,
      1.38,
      1.32,
      1.26,
      1.2,
      1.14,
      1.08,
      1.02,
      0.96,
      0.9,
      0.84,
      0.78,
      0.72,
      0.66,
      0.6,
      0.54,
      0.48,
      0.42,
      0.36,
      0.3,
      0.24,
      0.18,
      0.12,
      0.06,
      0
    ],
    "SoftwareVersions": "syngo_MR_E11",
    "SpacingBetweenSlices": 3.9999999767692,
    "TaskDescription": "Listen to an auditory map (sonification of geospatial data), and based on information gleaned from the map make a relative value judgement about the data contained in the map.",
    "TaskName": "map listening",
    "TotalReadoutTime": 0.0315,
    "TxRefAmp": 393.793,
    "dataset": "ds001415",
    "modality": "bold",
    "run_id": 2,
    "subject_id": "12",
    "task_id": "maplistening"
  },
  "dummy_trs": 0,
  "dvars_nstd": 38.4271515880822,
  "dvars_std": 1.185195661232877,
  "dvars_vstd": 0.9966607776712328,
  "efc": 0.539130422666263,
  "fber": 1515.5947265625,
  "fd_mean": 0.626589263893603,
  "fd_num": 69,
  "fd_perc": 93.24324324324324,
  "fwhm_avg": 1.8227788440130943,
  "fwhm_x": 1.7800553846153848,
  "fwhm_y": 2.0400769230769233,
  "fwhm_z": 1.6482042243469743,
  "gcor": 0.0524333,
  "gsr_x": -0.016070257872343063,
  "gsr_y": 0.06097951531410217,
  "provenance": {
    "md5sum": "c3bf636338524421f50154c7082d0599",
    "settings": {
      "fd_thres": 0.2,
      "testing": false
    },
    "software": "mriqc",
    "version": "23.0.1",
    "webapi_port": null,
    "webapi_url": "https://mriqc.nimh.nih.gov/api/v1"
  },
  "size_t": 74,
  "size_x": 64,
  "size_y": 64,
  "size_z": 33,
  "snr": 4.6174621900213815,
  "spacing_tr": 7.0,
  "spacing_x": 3.25,
  "spacing_y": 3.25,
  "spacing_z": 3.9999897480010986,
  "summary_bg_k": 38.38803793043651,
  "summary_bg_mad": 312.6652570288733,
  "summary_bg_mean": 1062.181396484375,
  "summary_bg_median": 402.05035400390625,
  "summary_bg_n": 79283.0,
  "summary_bg_p05": 164.24559783935547,
  "summary_bg_p95": 4189.687792968739,
  "summary_bg_stdv": 1840.6453857421875,
  "summary_fg_k": 4.377056939928639,
  "summary_fg_mad": 3069.5078196490394,
  "summary_fg_mean": 16454.857421875,
  "summary_fg_median": 15967.2451171875,
  "summary_fg_n": 25294.0,
  "summary_fg_p05": 11883.1533203125,
  "summary_fg_p95": 22032.7400390625,
  "summary_fg_stdv": 3457.94482421875,
  "tsnr": 43.99370193481445
}