{
  "aor": 0.0024945588235294113,
  "aqi": 0.0037153442647058815,
  "bids_meta": {
    "AcquisitionMatrixPE": 64,
    "AcquisitionNumber": 1,
    "AcquisitionTime": "17:46:40",
    "BandwidthPerPixelPhaseEncode": 31.25,
    "BaseResolution": 64,
    "BodyPartExamined": "BRAIN",
    "ConsistencyInfo": "N4_VE11C_LATEST_20160120",
    "ConversionSoftware": "mcverter",
    "ConversionSoftwareVersion": "version 2.1.0 build 440",
    "DelayTime": 5,
    "DerivedVendorReportedEchoSpacing": 0.0005,
    "DeviceSerialNumber": "Scanner1",
    "DwellTime": 3.4e-06,
    "EchoTime": 0.027,
    "EchoTrainLength": 64,
    "EffectiveEchoSpacing": 0.0005,
    "FlipAngle": 90,
    "ImageOrientationPatientDICOM": [
      0.998699,
      0.0208096,
      -0.0465546,
      -0.0196991,
      0.999513,
      0.024188
    ],
    "ImageType": [
      "ORIGINAL",
      "PRIMARY",
      "M",
      "ND",
      "NORM",
      "MOSAIC"
    ],
    "InPlanePhaseEncodingDirectionDICOM": "COL",
    "InstitutionAddress": "Franklin Blvd 1440, Eugene, Oregon, 97403, USA",
    "InstitutionName": "Lewis Center for Neuroimaging, University of Oregon",
    "InstitutionalDepartmentName": "Department of Geography",
    "Instructions": "Listen to the map and remember the general spatial distribution - where features are located and patterns that they make; After listening to the map you will be shown two squares and asked to decide:Does the area inside the black rectangle have higher density (louder) than the area inside the red dotted rectangle?",
    "MRAcquisitionType": "2D",
    "MagneticFieldStrength": 3,
    "Manufacturer": "Siemens",
    "ManufacturersModelName": "Skyra",
    "Modality": "MR",
    "Orientation": "tra",
    "PartialFourier": 1,
    "ParticipantLabel": "05",
    "PatientPosition": "HFS",
    "PercentPhaseFOV": 100,
    "PhaseEncodingDirection": "j-",
    "PhaseEncodingSteps": 64,
    "PhaseResolution": 1,
    "PixelBandwidth": 2300,
    "ProtocolName": "Audio Cartography",
    "PulseSequenceDetails": "%CustomerSeq%_cmrr_mbep2d_bold",
    "ReceiveCoilActiveElements": "HE1-4",
    "ReceiveCoilName": "HeadNeck_20",
    "ReconMatrixPE": 64,
    "RepetitionTime": 7,
    "ResponseInputDevice": "button box",
    "SAR": 0.0208599,
    "ScanOptions": "FS",
    "ScanningSequence": "EP",
    "SequenceName": "epfid2d1_64",
    "SequenceVariant": "SK_SS",
    "SeriesDescription": "functional_run-1",
    "SeriesNumber": 5,
    "ShimSetting": [
      -5114,
      7682,
      9030,
      393,
      -214,
      118,
      -16,
      -155
    ],
    "SliceThickness": 4,
    "SliceTiming": [
      1.92,
      1.86,
      1.8,
      1.74,
      1.68,
      1.62,
      1.56,
      1.5,
      1.44,
      1.38,
      1.32,
      1.26,
      1.2,
      1.14,
      1.08,
      1.02,
      0.96,
      0.9,
      0.84,
      0.78,
      0.72,
      0.66,
      0.6,
      0.54,
      0.48,
      0.42,
      0.36,
      0.3,
      0.24,
      0.18,
      0.12,
      0.06,
      0
    ],
    "SoftwareVersions": "syngo_MR_E11",
    "SpacingBetweenSlices": 4.0000000236625,
    "TaskDescription": "Listen to an auditory map (sonification of geospatial data), and based on information gleaned from the map make a relative value judgement about the data contained in the map.",
    "TaskName": "map listening",
    "TotalReadoutTime": 0.0315,
    "TxRefAmp": 361.679,
    "dataset": "ds001415",
    "modality": "bold",
    "run_id": 1,
    "subject_id": "05",
    "task_id": "maplistening"
  },
  "dummy_trs": 0,
  "dvars_nstd": 20.33545106925373,
  "dvars_std": 1.267855526417911,
  "dvars_vstd": 0.9634677270149254,
  "efc": 0.5115748619843078,
  "fber": 1957.5703125,
  "fd_mean": 0.09988384385982234,
  "fd_num": 7,
  "fd_perc": 10.294117647058824,
  "fwhm_avg": 1.639546776840386,
  "fwhm_x": 1.6271476923076924,
  "fwhm_y": 1.7506769230769232,
  "fwhm_z": 1.5408157151365423,
  "gcor": 0.0251339,
  "gsr_x": -0.006143738050013781,
  "gsr_y": 0.032943110913038254,
  "provenance": {
    "md5sum": "89c21e17fce17f68a30e90e84c3aedda",
    "settings": {
      "fd_thres": 0.2,
      "testing": false
    },
    "software": "mriqc",
    "version": "23.0.1",
    "webapi_port": null,
    "webapi_url": "https://mriqc.nimh.nih.gov/api/v1"
  },
  "size_t": 68,
  "size_x": 64,
  "size_y": 64,
  "size_z": 33,
  "snr": 3.8422346899752666,
  "spacing_tr": 7.0,
  "spacing_x": 3.25,
  "spacing_y": 3.25,
  "spacing_z": 3.9999332427978516,
  "summary_bg_k": 39.76623766961357,
  "summary_bg_mad": 251.7939118724256,
  "summary_bg_mean": 808.7823486328125,
  "summary_bg_median": 354.1605529785156,
  "summary_bg_n": 79907.0,
  "summary_bg_p05": 152.45467681884764,
  "summary_bg_p95": 2936.031958007812,
  "summary_bg_stdv": 1406.30712890625,
  "summary_fg_k": 3.762344147823975,
  "summary_fg_mad": 3523.107362264116,
  "summary_fg_mean": 16752.703125,
  "summary_fg_median": 15870.03125,
  "summary_fg_n": 24606.0,
  "summary_fg_p05": 11912.714599609375,
  "summary_fg_p95": 23881.41748046875,
  "summary_fg_stdv": 4130.3330078125,
  "tsnr": 82.30313873291016
}